STORAGE: NONE
NUGET
  remote: https://nuget.yjpark.org/nuget/dap
    Dap.Archive (0.6.0)
      Dap.Platform (>= 0.6.4) - restriction: >= netstandard2.0
      Dap.Remote (>= 0.6) - restriction: >= netstandard2.0
      FSharp.Core (>= 4.5) - restriction: >= netstandard2.0
    Dap.Farango (0.0.4)
      Fable.JsonConverter (>= 1.0.8) - restriction: >= netstandard2.0
      FSharp.Control.AsyncSeq (>= 2.0.21) - restriction: >= netstandard2.0
      FSharp.Core (>= 4.5) - restriction: >= netstandard2.0
      FSharp.Data (>= 3.0.0-beta3) - restriction: >= netstandard2.0
      Newtonsoft.Json (>= 11.0.2) - restriction: >= netstandard2.0
    Dap.Platform (0.6.4) - restriction: >= netstandard2.0
      Dap.Prelude (>= 0.6) - restriction: >= netstandard2.0
      Elmish (>= 1.0.3) - restriction: >= netstandard2.0
      NodaTime (>= 2.3) - restriction: >= netstandard2.0
      TaskBuilder.fs (>= 2.0) - restriction: >= netstandard2.0
    Dap.Prelude (0.6.0) - restriction: >= netstandard2.0
      FSharp.Core (>= 4.5) - restriction: >= netstandard2.0
      Serilog (>= 2.7.1) - restriction: >= netstandard2.0
      Serilog.Enrichers.Thread (>= 3.0) - restriction: >= netstandard2.0
      Serilog.Formatting.Compact (>= 1.0) - restriction: >= netstandard2.0
      Serilog.Sinks.Console (>= 3.1.1) - restriction: >= netstandard2.0
      Serilog.Sinks.File (>= 4.0) - restriction: >= netstandard2.0
      Serilog.Sinks.Seq (>= 4.0) - restriction: >= netstandard2.0
    Dap.Remote (0.6.0) - restriction: >= netstandard2.0
      Dap.Platform (>= 0.6.4) - restriction: >= netstandard2.0
      Dap.WebSocket (>= 0.6) - restriction: >= netstandard2.0
      Fable.JsonConverter (>= 1.0.8) - restriction: >= netstandard2.0
      Thoth.Json.Net (>= 1.0) - restriction: >= netstandard2.0
    Dap.WebSocket (0.6.0) - restriction: >= netstandard2.0
      Dap.Platform (>= 0.6.4) - restriction: >= netstandard2.0
      FSharp.Core (>= 4.5) - restriction: >= netstandard2.0
  remote: https://www.nuget.org/api/v2
    Elmish (1.0.3) - restriction: >= netstandard2.0
      FSharp.Core (>= 4.2.3) - restriction: || (>= net461) (>= netstandard1.6)
    Fable.JsonConverter (1.0.8) - restriction: >= netstandard2.0
      FSharp.Core (>= 4.2.3) - restriction: || (>= net45) (>= netstandard1.6)
      Newtonsoft.Json (>= 11.0.1) - restriction: || (>= net45) (>= netstandard1.6)
    FSharp.Control.AsyncSeq (2.0.21) - restriction: >= netstandard2.0
      FSharp.Core (>= 3.1.2) - restriction: >= net45
      FSharp.Core (>= 4.3.2) - restriction: && (< net45) (>= netstandard2.0)
    FSharp.Core (4.5.2)
      System.Collections (>= 4.0.11) - restriction: && (< net45) (>= netstandard1.6) (< netstandard2.0)
      System.Console (>= 4.0) - restriction: && (< net45) (>= netstandard1.6) (< netstandard2.0)
      System.Diagnostics.Debug (>= 4.0.11) - restriction: && (< net45) (>= netstandard1.6) (< netstandard2.0)
      System.Diagnostics.Tools (>= 4.0.1) - restriction: && (< net45) (>= netstandard1.6) (< netstandard2.0)
      System.Globalization (>= 4.0.11) - restriction: && (< net45) (>= netstandard1.6) (< netstandard2.0)
      System.IO (>= 4.1) - restriction: && (< net45) (>= netstandard1.6) (< netstandard2.0)
      System.Linq (>= 4.1) - restriction: && (< net45) (>= netstandard1.6) (< netstandard2.0)
      System.Linq.Expressions (>= 4.1) - restriction: && (< net45) (>= netstandard1.6) (< netstandard2.0)
      System.Linq.Queryable (>= 4.0.1) - restriction: && (< net45) (>= netstandard1.6) (< netstandard2.0)
      System.Net.Requests (>= 4.0.11) - restriction: && (< net45) (>= netstandard1.6) (< netstandard2.0)
      System.Reflection (>= 4.1) - restriction: && (< net45) (>= netstandard1.6) (< netstandard2.0)
      System.Reflection.Extensions (>= 4.0.1) - restriction: && (< net45) (>= netstandard1.6) (< netstandard2.0)
      System.Resources.ResourceManager (>= 4.0.1) - restriction: && (< net45) (>= netstandard1.6) (< netstandard2.0)
      System.Runtime (>= 4.1) - restriction: && (< net45) (>= netstandard1.6) (< netstandard2.0)
      System.Runtime.Extensions (>= 4.1) - restriction: && (< net45) (>= netstandard1.6) (< netstandard2.0)
      System.Runtime.Numerics (>= 4.0.1) - restriction: && (< net45) (>= netstandard1.6) (< netstandard2.0)
      System.Text.RegularExpressions (>= 4.1) - restriction: && (< net45) (>= netstandard1.6) (< netstandard2.0)
      System.Threading (>= 4.0.11) - restriction: && (< net45) (>= netstandard1.6) (< netstandard2.0)
      System.Threading.Tasks (>= 4.0.11) - restriction: && (< net45) (>= netstandard1.6) (< netstandard2.0)
      System.Threading.Tasks.Parallel (>= 4.0.1) - restriction: && (< net45) (>= netstandard1.6) (< netstandard2.0)
      System.Threading.Thread (>= 4.0) - restriction: && (< net45) (>= netstandard1.6) (< netstandard2.0)
      System.Threading.ThreadPool (>= 4.0.10) - restriction: && (< net45) (>= netstandard1.6) (< netstandard2.0)
      System.Threading.Timer (>= 4.0.1) - restriction: && (< net45) (>= netstandard1.6) (< netstandard2.0)
    FSharp.Data (3.0.0-beta4) - restriction: >= netstandard2.0
      FSharp.Core (>= 4.0.0.1) - restriction: >= net45
      FSharp.Core (>= 4.3.4) - restriction: && (< net45) (>= netstandard2.0)
    Microsoft.NETCore.Platforms (2.1) - restriction: || (&& (< monoandroid) (< monotouch) (< net45) (>= netstandard1.6) (< netstandard2.0) (< win8) (< wpa81) (< xamarinios) (< xamarinmac) (< xamarintvos) (< xamarinwatchos)) (&& (< monoandroid) (< net45) (< netstandard1.3) (>= netstandard1.6) (< win8) (< wpa81)) (&& (< monoandroid) (< net45) (< netstandard1.5) (>= netstandard1.6) (< win8) (< wpa81)) (&& (< net45) (>= netstandard2.0)) (>= netcoreapp2.0) (&& (< netstandard1.0) (>= netstandard2.0) (< portable-net45+win8)) (&& (< netstandard1.0) (>= netstandard2.0) (>= win8)) (&& (< netstandard1.0) (>= netstandard2.0) (< win8)) (&& (< netstandard1.3) (>= netstandard2.0) (< win8) (>= wpa81)) (&& (< netstandard1.5) (>= netstandard2.0) (>= uap10.0)) (&& (>= netstandard1.6) (< portable-net45+win8+wp8+wpa81)) (&& (>= netstandard2.0) (< portable-net45+win8+wp8+wpa81)) (&& (>= netstandard2.0) (< portable-net45+win8+wpa81)) (&& (>= netstandard2.0) (>= uap10.1)) (&& (>= netstandard2.0) (>= wp8))
    Microsoft.NETCore.Targets (2.1) - restriction: || (&& (< monoandroid) (< monotouch) (< net45) (>= netstandard1.6) (< netstandard2.0) (< xamarinios) (< xamarinmac) (< xamarintvos) (< xamarinwatchos)) (&& (< net45) (>= netstandard2.0) (< win8) (< wpa81)) (&& (>= netstandard1.6) (< portable-net45+win8+wp8+wpa81)) (&& (>= netstandard2.0) (< portable-net45+win8+wp8+wpa81))
    NETStandard.Library (2.0.3) - restriction: && (< net45) (>= netstandard2.0)
      Microsoft.NETCore.Platforms (>= 1.1) - restriction: || (&& (>= net45) (< netstandard1.3)) (&& (< net45) (>= netstandard1.1) (< netstandard1.2) (< win8)) (&& (< net45) (>= netstandard1.2) (< netstandard1.3) (< win8) (< wpa81)) (&& (< net45) (>= netstandard1.3) (< netstandard1.4) (< win8) (< wpa81)) (&& (< net45) (>= netstandard1.4) (< netstandard1.5) (< win8) (< wpa81)) (&& (< net45) (>= netstandard1.5) (< netstandard1.6) (< win8) (< wpa81)) (&& (< net45) (>= netstandard1.6) (< netstandard2.0) (< win8) (< wpa81)) (&& (< net45) (>= netstandard2.0)) (&& (>= net46) (< netstandard1.4)) (>= net461) (>= netcoreapp2.0) (&& (>= netstandard1.0) (< portable-net45+win8+wpa81)) (&& (< netstandard1.0) (>= portable-net45+win8) (< win8)) (&& (< netstandard1.0) (< portable-net45+win8) (>= portable-net45+win8+wpa81)) (&& (< netstandard1.0) (>= portable-net45+win8+wp8+wpa81) (< portable-net45+win8+wpa81)) (&& (< netstandard1.0) (>= win8)) (&& (< netstandard1.3) (< win8) (>= wpa81)) (&& (< netstandard1.5) (>= uap10.0)) (>= uap10.1) (>= wp8)
    Newtonsoft.Json (11.0.2) - restriction: >= netstandard2.0
    NodaTime (2.3) - restriction: >= netstandard2.0
      NETStandard.Library (>= 1.6.1) - restriction: && (< net45) (>= netstandard1.3)
      System.Runtime.Serialization.Xml (>= 4.1.1) - restriction: && (< net45) (>= netstandard1.3)
    runtime.debian.8-x64.runtime.native.System.Security.Cryptography.OpenSsl (4.3.3) - restriction: || (&& (< monoandroid) (< monotouch) (< net45) (>= netstandard1.6) (< netstandard2.0) (< win8) (< wpa81) (< xamarinios) (< xamarinmac) (< xamarintvos) (< xamarinwatchos)) (&& (>= netstandard1.6) (< portable-net45+win8+wp8+wpa81))
    runtime.debian.9-x64.runtime.native.System.Security.Cryptography.OpenSsl (4.3.3) - restriction: || (&& (< monoandroid) (< monotouch) (< net45) (>= netstandard1.6) (< netstandard2.0) (< win8) (< wpa81) (< xamarinios) (< xamarinmac) (< xamarintvos) (< xamarinwatchos)) (&& (>= netstandard1.6) (< portable-net45+win8+wp8+wpa81))
    runtime.fedora.23-x64.runtime.native.System.Security.Cryptography.OpenSsl (4.3.3) - restriction: || (&& (< monoandroid) (< monotouch) (< net45) (>= netstandard1.6) (< netstandard2.0) (< win8) (< wpa81) (< xamarinios) (< xamarinmac) (< xamarintvos) (< xamarinwatchos)) (&& (>= netstandard1.6) (< portable-net45+win8+wp8+wpa81))
    runtime.fedora.24-x64.runtime.native.System.Security.Cryptography.OpenSsl (4.3.3) - restriction: || (&& (< monoandroid) (< monotouch) (< net45) (>= netstandard1.6) (< netstandard2.0) (< win8) (< wpa81) (< xamarinios) (< xamarinmac) (< xamarintvos) (< xamarinwatchos)) (&& (>= netstandard1.6) (< portable-net45+win8+wp8+wpa81))
    runtime.fedora.27-x64.runtime.native.System.Security.Cryptography.OpenSsl (4.3.3) - restriction: || (&& (< monoandroid) (< monotouch) (< net45) (>= netstandard1.6) (< netstandard2.0) (< win8) (< wpa81) (< xamarinios) (< xamarinmac) (< xamarintvos) (< xamarinwatchos)) (&& (>= netstandard1.6) (< portable-net45+win8+wp8+wpa81))
    runtime.fedora.28-x64.runtime.native.System.Security.Cryptography.OpenSsl (4.3.3) - restriction: || (&& (< monoandroid) (< monotouch) (< net45) (>= netstandard1.6) (< netstandard2.0) (< win8) (< wpa81) (< xamarinios) (< xamarinmac) (< xamarintvos) (< xamarinwatchos)) (&& (>= netstandard1.6) (< portable-net45+win8+wp8+wpa81))
    runtime.native.System (4.3.1) - restriction: || (&& (< monoandroid) (< monotouch) (< net45) (>= netstandard1.6) (< netstandard2.0) (< win8) (< wpa81) (< xamarinios) (< xamarinmac) (< xamarintvos) (< xamarinwatchos)) (&& (>= netcoreapp1.1) (>= netstandard2.0)) (&& (>= netstandard1.6) (< portable-net45+win8+wp8+wpa81))
      Microsoft.NETCore.Platforms (>= 1.1.1)
      Microsoft.NETCore.Targets (>= 1.1.3)
    runtime.native.System.Net.Http (4.3.1) - restriction: || (&& (< monoandroid) (< monotouch) (< net45) (>= netstandard1.6) (< netstandard2.0) (< win8) (< wpa81) (< xamarinios) (< xamarinmac) (< xamarintvos) (< xamarinwatchos)) (&& (>= netstandard1.6) (< portable-net45+win8+wp8+wpa81))
      Microsoft.NETCore.Platforms (>= 1.1.1)
      Microsoft.NETCore.Targets (>= 1.1.3)
    runtime.native.System.Security.Cryptography.Apple (4.3.1) - restriction: || (&& (< monoandroid) (< monotouch) (< net45) (>= netstandard1.6) (< netstandard2.0) (< win8) (< wpa81) (< xamarinios) (< xamarinmac) (< xamarintvos) (< xamarinwatchos)) (&& (>= netstandard1.6) (< portable-net45+win8+wp8+wpa81))
      runtime.osx.10.10-x64.runtime.native.System.Security.Cryptography.Apple (>= 4.3.1)
    runtime.native.System.Security.Cryptography.OpenSsl (4.3.3) - restriction: || (&& (< monoandroid) (< monotouch) (< net45) (>= netstandard1.6) (< netstandard2.0) (< win8) (< wpa81) (< xamarinios) (< xamarinmac) (< xamarintvos) (< xamarinwatchos)) (&& (>= netstandard1.6) (< portable-net45+win8+wp8+wpa81))
      runtime.debian.8-x64.runtime.native.System.Security.Cryptography.OpenSsl (>= 4.3.3)
      runtime.debian.9-x64.runtime.native.System.Security.Cryptography.OpenSsl (>= 4.3.3)
      runtime.fedora.23-x64.runtime.native.System.Security.Cryptography.OpenSsl (>= 4.3.3)
      runtime.fedora.24-x64.runtime.native.System.Security.Cryptography.OpenSsl (>= 4.3.3)
      runtime.fedora.27-x64.runtime.native.System.Security.Cryptography.OpenSsl (>= 4.3.3)
      runtime.fedora.28-x64.runtime.native.System.Security.Cryptography.OpenSsl (>= 4.3.3)
      runtime.opensuse.13.2-x64.runtime.native.System.Security.Cryptography.OpenSsl (>= 4.3.3)
      runtime.opensuse.42.1-x64.runtime.native.System.Security.Cryptography.OpenSsl (>= 4.3.3)
      runtime.opensuse.42.3-x64.runtime.native.System.Security.Cryptography.OpenSsl (>= 4.3.3)
      runtime.osx.10.10-x64.runtime.native.System.Security.Cryptography.OpenSsl (>= 4.3.3)
      runtime.rhel.7-x64.runtime.native.System.Security.Cryptography.OpenSsl (>= 4.3.3)
      runtime.ubuntu.14.04-x64.runtime.native.System.Security.Cryptography.OpenSsl (>= 4.3.3)
      runtime.ubuntu.16.04-x64.runtime.native.System.Security.Cryptography.OpenSsl (>= 4.3.3)
      runtime.ubuntu.16.10-x64.runtime.native.System.Security.Cryptography.OpenSsl (>= 4.3.3)
      runtime.ubuntu.18.04-x64.runtime.native.System.Security.Cryptography.OpenSsl (>= 4.3.3)
    runtime.opensuse.13.2-x64.runtime.native.System.Security.Cryptography.OpenSsl (4.3.3) - restriction: || (&& (< monoandroid) (< monotouch) (< net45) (>= netstandard1.6) (< netstandard2.0) (< win8) (< wpa81) (< xamarinios) (< xamarinmac) (< xamarintvos) (< xamarinwatchos)) (&& (>= netstandard1.6) (< portable-net45+win8+wp8+wpa81))
    runtime.opensuse.42.1-x64.runtime.native.System.Security.Cryptography.OpenSsl (4.3.3) - restriction: || (&& (< monoandroid) (< monotouch) (< net45) (>= netstandard1.6) (< netstandard2.0) (< win8) (< wpa81) (< xamarinios) (< xamarinmac) (< xamarintvos) (< xamarinwatchos)) (&& (>= netstandard1.6) (< portable-net45+win8+wp8+wpa81))
    runtime.opensuse.42.3-x64.runtime.native.System.Security.Cryptography.OpenSsl (4.3.3) - restriction: || (&& (< monoandroid) (< monotouch) (< net45) (>= netstandard1.6) (< netstandard2.0) (< win8) (< wpa81) (< xamarinios) (< xamarinmac) (< xamarintvos) (< xamarinwatchos)) (&& (>= netstandard1.6) (< portable-net45+win8+wp8+wpa81))
    runtime.osx.10.10-x64.runtime.native.System.Security.Cryptography.Apple (4.3.1) - restriction: || (&& (< monoandroid) (< monotouch) (< net45) (>= netstandard1.6) (< netstandard2.0) (< win8) (< wpa81) (< xamarinios) (< xamarinmac) (< xamarintvos) (< xamarinwatchos)) (&& (>= netstandard1.6) (< portable-net45+win8+wp8+wpa81))
    runtime.osx.10.10-x64.runtime.native.System.Security.Cryptography.OpenSsl (4.3.3) - restriction: || (&& (< monoandroid) (< monotouch) (< net45) (>= netstandard1.6) (< netstandard2.0) (< win8) (< wpa81) (< xamarinios) (< xamarinmac) (< xamarintvos) (< xamarinwatchos)) (&& (>= netstandard1.6) (< portable-net45+win8+wp8+wpa81))
    runtime.rhel.7-x64.runtime.native.System.Security.Cryptography.OpenSsl (4.3.3) - restriction: || (&& (< monoandroid) (< monotouch) (< net45) (>= netstandard1.6) (< netstandard2.0) (< win8) (< wpa81) (< xamarinios) (< xamarinmac) (< xamarintvos) (< xamarinwatchos)) (&& (>= netstandard1.6) (< portable-net45+win8+wp8+wpa81))
    runtime.ubuntu.14.04-x64.runtime.native.System.Security.Cryptography.OpenSsl (4.3.3) - restriction: || (&& (< monoandroid) (< monotouch) (< net45) (>= netstandard1.6) (< netstandard2.0) (< win8) (< wpa81) (< xamarinios) (< xamarinmac) (< xamarintvos) (< xamarinwatchos)) (&& (>= netstandard1.6) (< portable-net45+win8+wp8+wpa81))
    runtime.ubuntu.16.04-x64.runtime.native.System.Security.Cryptography.OpenSsl (4.3.3) - restriction: || (&& (< monoandroid) (< monotouch) (< net45) (>= netstandard1.6) (< netstandard2.0) (< win8) (< wpa81) (< xamarinios) (< xamarinmac) (< xamarintvos) (< xamarinwatchos)) (&& (>= netstandard1.6) (< portable-net45+win8+wp8+wpa81))
    runtime.ubuntu.16.10-x64.runtime.native.System.Security.Cryptography.OpenSsl (4.3.3) - restriction: || (&& (< monoandroid) (< monotouch) (< net45) (>= netstandard1.6) (< netstandard2.0) (< win8) (< wpa81) (< xamarinios) (< xamarinmac) (< xamarintvos) (< xamarinwatchos)) (&& (>= netstandard1.6) (< portable-net45+win8+wp8+wpa81))
    runtime.ubuntu.18.04-x64.runtime.native.System.Security.Cryptography.OpenSsl (4.3.3) - restriction: || (&& (< monoandroid) (< monotouch) (< net45) (>= netstandard1.6) (< netstandard2.0) (< win8) (< wpa81) (< xamarinios) (< xamarinmac) (< xamarintvos) (< xamarinwatchos)) (&& (>= netstandard1.6) (< portable-net45+win8+wp8+wpa81))
    Serilog (2.7.1) - restriction: >= netstandard2.0
      NETStandard.Library (>= 1.6.1) - restriction: || (&& (< net45) (>= netstandard1.0) (< netstandard1.3)) (&& (< net45) (>= netstandard1.3))
      System.Collections.NonGeneric (>= 4.3) - restriction: && (< net45) (>= netstandard1.3)
    Serilog.Enrichers.Thread (3.0) - restriction: >= netstandard2.0
      Serilog (>= 2.0) - restriction: >= netstandard1.0
    Serilog.Formatting.Compact (1.0) - restriction: >= netstandard2.0
      Serilog (>= 2.0) - restriction: >= netstandard1.1
    Serilog.Sinks.Console (3.1.1) - restriction: >= netstandard2.0
      Serilog (>= 2.5) - restriction: || (>= net45) (>= netstandard1.3)
      System.Console (>= 4.3) - restriction: || (&& (< net45) (>= netstandard1.3)) (>= netcoreapp1.1)
      System.Runtime.InteropServices (>= 4.3) - restriction: >= netcoreapp1.1
      System.Runtime.InteropServices.RuntimeInformation (>= 4.3) - restriction: >= netcoreapp1.1
    Serilog.Sinks.File (4.0) - restriction: >= netstandard2.0
      Serilog (>= 2.5) - restriction: || (>= net45) (>= netstandard1.3)
      System.IO (>= 4.1) - restriction: && (< net45) (>= netstandard1.3)
      System.IO.FileSystem (>= 4.0.1) - restriction: && (< net45) (>= netstandard1.3)
      System.IO.FileSystem.Primitives (>= 4.0.1) - restriction: && (< net45) (>= netstandard1.3)
      System.Runtime.InteropServices (>= 4.1) - restriction: && (< net45) (>= netstandard1.3)
      System.Text.Encoding.Extensions (>= 4.0.11) - restriction: && (< net45) (>= netstandard1.3)
      System.Threading (>= 4.0.11) - restriction: && (< net45) (>= netstandard1.3)
      System.Threading.Timer (>= 4.0.1) - restriction: && (< net45) (>= netstandard1.3)
    Serilog.Sinks.PeriodicBatching (2.1.1) - restriction: >= netstandard2.0
      Serilog (>= 2.0) - restriction: >= netstandard1.1
      System.Collections.Concurrent (>= 4.0.12) - restriction: || (&& (< net45) (>= netstandard1.1) (< netstandard1.2)) (&& (< net45) (>= netstandard1.2))
      System.Threading.Timer (>= 4.0.1) - restriction: && (< net45) (>= netstandard1.2)
    Serilog.Sinks.Seq (4.0) - restriction: >= netstandard2.0
      NETStandard.Library (>= 1.6.1) - restriction: || (&& (< net45) (>= netstandard1.1) (< netstandard1.3)) (&& (< net45) (>= netstandard1.3))
      Serilog (>= 2.5) - restriction: >= netstandard1.1
      Serilog.Formatting.Compact (>= 1.0) - restriction: >= netstandard1.1
      Serilog.Sinks.File (>= 4.0) - restriction: || (>= net45) (>= netstandard1.3)
      Serilog.Sinks.PeriodicBatching (>= 2.1.1) - restriction: >= netstandard1.1
      System.Net.Http (>= 4.3.2) - restriction: || (&& (< net45) (>= netstandard1.1) (< netstandard1.3)) (&& (< net45) (>= netstandard1.3))
    System.Collections (4.3) - restriction: || (&& (< net45) (>= netstandard1.6) (< netstandard2.0)) (&& (< net45) (>= netstandard2.0) (< win8) (< wpa81)) (&& (>= netstandard1.6) (< portable-net45+win8+wp8+wpa81)) (&& (>= netstandard2.0) (< portable-net45+win8+wp8+wpa81))
      Microsoft.NETCore.Platforms (>= 1.1) - restriction: || (&& (< monoandroid) (< monotouch) (< net45) (>= netstandard1.3) (< win8) (< wpa81) (< xamarinios) (< xamarinmac) (< xamarintvos) (< xamarinwatchos)) (&& (< monoandroid) (< net45) (>= netstandard1.0) (< netstandard1.3) (< win8) (< wp8) (< wpa81)) (< portable-net45+win8+wp8+wpa81)
      Microsoft.NETCore.Targets (>= 1.1) - restriction: || (&& (< monoandroid) (< monotouch) (< net45) (>= netstandard1.3) (< win8) (< wpa81) (< xamarinios) (< xamarinmac) (< xamarintvos) (< xamarinwatchos)) (&& (< monoandroid) (< net45) (>= netstandard1.0) (< netstandard1.3) (< win8) (< wp8) (< wpa81)) (< portable-net45+win8+wp8+wpa81)
      System.Runtime (>= 4.3) - restriction: || (&& (< monoandroid) (< monotouch) (< net45) (>= netstandard1.3) (< win8) (< wpa81) (< xamarinios) (< xamarinmac) (< xamarintvos) (< xamarinwatchos)) (&& (< monoandroid) (< net45) (>= netstandard1.0) (< netstandard1.3) (< win8) (< wp8) (< wpa81)) (< portable-net45+win8+wp8+wpa81)
    System.Collections.Concurrent (4.3) - restriction: || (&& (< monoandroid) (< monotouch) (< net45) (>= netstandard1.6) (< netstandard2.0) (< win8) (< wpa81) (< xamarinios) (< xamarinmac) (< xamarintvos) (< xamarinwatchos)) (&& (< monoandroid) (< net45) (< netstandard1.3) (>= netstandard1.6) (< win8) (< wpa81)) (&& (< net45) (>= netstandard2.0)) (&& (>= netstandard1.6) (< portable-net45+win8+wpa81)) (&& (>= netstandard2.0) (< portable-net45+win8+wp8+wpa81))
      System.Collections (>= 4.3) - restriction: || (&& (< monoandroid) (< monotouch) (< net45) (>= netstandard1.3) (< win8) (< wpa81) (< xamarinios) (< xamarinmac) (< xamarintvos) (< xamarinwatchos)) (< portable-net45+win8+wpa81)
      System.Diagnostics.Debug (>= 4.3) - restriction: || (&& (< monoandroid) (< monotouch) (< net45) (>= netstandard1.3) (< win8) (< wpa81) (< xamarinios) (< xamarinmac) (< xamarintvos) (< xamarinwatchos)) (< portable-net45+win8+wpa81)
      System.Diagnostics.Tracing (>= 4.3) - restriction: || (&& (< monoandroid) (< monotouch) (< net45) (>= netstandard1.3) (< win8) (< wpa81) (< xamarinios) (< xamarinmac) (< xamarintvos) (< xamarinwatchos)) (< portable-net45+win8+wpa81)
      System.Globalization (>= 4.3) - restriction: || (&& (< monoandroid) (< monotouch) (< net45) (>= netstandard1.3) (< win8) (< wpa81) (< xamarinios) (< xamarinmac) (< xamarintvos) (< xamarinwatchos)) (< portable-net45+win8+wpa81)
      System.Reflection (>= 4.3) - restriction: && (< monoandroid) (< monotouch) (< net45) (>= netstandard1.3) (< win8) (< wpa81) (< xamarinios) (< xamarinmac) (< xamarintvos) (< xamarinwatchos)
      System.Resources.ResourceManager (>= 4.3) - restriction: || (&& (< monoandroid) (< monotouch) (< net45) (>= netstandard1.3) (< win8) (< wpa81) (< xamarinios) (< xamarinmac) (< xamarintvos) (< xamarinwatchos)) (< portable-net45+win8+wpa81)
      System.Runtime (>= 4.3) - restriction: || (&& (< monoandroid) (< monotouch) (< net45) (>= netstandard1.3) (< win8) (< wpa81) (< xamarinios) (< xamarinmac) (< xamarintvos) (< xamarinwatchos)) (&& (< monoandroid) (< net45) (>= netstandard1.1) (< netstandard1.3) (< win8) (< wpa81)) (< portable-net45+win8+wpa81)
      System.Runtime.Extensions (>= 4.3) - restriction: || (&& (< monoandroid) (< monotouch) (< net45) (>= netstandard1.3) (< win8) (< wpa81) (< xamarinios) (< xamarinmac) (< xamarintvos) (< xamarinwatchos)) (< portable-net45+win8+wpa81)
      System.Threading (>= 4.3) - restriction: || (&& (< monoandroid) (< monotouch) (< net45) (>= netstandard1.3) (< win8) (< wpa81) (< xamarinios) (< xamarinmac) (< xamarintvos) (< xamarinwatchos)) (< portable-net45+win8+wpa81)
      System.Threading.Tasks (>= 4.3) - restriction: || (&& (< monoandroid) (< monotouch) (< net45) (>= netstandard1.3) (< win8) (< wpa81) (< xamarinios) (< xamarinmac) (< xamarintvos) (< xamarinwatchos)) (&& (< monoandroid) (< net45) (>= netstandard1.1) (< netstandard1.3) (< win8) (< wpa81)) (< portable-net45+win8+wpa81)
    System.Collections.NonGeneric (4.3) - restriction: && (< net45) (>= netstandard2.0)
      System.Diagnostics.Debug (>= 4.3) - restriction: && (< monoandroid) (< monotouch) (< net46) (>= netstandard1.3) (< xamarinios) (< xamarinmac) (< xamarintvos) (< xamarinwatchos)
      System.Globalization (>= 4.3) - restriction: && (< monoandroid) (< monotouch) (< net46) (>= netstandard1.3) (< xamarinios) (< xamarinmac) (< xamarintvos) (< xamarinwatchos)
      System.Resources.ResourceManager (>= 4.3) - restriction: && (< monoandroid) (< monotouch) (< net46) (>= netstandard1.3) (< xamarinios) (< xamarinmac) (< xamarintvos) (< xamarinwatchos)
      System.Runtime (>= 4.3) - restriction: && (< monoandroid) (< monotouch) (< net46) (>= netstandard1.3) (< xamarinios) (< xamarinmac) (< xamarintvos) (< xamarinwatchos)
      System.Runtime.Extensions (>= 4.3) - restriction: && (< monoandroid) (< monotouch) (< net46) (>= netstandard1.3) (< xamarinios) (< xamarinmac) (< xamarintvos) (< xamarinwatchos)
      System.Threading (>= 4.3) - restriction: && (< monoandroid) (< monotouch) (< net46) (>= netstandard1.3) (< xamarinios) (< xamarinmac) (< xamarintvos) (< xamarinwatchos)
    System.Console (4.3.1) - restriction: || (&& (< net45) (>= netstandard1.6) (< netstandard2.0)) (&& (< net45) (>= netstandard2.0)) (&& (>= netcoreapp1.1) (>= netstandard2.0))
      Microsoft.NETCore.Platforms (>= 1.1) - restriction: && (< monoandroid) (< monotouch) (< net46) (>= netstandard1.3) (< xamarinios) (< xamarinmac) (< xamarintvos) (< xamarinwatchos)
      Microsoft.NETCore.Targets (>= 1.1.2) - restriction: && (< monoandroid) (< monotouch) (< net46) (>= netstandard1.3) (< xamarinios) (< xamarinmac) (< xamarintvos) (< xamarinwatchos)
      System.IO (>= 4.3) - restriction: && (< monoandroid) (< monotouch) (< net46) (>= netstandard1.3) (< xamarinios) (< xamarinmac) (< xamarintvos) (< xamarinwatchos)
      System.Runtime (>= 4.3) - restriction: && (< monoandroid) (< monotouch) (< net46) (>= netstandard1.3) (< xamarinios) (< xamarinmac) (< xamarintvos) (< xamarinwatchos)
      System.Text.Encoding (>= 4.3) - restriction: && (< monoandroid) (< monotouch) (< net46) (>= netstandard1.3) (< xamarinios) (< xamarinmac) (< xamarintvos) (< xamarinwatchos)
    System.Diagnostics.Debug (4.3) - restriction: || (&& (< net45) (>= netstandard1.6) (< netstandard2.0)) (&& (< net45) (>= netstandard2.0)) (&& (>= netstandard1.6) (< portable-net45+win8+wp8+wpa81)) (&& (>= netstandard2.0) (< portable-net45+win8+wp8+wpa81))
      Microsoft.NETCore.Platforms (>= 1.1) - restriction: || (&& (< monoandroid) (< monotouch) (< net45) (>= netstandard1.3) (< win8) (< wpa81) (< xamarinios) (< xamarinmac) (< xamarintvos) (< xamarinwatchos)) (&& (< monoandroid) (< net45) (>= netstandard1.0) (< netstandard1.3) (< win8) (< wp8) (< wpa81)) (< portable-net45+win8+wp8+wpa81)
      Microsoft.NETCore.Targets (>= 1.1) - restriction: || (&& (< monoandroid) (< monotouch) (< net45) (>= netstandard1.3) (< win8) (< wpa81) (< xamarinios) (< xamarinmac) (< xamarintvos) (< xamarinwatchos)) (&& (< monoandroid) (< net45) (>= netstandard1.0) (< netstandard1.3) (< win8) (< wp8) (< wpa81)) (< portable-net45+win8+wp8+wpa81)
      System.Runtime (>= 4.3) - restriction: || (&& (< monoandroid) (< monotouch) (< net45) (>= netstandard1.3) (< win8) (< wpa81) (< xamarinios) (< xamarinmac) (< xamarintvos) (< xamarinwatchos)) (&& (< monoandroid) (< net45) (>= netstandard1.0) (< netstandard1.3) (< win8) (< wp8) (< wpa81)) (< portable-net45+win8+wp8+wpa81)
    System.Diagnostics.DiagnosticSource (4.5) - restriction: || (&& (< monoandroid) (< monotouch) (< net45) (>= netstandard1.6) (< netstandard2.0) (< win8) (< wpa81) (< xamarinios) (< xamarinmac) (< xamarintvos) (< xamarinwatchos)) (&& (>= netstandard1.6) (< portable-net45+win8+wp8+wpa81)) (&& (>= netstandard1.6) (< portable-net45+win8+wpa81))
      System.Collections (>= 4.3) - restriction: || (&& (< net45) (>= netstandard1.1) (< netstandard1.3) (< win8) (< wpa81)) (&& (< net45) (>= netstandard1.3) (< netstandard2.0) (< win8) (< wpa81))
      System.Diagnostics.Debug (>= 4.3) - restriction: && (< net45) (>= netstandard1.3) (< netstandard2.0) (< win8) (< wpa81)
      System.Diagnostics.Tracing (>= 4.3) - restriction: || (&& (< net45) (>= netstandard1.1) (< netstandard1.3) (< win8) (< wpa81)) (&& (< net45) (>= netstandard1.3) (< netstandard2.0) (< win8) (< wpa81))
      System.Reflection (>= 4.3) - restriction: || (&& (< net45) (>= netstandard1.1) (< netstandard1.3) (< win8) (< wpa81)) (&& (< net45) (>= netstandard1.3) (< netstandard2.0) (< win8) (< wpa81))
      System.Runtime (>= 4.3) - restriction: || (&& (< net45) (>= netstandard1.1) (< netstandard1.3) (< win8) (< wpa81)) (&& (< net45) (>= netstandard1.3) (< netstandard2.0) (< win8) (< wpa81))
      System.Runtime.Extensions (>= 4.3) - restriction: && (< net45) (>= netstandard1.3) (< netstandard2.0) (< win8) (< wpa81)
      System.Threading (>= 4.3) - restriction: || (&& (< net45) (>= netstandard1.1) (< netstandard1.3) (< win8) (< wpa81)) (&& (< net45) (>= netstandard1.3) (< netstandard2.0) (< win8) (< wpa81))
    System.Diagnostics.Tools (4.3) - restriction: || (&& (< net45) (>= netstandard1.6) (< netstandard2.0)) (&& (< net45) (>= netstandard2.0) (< win8) (< wpa81)) (&& (>= netstandard2.0) (< portable-net45+win8+wp8+wpa81))
      Microsoft.NETCore.Platforms (>= 1.1) - restriction: || (&& (< monoandroid) (< monotouch) (< net45) (>= netstandard1.0) (< win8) (< wp8) (< wpa81) (< xamarinios) (< xamarinmac) (< xamarintvos) (< xamarinwatchos)) (< portable-net45+win8+wp8+wpa81)
      Microsoft.NETCore.Targets (>= 1.1) - restriction: || (&& (< monoandroid) (< monotouch) (< net45) (>= netstandard1.0) (< win8) (< wp8) (< wpa81) (< xamarinios) (< xamarinmac) (< xamarintvos) (< xamarinwatchos)) (< portable-net45+win8+wp8+wpa81)
      System.Runtime (>= 4.3) - restriction: || (&& (< monoandroid) (< monotouch) (< net45) (>= netstandard1.0) (< win8) (< wp8) (< wpa81) (< xamarinios) (< xamarinmac) (< xamarintvos) (< xamarinwatchos)) (< portable-net45+win8+wp8+wpa81)
    System.Diagnostics.Tracing (4.3) - restriction: || (&& (< monoandroid) (< monotouch) (< net45) (>= netstandard1.6) (< netstandard2.0) (< win8) (< wpa81) (< xamarinios) (< xamarinmac) (< xamarintvos) (< xamarinwatchos)) (&& (>= netstandard1.6) (< portable-net45+win8+wp8+wpa81))
      Microsoft.NETCore.Platforms (>= 1.1) - restriction: || (&& (< monoandroid) (< monotouch) (< net45) (>= netstandard1.5) (< win8) (< wpa81) (< xamarinios) (< xamarinmac) (< xamarintvos) (< xamarinwatchos)) (&& (< monoandroid) (< net45) (>= netstandard1.1) (< netstandard1.2) (< win8)) (&& (< monoandroid) (< net45) (>= netstandard1.2) (< netstandard1.3) (< win8) (< wpa81)) (&& (< monoandroid) (< net45) (>= netstandard1.3) (< netstandard1.5) (< win8) (< wpa81)) (< portable-net45+win8+wpa81)
      Microsoft.NETCore.Targets (>= 1.1) - restriction: || (&& (< monoandroid) (< monotouch) (< net45) (>= netstandard1.5) (< win8) (< wpa81) (< xamarinios) (< xamarinmac) (< xamarintvos) (< xamarinwatchos)) (&& (< monoandroid) (< net45) (>= netstandard1.1) (< netstandard1.2) (< win8)) (&& (< monoandroid) (< net45) (>= netstandard1.2) (< netstandard1.3) (< win8) (< wpa81)) (&& (< monoandroid) (< net45) (>= netstandard1.3) (< netstandard1.5) (< win8) (< wpa81)) (< portable-net45+win8+wpa81)
      System.Runtime (>= 4.3) - restriction: || (&& (< monoandroid) (< monotouch) (< net45) (>= netstandard1.5) (< win8) (< wpa81) (< xamarinios) (< xamarinmac) (< xamarintvos) (< xamarinwatchos)) (&& (< monoandroid) (< net45) (>= netstandard1.1) (< netstandard1.2) (< win8)) (&& (< monoandroid) (< net45) (>= netstandard1.2) (< netstandard1.3) (< win8) (< wpa81)) (&& (< monoandroid) (< net45) (>= netstandard1.3) (< netstandard1.5) (< win8) (< wpa81)) (< portable-net45+win8+wpa81)
    System.Globalization (4.3) - restriction: || (&& (< net45) (>= netstandard1.6) (< netstandard2.0)) (&& (< net45) (>= netstandard2.0)) (&& (>= netstandard1.6) (< portable-net45+win8+wp8+wpa81)) (&& (>= netstandard2.0) (< portable-net45+win8+wp8+wpa81))
      Microsoft.NETCore.Platforms (>= 1.1) - restriction: || (&& (< monoandroid) (< monotouch) (< net45) (>= netstandard1.3) (< win8) (< wpa81) (< xamarinios) (< xamarinmac) (< xamarintvos) (< xamarinwatchos)) (&& (< monoandroid) (< net45) (>= netstandard1.0) (< netstandard1.3) (< win8) (< wp8) (< wpa81)) (< portable-net45+win8+wp8+wpa81)
      Microsoft.NETCore.Targets (>= 1.1) - restriction: || (&& (< monoandroid) (< monotouch) (< net45) (>= netstandard1.3) (< win8) (< wpa81) (< xamarinios) (< xamarinmac) (< xamarintvos) (< xamarinwatchos)) (&& (< monoandroid) (< net45) (>= netstandard1.0) (< netstandard1.3) (< win8) (< wp8) (< wpa81)) (< portable-net45+win8+wp8+wpa81)
      System.Runtime (>= 4.3) - restriction: || (&& (< monoandroid) (< monotouch) (< net45) (>= netstandard1.3) (< win8) (< wpa81) (< xamarinios) (< xamarinmac) (< xamarintvos) (< xamarinwatchos)) (&& (< monoandroid) (< net45) (>= netstandard1.0) (< netstandard1.3) (< win8) (< wp8) (< wpa81)) (< portable-net45+win8+wp8+wpa81)
    System.Globalization.Calendars (4.3) - restriction: || (&& (< monoandroid) (< monotouch) (< net45) (>= netstandard1.6) (< netstandard2.0) (< win8) (< wpa81) (< xamarinios) (< xamarinmac) (< xamarintvos) (< xamarinwatchos)) (&& (< monoandroid) (< net45) (< netstandard1.3) (>= netstandard1.6) (< win8) (< wpa81)) (&& (< net45) (>= net46) (< netstandard1.3) (>= netstandard1.6)) (&& (< net45) (>= net46) (>= netstandard1.6) (< netstandard2.0)) (&& (>= netstandard1.6) (< portable-net45+win8+wp8+wpa81)) (&& (>= netstandard1.6) (< portable-net45+win8+wpa81))
      Microsoft.NETCore.Platforms (>= 1.1) - restriction: && (< monoandroid) (< monotouch) (< net46) (>= netstandard1.3) (< xamarinios) (< xamarinmac) (< xamarintvos) (< xamarinwatchos)
      Microsoft.NETCore.Targets (>= 1.1) - restriction: && (< monoandroid) (< monotouch) (< net46) (>= netstandard1.3) (< xamarinios) (< xamarinmac) (< xamarintvos) (< xamarinwatchos)
      System.Globalization (>= 4.3) - restriction: && (< monoandroid) (< monotouch) (< net46) (>= netstandard1.3) (< xamarinios) (< xamarinmac) (< xamarintvos) (< xamarinwatchos)
      System.Runtime (>= 4.3) - restriction: && (< monoandroid) (< monotouch) (< net46) (>= netstandard1.3) (< xamarinios) (< xamarinmac) (< xamarintvos) (< xamarinwatchos)
    System.Globalization.Extensions (4.3) - restriction: || (&& (< monoandroid) (< monotouch) (< net45) (>= netstandard1.6) (< netstandard2.0) (< win8) (< wpa81) (< xamarinios) (< xamarinmac) (< xamarintvos) (< xamarinwatchos)) (&& (>= netstandard1.6) (< portable-net45+win8+wp8+wpa81))
      Microsoft.NETCore.Platforms (>= 1.1) - restriction: && (< monoandroid) (< monotouch) (< net46) (>= netstandard1.3) (< xamarinios) (< xamarinmac) (< xamarintvos) (< xamarinwatchos)
      System.Globalization (>= 4.3) - restriction: && (< monoandroid) (< monotouch) (< net46) (>= netstandard1.3) (< xamarinios) (< xamarinmac) (< xamarintvos) (< xamarinwatchos)
      System.Resources.ResourceManager (>= 4.3) - restriction: && (< monoandroid) (< monotouch) (< net46) (>= netstandard1.3) (< xamarinios) (< xamarinmac) (< xamarintvos) (< xamarinwatchos)
      System.Runtime (>= 4.3) - restriction: && (< monoandroid) (< monotouch) (< net46) (>= netstandard1.3) (< xamarinios) (< xamarinmac) (< xamarintvos) (< xamarinwatchos)
      System.Runtime.Extensions (>= 4.3) - restriction: && (< monoandroid) (< monotouch) (< net46) (>= netstandard1.3) (< xamarinios) (< xamarinmac) (< xamarintvos) (< xamarinwatchos)
      System.Runtime.InteropServices (>= 4.3) - restriction: && (< monoandroid) (< monotouch) (< net46) (>= netstandard1.3) (< xamarinios) (< xamarinmac) (< xamarintvos) (< xamarinwatchos)
    System.IO (4.3) - restriction: || (&& (< net45) (>= netstandard1.6) (< netstandard2.0)) (&& (< net45) (>= netstandard2.0)) (&& (>= netstandard1.6) (< portable-net45+win8+wp8+wpa81)) (&& (>= netstandard2.0) (< portable-net45+win8+wp8+wpa81))
      Microsoft.NETCore.Platforms (>= 1.1) - restriction: || (&& (< monoandroid) (< monotouch) (< net45) (>= netstandard1.5) (< win8) (< wpa81) (< xamarinios) (< xamarinmac) (< xamarintvos) (< xamarinwatchos)) (&& (< monoandroid) (< net45) (>= netstandard1.0) (< netstandard1.3) (< win8) (< wp8) (< wpa81)) (&& (< monoandroid) (< net45) (>= netstandard1.3) (< netstandard1.5) (< win8) (< wpa81)) (< portable-net45+win8+wp8+wpa81)
      Microsoft.NETCore.Targets (>= 1.1) - restriction: || (&& (< monoandroid) (< monotouch) (< net45) (>= netstandard1.5) (< win8) (< wpa81) (< xamarinios) (< xamarinmac) (< xamarintvos) (< xamarinwatchos)) (&& (< monoandroid) (< net45) (>= netstandard1.0) (< netstandard1.3) (< win8) (< wp8) (< wpa81)) (&& (< monoandroid) (< net45) (>= netstandard1.3) (< netstandard1.5) (< win8) (< wpa81)) (< portable-net45+win8+wp8+wpa81)
      System.Runtime (>= 4.3) - restriction: || (&& (< monoandroid) (< monotouch) (< net45) (>= netstandard1.5) (< win8) (< wpa81) (< xamarinios) (< xamarinmac) (< xamarintvos) (< xamarinwatchos)) (&& (< monoandroid) (< net45) (>= netstandard1.0) (< netstandard1.3) (< win8) (< wp8) (< wpa81)) (&& (< monoandroid) (< net45) (>= netstandard1.3) (< netstandard1.5) (< win8) (< wpa81)) (< portable-net45+win8+wp8+wpa81)
      System.Text.Encoding (>= 4.3) - restriction: || (&& (< monoandroid) (< monotouch) (< net45) (>= netstandard1.5) (< win8) (< wpa81) (< xamarinios) (< xamarinmac) (< xamarintvos) (< xamarinwatchos)) (&& (< monoandroid) (< net45) (>= netstandard1.0) (< netstandard1.3) (< win8) (< wp8) (< wpa81)) (&& (< monoandroid) (< net45) (>= netstandard1.3) (< netstandard1.5) (< win8) (< wpa81)) (< portable-net45+win8+wp8+wpa81)
      System.Threading.Tasks (>= 4.3) - restriction: || (&& (< monoandroid) (< monotouch) (< net45) (>= netstandard1.5) (< win8) (< wpa81) (< xamarinios) (< xamarinmac) (< xamarintvos) (< xamarinwatchos)) (&& (< monoandroid) (< net45) (>= netstandard1.0) (< netstandard1.3) (< win8) (< wp8) (< wpa81)) (&& (< monoandroid) (< net45) (>= netstandard1.3) (< netstandard1.5) (< win8) (< wpa81)) (< portable-net45+win8+wp8+wpa81)
    System.IO.FileSystem (4.3) - restriction: || (&& (< monoandroid) (< monotouch) (< net45) (>= netstandard1.6) (< netstandard2.0) (< win8) (< wpa81) (< xamarinios) (< xamarinmac) (< xamarintvos) (< xamarinwatchos)) (&& (< net45) (>= netstandard2.0)) (&& (>= netstandard1.6) (< portable-net45+win8+wp8+wpa81)) (&& (>= netstandard2.0) (< portable-net45+win8+wp8+wpa81))
      Microsoft.NETCore.Platforms (>= 1.1) - restriction: && (< monoandroid) (< monotouch) (< net46) (>= netstandard1.3) (< xamarinios) (< xamarinmac) (< xamarintvos) (< xamarinwatchos)
      Microsoft.NETCore.Targets (>= 1.1) - restriction: && (< monoandroid) (< monotouch) (< net46) (>= netstandard1.3) (< xamarinios) (< xamarinmac) (< xamarintvos) (< xamarinwatchos)
      System.IO (>= 4.3) - restriction: && (< monoandroid) (< monotouch) (< net46) (>= netstandard1.3) (< xamarinios) (< xamarinmac) (< xamarintvos) (< xamarinwatchos)
      System.IO.FileSystem.Primitives (>= 4.3) - restriction: || (&& (< monoandroid) (< monotouch) (>= netstandard1.3) (< xamarinios) (< xamarinmac) (< xamarintvos) (< xamarinwatchos)) (>= net46)
      System.Runtime (>= 4.3) - restriction: && (< monoandroid) (< monotouch) (< net46) (>= netstandard1.3) (< xamarinios) (< xamarinmac) (< xamarintvos) (< xamarinwatchos)
      System.Runtime.Handles (>= 4.3) - restriction: && (< monoandroid) (< monotouch) (< net46) (>= netstandard1.3) (< xamarinios) (< xamarinmac) (< xamarintvos) (< xamarinwatchos)
      System.Text.Encoding (>= 4.3) - restriction: && (< monoandroid) (< monotouch) (< net46) (>= netstandard1.3) (< xamarinios) (< xamarinmac) (< xamarintvos) (< xamarinwatchos)
      System.Threading.Tasks (>= 4.3) - restriction: && (< monoandroid) (< monotouch) (< net46) (>= netstandard1.3) (< xamarinios) (< xamarinmac) (< xamarintvos) (< xamarinwatchos)
    System.IO.FileSystem.Primitives (4.3) - restriction: || (&& (< monoandroid) (< monotouch) (< net45) (>= netstandard1.6) (< netstandard2.0) (< win8) (< wpa81) (< xamarinios) (< xamarinmac) (< xamarintvos) (< xamarinwatchos)) (&& (< net45) (>= net46) (>= netstandard1.6) (< netstandard2.0)) (&& (< net45) (>= netstandard2.0)) (&& (>= netstandard1.6) (< portable-net45+win8+wp8+wpa81)) (&& (>= netstandard2.0) (< portable-net45+win8+wp8+wpa81))
      System.Runtime (>= 4.3) - restriction: && (< monoandroid) (< monotouch) (< net46) (>= netstandard1.3) (< xamarinios) (< xamarinmac) (< xamarintvos) (< xamarinwatchos)
    System.Linq (4.3) - restriction: || (&& (< net45) (>= netstandard1.6) (< netstandard2.0)) (&& (< net45) (>= netstandard2.0) (< win8) (< wpa81)) (&& (>= netstandard1.6) (< portable-net45+win8+wp8+wpa81)) (&& (>= netstandard2.0) (< portable-net45+win8+wp8+wpa81))
      System.Collections (>= 4.3) - restriction: || (&& (< monoandroid) (< monotouch) (< net45) (>= netstandard1.6) (< xamarinios) (< xamarinmac) (< xamarintvos) (< xamarinwatchos)) (&& (< monoandroid) (< net45) (>= netstandard1.0) (< netstandard1.6) (< win8) (< wp8) (< wpa81)) (< portable-net45+win8+wp8+wpa81)
      System.Diagnostics.Debug (>= 4.3) - restriction: || (&& (< monoandroid) (< monotouch) (< net45) (>= netstandard1.6) (< xamarinios) (< xamarinmac) (< xamarintvos) (< xamarinwatchos)) (< portable-net45+win8+wp8+wpa81)
      System.Resources.ResourceManager (>= 4.3) - restriction: || (&& (< monoandroid) (< monotouch) (< net45) (>= netstandard1.6) (< xamarinios) (< xamarinmac) (< xamarintvos) (< xamarinwatchos)) (< portable-net45+win8+wp8+wpa81)
      System.Runtime (>= 4.3) - restriction: || (&& (< monoandroid) (< monotouch) (< net45) (>= netstandard1.6) (< xamarinios) (< xamarinmac) (< xamarintvos) (< xamarinwatchos)) (&& (< monoandroid) (< net45) (>= netstandard1.0) (< netstandard1.6) (< win8) (< wp8) (< wpa81)) (< portable-net45+win8+wp8+wpa81)
      System.Runtime.Extensions (>= 4.3) - restriction: || (&& (< monoandroid) (< monotouch) (< net45) (>= netstandard1.6) (< xamarinios) (< xamarinmac) (< xamarintvos) (< xamarinwatchos)) (< portable-net45+win8+wp8+wpa81)
    System.Linq.Expressions (4.3) - restriction: || (&& (< monoandroid) (< net45) (< netstandard1.3) (>= netstandard1.6) (< win8) (< wpa81)) (&& (< net45) (>= netstandard1.6) (< netstandard2.0)) (&& (>= netstandard1.6) (< portable-net45+win8+wp8+wpa81))
      System.Collections (>= 4.3) - restriction: || (&& (< monoandroid) (< monotouch) (< net45) (>= netstandard1.6) (< xamarinios) (< xamarinmac) (< xamarintvos) (< xamarinwatchos)) (< portable-net45+win8+wp8+wpa81)
      System.Diagnostics.Debug (>= 4.3) - restriction: || (&& (< monoandroid) (< monotouch) (< net45) (>= netstandard1.6) (< xamarinios) (< xamarinmac) (< xamarintvos) (< xamarinwatchos)) (< portable-net45+win8+wp8+wpa81)
      System.Globalization (>= 4.3) - restriction: || (&& (< monoandroid) (< monotouch) (< net45) (>= netstandard1.6) (< xamarinios) (< xamarinmac) (< xamarintvos) (< xamarinwatchos)) (< portable-net45+win8+wp8+wpa81)
      System.IO (>= 4.3) - restriction: || (&& (< monoandroid) (< monotouch) (< net45) (>= netstandard1.6) (< xamarinios) (< xamarinmac) (< xamarintvos) (< xamarinwatchos)) (< portable-net45+win8+wp8+wpa81)
      System.Linq (>= 4.3) - restriction: || (&& (< monoandroid) (< monotouch) (< net45) (>= netstandard1.6) (< xamarinios) (< xamarinmac) (< xamarintvos) (< xamarinwatchos)) (< portable-net45+win8+wp8+wpa81)
      System.ObjectModel (>= 4.3) - restriction: && (< monoandroid) (< monotouch) (< net45) (>= netstandard1.6) (< xamarinios) (< xamarinmac) (< xamarintvos) (< xamarinwatchos)
      System.Reflection (>= 4.3) - restriction: || (&& (< monoandroid) (< monotouch) (< net45) (>= netstandard1.6) (< xamarinios) (< xamarinmac) (< xamarintvos) (< xamarinwatchos)) (&& (< monoandroid) (< net45) (>= netstandard1.0) (< netstandard1.3) (< win8) (< wp8) (< wpa81)) (&& (< monoandroid) (< net45) (>= netstandard1.3) (< netstandard1.6) (< win8) (< wpa81)) (< portable-net45+win8+wp8+wpa81)
      System.Reflection.Emit (>= 4.3) - restriction: && (< monoandroid) (< monotouch) (< net45) (>= netstandard1.6) (< xamarinios) (< xamarinmac) (< xamarintvos) (< xamarinwatchos)
      System.Reflection.Emit.ILGeneration (>= 4.3) - restriction: || (&& (< monoandroid) (< monotouch) (< net45) (>= netstandard1.6) (< xamarinios) (< xamarinmac) (< xamarintvos) (< xamarinwatchos)) (< portable-net45+win8+wp8+wpa81)
      System.Reflection.Emit.Lightweight (>= 4.3) - restriction: || (&& (< monoandroid) (< monotouch) (< net45) (>= netstandard1.6) (< xamarinios) (< xamarinmac) (< xamarintvos) (< xamarinwatchos)) (< portable-net45+win8+wp8+wpa81)
      System.Reflection.Extensions (>= 4.3) - restriction: || (&& (< monoandroid) (< monotouch) (< net45) (>= netstandard1.6) (< xamarinios) (< xamarinmac) (< xamarintvos) (< xamarinwatchos)) (< portable-net45+win8+wp8+wpa81)
      System.Reflection.Primitives (>= 4.3) - restriction: || (&& (< monoandroid) (< monotouch) (< net45) (>= netstandard1.6) (< xamarinios) (< xamarinmac) (< xamarintvos) (< xamarinwatchos)) (< portable-net45+win8+wp8+wpa81)
      System.Reflection.TypeExtensions (>= 4.3) - restriction: || (&& (< monoandroid) (< monotouch) (< net45) (>= netstandard1.6) (< xamarinios) (< xamarinmac) (< xamarintvos) (< xamarinwatchos)) (< portable-net45+win8+wp8+wpa81)
      System.Resources.ResourceManager (>= 4.3) - restriction: || (&& (< monoandroid) (< monotouch) (< net45) (>= netstandard1.6) (< xamarinios) (< xamarinmac) (< xamarintvos) (< xamarinwatchos)) (< portable-net45+win8+wp8+wpa81)
      System.Runtime (>= 4.3) - restriction: || (&& (< monoandroid) (< monotouch) (< net45) (>= netstandard1.6) (< xamarinios) (< xamarinmac) (< xamarintvos) (< xamarinwatchos)) (&& (< monoandroid) (< net45) (>= netstandard1.0) (< netstandard1.3) (< win8) (< wp8) (< wpa81)) (&& (< monoandroid) (< net45) (>= netstandard1.3) (< netstandard1.6) (< win8) (< wpa81)) (< portable-net45+win8+wp8+wpa81)
      System.Runtime.Extensions (>= 4.3) - restriction: || (&& (< monoandroid) (< monotouch) (< net45) (>= netstandard1.6) (< xamarinios) (< xamarinmac) (< xamarintvos) (< xamarinwatchos)) (< portable-net45+win8+wp8+wpa81)
      System.Threading (>= 4.3) - restriction: || (&& (< monoandroid) (< monotouch) (< net45) (>= netstandard1.6) (< xamarinios) (< xamarinmac) (< xamarintvos) (< xamarinwatchos)) (< portable-net45+win8+wp8+wpa81)
    System.Linq.Queryable (4.3) - restriction: && (< net45) (>= netstandard1.6) (< netstandard2.0)
      System.Collections (>= 4.3) - restriction: || (&& (< monoandroid) (< monotouch) (< net45) (>= netstandard1.3) (< win8) (< wpa81) (< xamarinios) (< xamarinmac) (< xamarintvos) (< xamarinwatchos)) (< portable-net45+win8+wp8+wpa81)
      System.Diagnostics.Debug (>= 4.3) - restriction: || (&& (< monoandroid) (< monotouch) (< net45) (>= netstandard1.3) (< win8) (< wpa81) (< xamarinios) (< xamarinmac) (< xamarintvos) (< xamarinwatchos)) (< portable-net45+win8+wp8+wpa81)
      System.Linq (>= 4.3) - restriction: || (&& (< monoandroid) (< monotouch) (< net45) (>= netstandard1.3) (< win8) (< wpa81) (< xamarinios) (< xamarinmac) (< xamarintvos) (< xamarinwatchos)) (&& (< monoandroid) (< net45) (>= netstandard1.0) (< netstandard1.3) (< win8) (< wp8) (< wpa81)) (< portable-net45+win8+wp8+wpa81)
      System.Linq.Expressions (>= 4.3) - restriction: || (&& (< monoandroid) (< monotouch) (< net45) (>= netstandard1.3) (< win8) (< wpa81) (< xamarinios) (< xamarinmac) (< xamarintvos) (< xamarinwatchos)) (&& (< monoandroid) (< net45) (>= netstandard1.0) (< netstandard1.3) (< win8) (< wp8) (< wpa81)) (< portable-net45+win8+wp8+wpa81)
      System.Reflection (>= 4.3) - restriction: || (&& (< monoandroid) (< monotouch) (< net45) (>= netstandard1.3) (< win8) (< wpa81) (< xamarinios) (< xamarinmac) (< xamarintvos) (< xamarinwatchos)) (< portable-net45+win8+wp8+wpa81)
      System.Reflection.Extensions (>= 4.3) - restriction: || (&& (< monoandroid) (< monotouch) (< net45) (>= netstandard1.3) (< win8) (< wpa81) (< xamarinios) (< xamarinmac) (< xamarintvos) (< xamarinwatchos)) (< portable-net45+win8+wp8+wpa81)
      System.Resources.ResourceManager (>= 4.3) - restriction: || (&& (< monoandroid) (< monotouch) (< net45) (>= netstandard1.3) (< win8) (< wpa81) (< xamarinios) (< xamarinmac) (< xamarintvos) (< xamarinwatchos)) (< portable-net45+win8+wp8+wpa81)
      System.Runtime (>= 4.3) - restriction: || (&& (< monoandroid) (< monotouch) (< net45) (>= netstandard1.3) (< win8) (< wpa81) (< xamarinios) (< xamarinmac) (< xamarintvos) (< xamarinwatchos)) (&& (< monoandroid) (< net45) (>= netstandard1.0) (< netstandard1.3) (< win8) (< wp8) (< wpa81)) (< portable-net45+win8+wp8+wpa81)
    System.Net.Http (4.3.3) - restriction: || (&& (< monoandroid) (< monotouch) (< net45) (>= netstandard1.6) (< netstandard2.0) (< win8) (< wpa81) (< xamarinios) (< xamarinmac) (< xamarintvos) (< xamarinwatchos)) (&& (< net45) (>= netstandard2.0)) (&& (>= netstandard1.6) (< portable-net45+win8+wp8+wpa81))
      Microsoft.NETCore.Platforms (>= 1.1) - restriction: || (&& (< monoandroid) (< monotouch) (< net45) (>= netstandard1.6) (< xamarinios) (< xamarinmac) (< xamarintvos) (< xamarinwatchos)) (&& (< monoandroid) (< net45) (>= netstandard1.3) (< netstandard1.6) (< win8) (< wpa81)) (< portable-net45+win8+wpa81)
      runtime.native.System (>= 4.3) - restriction: && (< monoandroid) (< monotouch) (< net45) (>= netstandard1.6) (< xamarinios) (< xamarinmac) (< xamarintvos) (< xamarinwatchos)
      runtime.native.System.Net.Http (>= 4.3) - restriction: && (< monoandroid) (< monotouch) (< net45) (>= netstandard1.6) (< xamarinios) (< xamarinmac) (< xamarintvos) (< xamarinwatchos)
      runtime.native.System.Security.Cryptography.OpenSsl (>= 4.3.2) - restriction: && (< monoandroid) (< monotouch) (< net45) (>= netstandard1.6) (< xamarinios) (< xamarinmac) (< xamarintvos) (< xamarinwatchos)
      System.Collections (>= 4.3) - restriction: || (&& (< monoandroid) (< monotouch) (< net45) (>= netstandard1.6) (< xamarinios) (< xamarinmac) (< xamarintvos) (< xamarinwatchos)) (&& (< monoandroid) (< net45) (>= netstandard1.3) (< netstandard1.6) (< win8) (< wpa81)) (< portable-net45+win8+wpa81)
      System.Diagnostics.Debug (>= 4.3) - restriction: || (&& (< monoandroid) (< monotouch) (< net45) (>= netstandard1.6) (< xamarinios) (< xamarinmac) (< xamarintvos) (< xamarinwatchos)) (&& (< monoandroid) (< net45) (>= netstandard1.3) (< netstandard1.6) (< win8) (< wpa81)) (< portable-net45+win8+wpa81)
      System.Diagnostics.DiagnosticSource (>= 4.3) - restriction: || (&& (< monoandroid) (< monotouch) (< net45) (>= netstandard1.6) (< xamarinios) (< xamarinmac) (< xamarintvos) (< xamarinwatchos)) (&& (< monoandroid) (< net45) (>= netstandard1.3) (< netstandard1.6) (< win8) (< wpa81)) (< portable-net45+win8+wpa81)
      System.Diagnostics.Tracing (>= 4.3) - restriction: || (&& (< monoandroid) (< monotouch) (< net45) (>= netstandard1.6) (< xamarinios) (< xamarinmac) (< xamarintvos) (< xamarinwatchos)) (&& (< monoandroid) (< net45) (>= netstandard1.3) (< netstandard1.6) (< win8) (< wpa81)) (< portable-net45+win8+wpa81)
      System.Globalization (>= 4.3) - restriction: || (&& (< monoandroid) (< monotouch) (< net45) (>= netstandard1.6) (< xamarinios) (< xamarinmac) (< xamarintvos) (< xamarinwatchos)) (&& (< monoandroid) (< net45) (>= netstandard1.3) (< netstandard1.6) (< win8) (< wpa81)) (< portable-net45+win8+wpa81)
      System.Globalization.Extensions (>= 4.3) - restriction: && (< monoandroid) (< monotouch) (< net45) (>= netstandard1.6) (< xamarinios) (< xamarinmac) (< xamarintvos) (< xamarinwatchos)
      System.IO (>= 4.3) - restriction: || (&& (< monoandroid) (< monotouch) (< net45) (>= netstandard1.6) (< xamarinios) (< xamarinmac) (< xamarintvos) (< xamarinwatchos)) (&& (< monoandroid) (< net45) (>= netstandard1.1) (< netstandard1.3) (< win8) (< wpa81)) (&& (< monoandroid) (< net45) (>= netstandard1.3) (< netstandard1.6) (< win8) (< wpa81)) (< portable-net45+win8+wpa81)
      System.IO.FileSystem (>= 4.3) - restriction: && (< monoandroid) (< monotouch) (< net45) (>= netstandard1.6) (< xamarinios) (< xamarinmac) (< xamarintvos) (< xamarinwatchos)
      System.Net.Primitives (>= 4.3) - restriction: || (&& (< monoandroid) (< monotouch) (< net45) (>= netstandard1.6) (< xamarinios) (< xamarinmac) (< xamarintvos) (< xamarinwatchos)) (&& (< monoandroid) (< net45) (>= netstandard1.1) (< netstandard1.3) (< win8) (< wpa81)) (&& (< monoandroid) (< net45) (>= netstandard1.3) (< netstandard1.6) (< win8) (< wpa81)) (< portable-net45+win8+wpa81)
      System.Resources.ResourceManager (>= 4.3) - restriction: || (&& (< monoandroid) (< monotouch) (< net45) (>= netstandard1.6) (< xamarinios) (< xamarinmac) (< xamarintvos) (< xamarinwatchos)) (&& (< monoandroid) (< net45) (>= netstandard1.3) (< netstandard1.6) (< win8) (< wpa81)) (< portable-net45+win8+wpa81)
      System.Runtime (>= 4.3) - restriction: || (&& (< monoandroid) (< monotouch) (< net45) (>= netstandard1.6) (< xamarinios) (< xamarinmac) (< xamarintvos) (< xamarinwatchos)) (&& (< monoandroid) (< net45) (>= netstandard1.1) (< netstandard1.3) (< win8) (< wpa81)) (&& (< monoandroid) (< net45) (>= netstandard1.3) (< netstandard1.6) (< win8) (< wpa81)) (< portable-net45+win8+wpa81)
      System.Runtime.Extensions (>= 4.3) - restriction: || (&& (< monoandroid) (< monotouch) (< net45) (>= netstandard1.6) (< xamarinios) (< xamarinmac) (< xamarintvos) (< xamarinwatchos)) (&& (< monoandroid) (< net45) (>= netstandard1.3) (< netstandard1.6) (< win8) (< wpa81)) (< portable-net45+win8+wpa81)
      System.Runtime.Handles (>= 4.3) - restriction: || (&& (< monoandroid) (< monotouch) (< net45) (>= netstandard1.6) (< xamarinios) (< xamarinmac) (< xamarintvos) (< xamarinwatchos)) (&& (< monoandroid) (< net45) (>= netstandard1.3) (< netstandard1.6) (< win8) (< wpa81))
      System.Runtime.InteropServices (>= 4.3) - restriction: || (&& (< monoandroid) (< monotouch) (< net45) (>= netstandard1.6) (< xamarinios) (< xamarinmac) (< xamarintvos) (< xamarinwatchos)) (&& (< monoandroid) (< net45) (>= netstandard1.3) (< netstandard1.6) (< win8) (< wpa81)) (< portable-net45+win8+wpa81)
      System.Security.Cryptography.Algorithms (>= 4.3) - restriction: && (< monoandroid) (< monotouch) (< net45) (>= netstandard1.6) (< xamarinios) (< xamarinmac) (< xamarintvos) (< xamarinwatchos)
      System.Security.Cryptography.Encoding (>= 4.3) - restriction: || (&& (< monoandroid) (< monotouch) (< net45) (>= netstandard1.6) (< xamarinios) (< xamarinmac) (< xamarintvos) (< xamarinwatchos)) (&& (< monoandroid) (< net45) (>= netstandard1.3) (< netstandard1.6) (< win8) (< wpa81))
      System.Security.Cryptography.OpenSsl (>= 4.3) - restriction: && (< monoandroid) (< monotouch) (< net45) (>= netstandard1.6) (< xamarinios) (< xamarinmac) (< xamarintvos) (< xamarinwatchos)
      System.Security.Cryptography.Primitives (>= 4.3) - restriction: && (< monoandroid) (< monotouch) (< net45) (>= netstandard1.6) (< xamarinios) (< xamarinmac) (< xamarintvos) (< xamarinwatchos)
      System.Security.Cryptography.X509Certificates (>= 4.3) - restriction: || (&& (< monoandroid) (< monotouch) (< net45) (>= netstandard1.6) (< xamarinios) (< xamarinmac) (< xamarintvos) (< xamarinwatchos)) (&& (< monoandroid) (< net45) (>= netstandard1.3) (< netstandard1.6) (< win8) (< wpa81)) (>= net46) (< portable-net45+win8+wpa81)
      System.Text.Encoding (>= 4.3) - restriction: || (&& (< monoandroid) (< monotouch) (< net45) (>= netstandard1.6) (< xamarinios) (< xamarinmac) (< xamarintvos) (< xamarinwatchos)) (&& (< monoandroid) (< net45) (>= netstandard1.1) (< netstandard1.3) (< win8) (< wpa81)) (&& (< monoandroid) (< net45) (>= netstandard1.3) (< netstandard1.6) (< win8) (< wpa81)) (< portable-net45+win8+wpa81)
      System.Threading (>= 4.3) - restriction: || (&& (< monoandroid) (< monotouch) (< net45) (>= netstandard1.6) (< xamarinios) (< xamarinmac) (< xamarintvos) (< xamarinwatchos)) (&& (< monoandroid) (< net45) (>= netstandard1.3) (< netstandard1.6) (< win8) (< wpa81)) (< portable-net45+win8+wpa81)
      System.Threading.Tasks (>= 4.3) - restriction: || (&& (< monoandroid) (< monotouch) (< net45) (>= netstandard1.6) (< xamarinios) (< xamarinmac) (< xamarintvos) (< xamarinwatchos)) (&& (< monoandroid) (< net45) (>= netstandard1.1) (< netstandard1.3) (< win8) (< wpa81)) (&& (< monoandroid) (< net45) (>= netstandard1.3) (< netstandard1.6) (< win8) (< wpa81)) (< portable-net45+win8+wpa81)
    System.Net.Primitives (4.3) - restriction: || (&& (< monoandroid) (< monotouch) (< net45) (>= netstandard1.6) (< netstandard2.0) (< win8) (< wpa81) (< xamarinios) (< xamarinmac) (< xamarintvos) (< xamarinwatchos)) (&& (< monoandroid) (< net45) (< netstandard1.3) (>= netstandard1.6) (< win8) (< wpa81)) (&& (< monoandroid) (< netstandard1.1) (>= netstandard1.6) (< win8)) (&& (>= netstandard1.6) (< portable-net45+win8+wp8+wpa81))
      Microsoft.NETCore.Platforms (>= 1.1) - restriction: || (&& (< monoandroid) (< monotouch) (< net45) (>= netstandard1.3) (< win8) (< wpa81) (< xamarinios) (< xamarinmac) (< xamarintvos) (< xamarinwatchos)) (&& (< monoandroid) (< net45) (>= netstandard1.1) (< netstandard1.3) (< win8) (< wpa81)) (&& (< monoandroid) (>= netstandard1.0) (< netstandard1.1) (< win8) (< wp8)) (< portable-net45+win8+wp8+wpa81)
      Microsoft.NETCore.Targets (>= 1.1) - restriction: || (&& (< monoandroid) (< monotouch) (< net45) (>= netstandard1.3) (< win8) (< wpa81) (< xamarinios) (< xamarinmac) (< xamarintvos) (< xamarinwatchos)) (&& (< monoandroid) (< net45) (>= netstandard1.1) (< netstandard1.3) (< win8) (< wpa81)) (&& (< monoandroid) (>= netstandard1.0) (< netstandard1.1) (< win8) (< wp8)) (< portable-net45+win8+wp8+wpa81)
      System.Runtime (>= 4.3) - restriction: || (&& (< monoandroid) (< monotouch) (< net45) (>= netstandard1.3) (< win8) (< wpa81) (< xamarinios) (< xamarinmac) (< xamarintvos) (< xamarinwatchos)) (&& (< monoandroid) (< net45) (>= netstandard1.1) (< netstandard1.3) (< win8) (< wpa81)) (&& (< monoandroid) (>= netstandard1.0) (< netstandard1.1) (< win8) (< wp8)) (< portable-net45+win8+wp8+wpa81)
      System.Runtime.Handles (>= 4.3) - restriction: || (&& (< monoandroid) (< monotouch) (< net45) (>= netstandard1.3) (< win8) (< wpa81) (< xamarinios) (< xamarinmac) (< xamarintvos) (< xamarinwatchos)) (< portable-net45+win8+wp8+wpa81)
    System.Net.Requests (4.3) - restriction: && (< net45) (>= netstandard1.6) (< netstandard2.0)
      Microsoft.NETCore.Platforms (>= 1.1) - restriction: && (< monoandroid) (< monotouch) (< net45) (>= netstandard1.3) (< win8) (< wpa81) (< xamarinios) (< xamarinmac) (< xamarintvos) (< xamarinwatchos)
      System.Collections (>= 4.3) - restriction: || (&& (< monoandroid) (< monotouch) (< net45) (>= netstandard1.3) (< win8) (< wpa81) (< xamarinios) (< xamarinmac) (< xamarintvos) (< xamarinwatchos)) (< portable-net45+win8+wp8+wpa81)
      System.Diagnostics.Debug (>= 4.3) - restriction: || (&& (< monoandroid) (< monotouch) (< net45) (>= netstandard1.3) (< win8) (< wpa81) (< xamarinios) (< xamarinmac) (< xamarintvos) (< xamarinwatchos)) (< portable-net45+win8+wp8+wpa81)
      System.Diagnostics.Tracing (>= 4.3) - restriction: || (&& (< monoandroid) (< monotouch) (< net45) (>= netstandard1.3) (< win8) (< wpa81) (< xamarinios) (< xamarinmac) (< xamarintvos) (< xamarinwatchos)) (< portable-net45+win8+wp8+wpa81)
      System.Globalization (>= 4.3) - restriction: || (&& (< monoandroid) (< monotouch) (< net45) (>= netstandard1.3) (< win8) (< wpa81) (< xamarinios) (< xamarinmac) (< xamarintvos) (< xamarinwatchos)) (< portable-net45+win8+wp8+wpa81)
      System.IO (>= 4.3) - restriction: || (&& (< monoandroid) (< monotouch) (< net45) (>= netstandard1.3) (< win8) (< wpa81) (< xamarinios) (< xamarinmac) (< xamarintvos) (< xamarinwatchos)) (&& (< monoandroid) (< net45) (>= netstandard1.1) (< netstandard1.3) (< win8) (< wpa81)) (&& (< monoandroid) (>= netstandard1.0) (< netstandard1.1) (< win8) (< wp8)) (< portable-net45+win8+wp8+wpa81)
      System.Net.Http (>= 4.3) - restriction: || (&& (< monoandroid) (< monotouch) (< net45) (>= netstandard1.3) (< win8) (< wpa81) (< xamarinios) (< xamarinmac) (< xamarintvos) (< xamarinwatchos)) (< portable-net45+win8+wp8+wpa81)
      System.Net.Primitives (>= 4.3) - restriction: || (&& (< monoandroid) (< monotouch) (< net45) (>= netstandard1.3) (< win8) (< wpa81) (< xamarinios) (< xamarinmac) (< xamarintvos) (< xamarinwatchos)) (&& (< monoandroid) (< net45) (>= netstandard1.1) (< netstandard1.3) (< win8) (< wpa81)) (&& (< monoandroid) (>= netstandard1.0) (< netstandard1.1) (< win8) (< wp8)) (< portable-net45+win8+wp8+wpa81)
      System.Net.WebHeaderCollection (>= 4.3) - restriction: || (&& (< monoandroid) (< monotouch) (< net45) (>= netstandard1.3) (< win8) (< wpa81) (< xamarinios) (< xamarinmac) (< xamarintvos) (< xamarinwatchos)) (< portable-net45+win8+wp8+wpa81)
      System.Resources.ResourceManager (>= 4.3) - restriction: || (&& (< monoandroid) (< monotouch) (< net45) (>= netstandard1.3) (< win8) (< wpa81) (< xamarinios) (< xamarinmac) (< xamarintvos) (< xamarinwatchos)) (< portable-net45+win8+wp8+wpa81)
      System.Runtime (>= 4.3) - restriction: || (&& (< monoandroid) (< monotouch) (< net45) (>= netstandard1.3) (< win8) (< wpa81) (< xamarinios) (< xamarinmac) (< xamarintvos) (< xamarinwatchos)) (&& (< monoandroid) (< net45) (>= netstandard1.1) (< netstandard1.3) (< win8) (< wpa81)) (&& (< monoandroid) (>= netstandard1.0) (< netstandard1.1) (< win8) (< wp8)) (< portable-net45+win8+wp8+wpa81)
      System.Threading (>= 4.3) - restriction: || (&& (< monoandroid) (< monotouch) (< net45) (>= netstandard1.3) (< win8) (< wpa81) (< xamarinios) (< xamarinmac) (< xamarintvos) (< xamarinwatchos)) (< portable-net45+win8+wp8+wpa81)
      System.Threading.Tasks (>= 4.3) - restriction: || (&& (< monoandroid) (< monotouch) (< net45) (>= netstandard1.3) (< win8) (< wpa81) (< xamarinios) (< xamarinmac) (< xamarintvos) (< xamarinwatchos)) (&& (< monoandroid) (< net45) (>= netstandard1.1) (< netstandard1.3) (< win8) (< wpa81)) (< portable-net45+win8+wp8+wpa81)
    System.Net.WebHeaderCollection (4.3) - restriction: || (&& (< monoandroid) (< monotouch) (< net45) (>= netstandard1.6) (< netstandard2.0) (< win8) (< wpa81) (< xamarinios) (< xamarinmac) (< xamarintvos) (< xamarinwatchos)) (&& (>= netstandard1.6) (< portable-net45+win8+wp8+wpa81))
      System.Collections (>= 4.3) - restriction: && (< monoandroid) (< monotouch) (< net46) (>= netstandard1.3) (< xamarinios) (< xamarinmac) (< xamarintvos) (< xamarinwatchos)
      System.Resources.ResourceManager (>= 4.3) - restriction: && (< monoandroid) (< monotouch) (< net46) (>= netstandard1.3) (< xamarinios) (< xamarinmac) (< xamarintvos) (< xamarinwatchos)
      System.Runtime (>= 4.3) - restriction: && (< monoandroid) (< monotouch) (< net46) (>= netstandard1.3) (< xamarinios) (< xamarinmac) (< xamarintvos) (< xamarinwatchos)
      System.Runtime.Extensions (>= 4.3) - restriction: && (< monoandroid) (< monotouch) (< net46) (>= netstandard1.3) (< xamarinios) (< xamarinmac) (< xamarintvos) (< xamarinwatchos)
    System.ObjectModel (4.3) - restriction: && (< monoandroid) (< monotouch) (< net45) (>= netstandard1.6) (< netstandard2.0) (< xamarinios) (< xamarinmac) (< xamarintvos) (< xamarinwatchos)
      System.Collections (>= 4.3) - restriction: || (&& (< monoandroid) (< monotouch) (< net45) (>= netstandard1.3) (< win8) (< wpa81) (< xamarinios) (< xamarinmac) (< xamarintvos) (< xamarinwatchos)) (< portable-net45+win8+wp8+wpa81)
      System.Diagnostics.Debug (>= 4.3) - restriction: || (&& (< monoandroid) (< monotouch) (< net45) (>= netstandard1.3) (< win8) (< wpa81) (< xamarinios) (< xamarinmac) (< xamarintvos) (< xamarinwatchos)) (< portable-net45+win8+wp8+wpa81)
      System.Resources.ResourceManager (>= 4.3) - restriction: || (&& (< monoandroid) (< monotouch) (< net45) (>= netstandard1.3) (< win8) (< wpa81) (< xamarinios) (< xamarinmac) (< xamarintvos) (< xamarinwatchos)) (< portable-net45+win8+wp8+wpa81)
      System.Runtime (>= 4.3) - restriction: || (&& (< monoandroid) (< monotouch) (< net45) (>= netstandard1.3) (< win8) (< wpa81) (< xamarinios) (< xamarinmac) (< xamarintvos) (< xamarinwatchos)) (&& (< monoandroid) (< net45) (>= netstandard1.0) (< netstandard1.3) (< win8) (< wp8) (< wpa81)) (< portable-net45+win8+wp8+wpa81)
      System.Threading (>= 4.3) - restriction: || (&& (< monoandroid) (< monotouch) (< net45) (>= netstandard1.3) (< win8) (< wpa81) (< xamarinios) (< xamarinmac) (< xamarintvos) (< xamarinwatchos)) (< portable-net45+win8+wp8+wpa81)
    System.Private.DataContractSerialization (4.3) - restriction: || (&& (< net45) (>= netstandard2.0) (< win8) (< wpa81)) (&& (>= netstandard2.0) (< portable-net45+win8+wp8+wpa81))
      System.Collections (>= 4.3) - restriction: || (&& (< monoandroid) (< monotouch) (< net46) (>= netstandard1.3) (< xamarinios) (< xamarinmac) (< xamarintvos) (< xamarinwatchos)) (&& (< monoandroid) (< netstandard1.3))
      System.Collections.Concurrent (>= 4.3) - restriction: || (&& (< monoandroid) (< monotouch) (< net46) (>= netstandard1.3) (< xamarinios) (< xamarinmac) (< xamarintvos) (< xamarinwatchos)) (&& (< monoandroid) (< netstandard1.3))
      System.Diagnostics.Debug (>= 4.3) - restriction: || (&& (< monoandroid) (< monotouch) (< net46) (>= netstandard1.3) (< xamarinios) (< xamarinmac) (< xamarintvos) (< xamarinwatchos)) (&& (< monoandroid) (< netstandard1.3))
      System.Globalization (>= 4.3) - restriction: || (&& (< monoandroid) (< monotouch) (< net46) (>= netstandard1.3) (< xamarinios) (< xamarinmac) (< xamarintvos) (< xamarinwatchos)) (&& (< monoandroid) (< netstandard1.3))
      System.IO (>= 4.3) - restriction: || (&& (< monoandroid) (< monotouch) (< net46) (>= netstandard1.3) (< xamarinios) (< xamarinmac) (< xamarintvos) (< xamarinwatchos)) (&& (< monoandroid) (< netstandard1.3))
      System.Linq (>= 4.3) - restriction: || (&& (< monoandroid) (< monotouch) (< net46) (>= netstandard1.3) (< xamarinios) (< xamarinmac) (< xamarintvos) (< xamarinwatchos)) (&& (< monoandroid) (< netstandard1.3))
      System.Reflection (>= 4.3) - restriction: || (&& (< monoandroid) (< monotouch) (< net46) (>= netstandard1.3) (< xamarinios) (< xamarinmac) (< xamarintvos) (< xamarinwatchos)) (&& (< monoandroid) (< netstandard1.3))
      System.Reflection.Emit.ILGeneration (>= 4.3) - restriction: && (< monoandroid) (< monotouch) (< net46) (>= netstandard1.3) (< xamarinios) (< xamarinmac) (< xamarintvos) (< xamarinwatchos)
      System.Reflection.Emit.Lightweight (>= 4.3) - restriction: && (< monoandroid) (< monotouch) (< net46) (>= netstandard1.3) (< xamarinios) (< xamarinmac) (< xamarintvos) (< xamarinwatchos)
      System.Reflection.Extensions (>= 4.3) - restriction: || (&& (< monoandroid) (< monotouch) (< net46) (>= netstandard1.3) (< xamarinios) (< xamarinmac) (< xamarintvos) (< xamarinwatchos)) (&& (< monoandroid) (< netstandard1.3))
      System.Reflection.Primitives (>= 4.3) - restriction: || (&& (< monoandroid) (< monotouch) (< net46) (>= netstandard1.3) (< xamarinios) (< xamarinmac) (< xamarintvos) (< xamarinwatchos)) (&& (< monoandroid) (< netstandard1.3))
      System.Reflection.TypeExtensions (>= 4.3) - restriction: || (&& (< monoandroid) (< monotouch) (>= netstandard1.3) (< xamarinios) (< xamarinmac) (< xamarintvos) (< xamarinwatchos)) (&& (< monoandroid) (< netstandard1.3)) (>= net46)
      System.Resources.ResourceManager (>= 4.3) - restriction: || (&& (< monoandroid) (< monotouch) (< net46) (>= netstandard1.3) (< xamarinios) (< xamarinmac) (< xamarintvos) (< xamarinwatchos)) (&& (< monoandroid) (< netstandard1.3))
      System.Runtime (>= 4.3) - restriction: || (&& (< monoandroid) (< monotouch) (< net46) (>= netstandard1.3) (< xamarinios) (< xamarinmac) (< xamarintvos) (< xamarinwatchos)) (&& (< monoandroid) (< netstandard1.3))
      System.Runtime.Extensions (>= 4.3) - restriction: || (&& (< monoandroid) (< monotouch) (< net46) (>= netstandard1.3) (< xamarinios) (< xamarinmac) (< xamarintvos) (< xamarinwatchos)) (&& (< monoandroid) (< netstandard1.3))
      System.Runtime.Serialization.Primitives (>= 4.3) - restriction: || (&& (< monoandroid) (< monotouch) (>= netstandard1.3) (< xamarinios) (< xamarinmac) (< xamarintvos) (< xamarinwatchos)) (&& (< monoandroid) (< netstandard1.3)) (>= net46)
      System.Text.Encoding (>= 4.3) - restriction: || (&& (< monoandroid) (< monotouch) (< net46) (>= netstandard1.3) (< xamarinios) (< xamarinmac) (< xamarintvos) (< xamarinwatchos)) (&& (< monoandroid) (< netstandard1.3))
      System.Text.Encoding.Extensions (>= 4.3) - restriction: || (&& (< monoandroid) (< monotouch) (< net46) (>= netstandard1.3) (< xamarinios) (< xamarinmac) (< xamarintvos) (< xamarinwatchos)) (&& (< monoandroid) (< netstandard1.3))
      System.Text.RegularExpressions (>= 4.3) - restriction: || (&& (< monoandroid) (< monotouch) (< net46) (>= netstandard1.3) (< xamarinios) (< xamarinmac) (< xamarintvos) (< xamarinwatchos)) (&& (< monoandroid) (< netstandard1.3))
      System.Threading (>= 4.3) - restriction: || (&& (< monoandroid) (< monotouch) (< net46) (>= netstandard1.3) (< xamarinios) (< xamarinmac) (< xamarintvos) (< xamarinwatchos)) (&& (< monoandroid) (< netstandard1.3))
      System.Threading.Tasks (>= 4.3) - restriction: || (&& (< monoandroid) (< monotouch) (< net46) (>= netstandard1.3) (< xamarinios) (< xamarinmac) (< xamarintvos) (< xamarinwatchos)) (&& (< monoandroid) (< netstandard1.3))
      System.Xml.ReaderWriter (>= 4.3) - restriction: || (&& (< monoandroid) (< monotouch) (< net46) (>= netstandard1.3) (< xamarinios) (< xamarinmac) (< xamarintvos) (< xamarinwatchos)) (&& (< monoandroid) (< netstandard1.3))
      System.Xml.XDocument (>= 4.3) - restriction: || (&& (< monoandroid) (< monotouch) (< net46) (>= netstandard1.3) (< xamarinios) (< xamarinmac) (< xamarintvos) (< xamarinwatchos)) (&& (< monoandroid) (< netstandard1.3))
      System.Xml.XmlDocument (>= 4.3) - restriction: || (&& (< monoandroid) (< monotouch) (>= netstandard1.3) (< xamarinios) (< xamarinmac) (< xamarintvos) (< xamarinwatchos)) (&& (< monoandroid) (< netstandard1.3)) (>= net46)
      System.Xml.XmlSerializer (>= 4.3) - restriction: || (&& (< monoandroid) (< monotouch) (< net46) (>= netstandard1.3) (< xamarinios) (< xamarinmac) (< xamarintvos) (< xamarinwatchos)) (&& (< monoandroid) (< netstandard1.3))
    System.Reflection (4.3) - restriction: || (&& (< monoandroid) (< net45) (< netstandard1.3) (>= netstandard1.6) (< win8) (< wpa81)) (&& (< net45) (>= netstandard1.6) (< netstandard2.0)) (&& (< net45) (>= netstandard2.0) (< win8) (< wpa81)) (&& (>= netcoreapp1.1) (>= netstandard2.0)) (&& (>= netstandard1.6) (< portable-net45+win8+wp8+wpa81)) (&& (>= netstandard2.0) (< portable-net45+win8+wp8+wpa81))
      Microsoft.NETCore.Platforms (>= 1.1) - restriction: || (&& (< monoandroid) (< monotouch) (< net45) (>= netstandard1.5) (< win8) (< wpa81) (< xamarinios) (< xamarinmac) (< xamarintvos) (< xamarinwatchos)) (&& (< monoandroid) (< net45) (>= netstandard1.0) (< netstandard1.3) (< win8) (< wp8) (< wpa81)) (&& (< monoandroid) (< net45) (>= netstandard1.3) (< netstandard1.5) (< win8) (< wpa81)) (< portable-net45+win8+wp8+wpa81)
      Microsoft.NETCore.Targets (>= 1.1) - restriction: || (&& (< monoandroid) (< monotouch) (< net45) (>= netstandard1.5) (< win8) (< wpa81) (< xamarinios) (< xamarinmac) (< xamarintvos) (< xamarinwatchos)) (&& (< monoandroid) (< net45) (>= netstandard1.0) (< netstandard1.3) (< win8) (< wp8) (< wpa81)) (&& (< monoandroid) (< net45) (>= netstandard1.3) (< netstandard1.5) (< win8) (< wpa81)) (< portable-net45+win8+wp8+wpa81)
      System.IO (>= 4.3) - restriction: || (&& (< monoandroid) (< monotouch) (< net45) (>= netstandard1.5) (< win8) (< wpa81) (< xamarinios) (< xamarinmac) (< xamarintvos) (< xamarinwatchos)) (&& (< monoandroid) (< net45) (>= netstandard1.0) (< netstandard1.3) (< win8) (< wp8) (< wpa81)) (&& (< monoandroid) (< net45) (>= netstandard1.3) (< netstandard1.5) (< win8) (< wpa81)) (< portable-net45+win8+wp8+wpa81)
      System.Reflection.Primitives (>= 4.3) - restriction: || (&& (< monoandroid) (< monotouch) (< net45) (>= netstandard1.5) (< win8) (< wpa81) (< xamarinios) (< xamarinmac) (< xamarintvos) (< xamarinwatchos)) (&& (< monoandroid) (< net45) (>= netstandard1.0) (< netstandard1.3) (< win8) (< wp8) (< wpa81)) (&& (< monoandroid) (< net45) (>= netstandard1.3) (< netstandard1.5) (< win8) (< wpa81)) (< portable-net45+win8+wp8+wpa81)
      System.Runtime (>= 4.3) - restriction: || (&& (< monoandroid) (< monotouch) (< net45) (>= netstandard1.5) (< win8) (< wpa81) (< xamarinios) (< xamarinmac) (< xamarintvos) (< xamarinwatchos)) (&& (< monoandroid) (< net45) (>= netstandard1.0) (< netstandard1.3) (< win8) (< wp8) (< wpa81)) (&& (< monoandroid) (< net45) (>= netstandard1.3) (< netstandard1.5) (< win8) (< wpa81)) (< portable-net45+win8+wp8+wpa81)
    System.Reflection.Emit (4.3) - restriction: || (&& (< monoandroid) (< monotouch) (< net45) (>= netstandard1.6) (< netstandard2.0) (< xamarinios) (< xamarinmac) (< xamarintvos) (< xamarinwatchos)) (&& (< net45) (>= netstandard2.0) (< win8) (< wpa81)) (&& (>= netstandard2.0) (< portable-net45+win8+wp8+wpa81))
      System.IO (>= 4.3) - restriction: && (< monoandroid) (< monotouch) (< net45) (>= netstandard1.1) (< xamarinios) (< xamarinmac) (< xamarintvos) (< xamarinwatchos)
      System.Reflection (>= 4.3) - restriction: && (< monoandroid) (< monotouch) (< net45) (>= netstandard1.1) (< xamarinios) (< xamarinmac) (< xamarintvos) (< xamarinwatchos)
      System.Reflection.Emit.ILGeneration (>= 4.3) - restriction: && (< monoandroid) (< monotouch) (< net45) (>= netstandard1.1) (< xamarinios) (< xamarinmac) (< xamarintvos) (< xamarinwatchos)
      System.Reflection.Primitives (>= 4.3) - restriction: && (< monoandroid) (< monotouch) (< net45) (>= netstandard1.1) (< xamarinios) (< xamarinmac) (< xamarintvos) (< xamarinwatchos)
      System.Runtime (>= 4.3) - restriction: && (< monoandroid) (< monotouch) (< net45) (>= netstandard1.1) (< xamarinios) (< xamarinmac) (< xamarintvos) (< xamarinwatchos)
    System.Reflection.Emit.ILGeneration (4.3) - restriction: || (&& (< monoandroid) (< monotouch) (< net45) (>= netstandard1.6) (< netstandard2.0) (< xamarinios) (< xamarinmac) (< xamarintvos) (< xamarinwatchos)) (&& (< net45) (>= netstandard2.0) (< win8) (< wpa81)) (&& (>= netstandard1.6) (< portable-net45+win8+wp8+wpa81)) (&& (>= netstandard2.0) (< portable-net45+win8+wp8+wpa81))
      System.Reflection (>= 4.3) - restriction: && (< monoandroid) (< monotouch) (< net45) (>= netstandard1.0) (< wp8) (< xamarinios) (< xamarinmac) (< xamarintvos) (< xamarinwatchos)
      System.Reflection.Primitives (>= 4.3) - restriction: && (< monoandroid) (< monotouch) (< net45) (>= netstandard1.0) (< wp8) (< xamarinios) (< xamarinmac) (< xamarintvos) (< xamarinwatchos)
      System.Runtime (>= 4.3) - restriction: && (< monoandroid) (< monotouch) (< net45) (>= netstandard1.0) (< wp8) (< xamarinios) (< xamarinmac) (< xamarintvos) (< xamarinwatchos)
    System.Reflection.Emit.Lightweight (4.3) - restriction: || (&& (< monoandroid) (< monotouch) (< net45) (>= netstandard1.6) (< netstandard2.0) (< xamarinios) (< xamarinmac) (< xamarintvos) (< xamarinwatchos)) (&& (< net45) (>= netstandard2.0) (< win8) (< wpa81)) (&& (>= netstandard1.6) (< portable-net45+win8+wp8+wpa81)) (&& (>= netstandard2.0) (< portable-net45+win8+wp8+wpa81))
      System.Reflection (>= 4.3) - restriction: && (< monoandroid) (< monotouch) (< net45) (>= netstandard1.0) (< wp8) (< xamarinios) (< xamarinmac) (< xamarintvos) (< xamarinwatchos)
      System.Reflection.Emit.ILGeneration (>= 4.3) - restriction: && (< monoandroid) (< monotouch) (< net45) (>= netstandard1.0) (< wp8) (< xamarinios) (< xamarinmac) (< xamarintvos) (< xamarinwatchos)
      System.Reflection.Primitives (>= 4.3) - restriction: && (< monoandroid) (< monotouch) (< net45) (>= netstandard1.0) (< wp8) (< xamarinios) (< xamarinmac) (< xamarintvos) (< xamarinwatchos)
      System.Runtime (>= 4.3) - restriction: && (< monoandroid) (< monotouch) (< net45) (>= netstandard1.0) (< wp8) (< xamarinios) (< xamarinmac) (< xamarintvos) (< xamarinwatchos)
    System.Reflection.Extensions (4.3) - restriction: || (&& (< net45) (>= netstandard1.6) (< netstandard2.0)) (&& (< net45) (>= netstandard2.0) (< win8) (< wpa81)) (&& (>= netcoreapp1.1) (>= netstandard2.0)) (&& (>= netstandard1.6) (< portable-net45+win8+wp8+wpa81)) (&& (>= netstandard2.0) (< portable-net45+win8+wp8+wpa81))
      Microsoft.NETCore.Platforms (>= 1.1) - restriction: || (&& (< monoandroid) (< monotouch) (< net45) (>= netstandard1.0) (< win8) (< wp8) (< wpa81) (< xamarinios) (< xamarinmac) (< xamarintvos) (< xamarinwatchos)) (< portable-net45+win8+wp8+wpa81)
      Microsoft.NETCore.Targets (>= 1.1) - restriction: || (&& (< monoandroid) (< monotouch) (< net45) (>= netstandard1.0) (< win8) (< wp8) (< wpa81) (< xamarinios) (< xamarinmac) (< xamarintvos) (< xamarinwatchos)) (< portable-net45+win8+wp8+wpa81)
      System.Reflection (>= 4.3) - restriction: || (&& (< monoandroid) (< monotouch) (< net45) (>= netstandard1.0) (< win8) (< wp8) (< wpa81) (< xamarinios) (< xamarinmac) (< xamarintvos) (< xamarinwatchos)) (< portable-net45+win8+wp8+wpa81)
      System.Runtime (>= 4.3) - restriction: || (&& (< monoandroid) (< monotouch) (< net45) (>= netstandard1.0) (< win8) (< wp8) (< wpa81) (< xamarinios) (< xamarinmac) (< xamarintvos) (< xamarinwatchos)) (< portable-net45+win8+wp8+wpa81)
    System.Reflection.Primitives (4.3) - restriction: || (&& (< monoandroid) (< monotouch) (< net45) (>= netstandard1.6) (< netstandard2.0) (< xamarinios) (< xamarinmac) (< xamarintvos) (< xamarinwatchos)) (&& (< net45) (>= netstandard2.0) (< win8) (< wpa81)) (&& (>= netstandard1.6) (< portable-net45+win8+wp8+wpa81)) (&& (>= netstandard2.0) (< portable-net45+win8+wp8+wpa81))
      Microsoft.NETCore.Platforms (>= 1.1) - restriction: || (&& (< monoandroid) (< monotouch) (< net45) (>= netstandard1.0) (< win8) (< wp8) (< wpa81) (< xamarinios) (< xamarinmac) (< xamarintvos) (< xamarinwatchos)) (< portable-net45+win8+wp8+wpa81)
      Microsoft.NETCore.Targets (>= 1.1) - restriction: || (&& (< monoandroid) (< monotouch) (< net45) (>= netstandard1.0) (< win8) (< wp8) (< wpa81) (< xamarinios) (< xamarinmac) (< xamarintvos) (< xamarinwatchos)) (< portable-net45+win8+wp8+wpa81)
      System.Runtime (>= 4.3) - restriction: || (&& (< monoandroid) (< monotouch) (< net45) (>= netstandard1.0) (< win8) (< wp8) (< wpa81) (< xamarinios) (< xamarinmac) (< xamarintvos) (< xamarinwatchos)) (< portable-net45+win8+wp8+wpa81)
    System.Reflection.TypeExtensions (4.5) - restriction: || (&& (< monoandroid) (< monotouch) (< net45) (>= netstandard1.6) (< netstandard2.0) (< xamarinios) (< xamarinmac) (< xamarintvos) (< xamarinwatchos)) (&& (< net45) (>= net46) (>= netstandard2.0)) (&& (< net45) (>= netstandard2.0) (< win8) (< wpa81)) (&& (>= netstandard1.6) (< portable-net45+win8+wp8+wpa81)) (&& (>= netstandard2.0) (< portable-net45+win8+wp8+wpa81))
      System.Reflection (>= 4.3) - restriction: || (&& (< monoandroid) (< monotouch) (< net46) (< netcoreapp1.0) (>= netstandard1.5) (< netstandard2.0) (< xamarinios) (< xamarinmac) (< xamarintvos) (< xamarinwatchos)) (&& (< monoandroid) (< net46) (>= netstandard1.3) (< netstandard1.5) (< uap10.1)) (&& (< monoandroid) (< netstandard1.3)) (&& (>= netcoreapp1.0) (< netstandard2.0))
      System.Resources.ResourceManager (>= 4.3) - restriction: || (&& (< monoandroid) (< monotouch) (< net46) (< netcoreapp1.0) (>= netstandard1.5) (< netstandard2.0) (< xamarinios) (< xamarinmac) (< xamarintvos) (< xamarinwatchos)) (&& (< monoandroid) (< net46) (>= netstandard1.3) (< netstandard1.5) (< uap10.1)) (&& (< monoandroid) (< netstandard1.3)) (&& (>= netcoreapp1.0) (< netstandard2.0))
      System.Runtime (>= 4.3) - restriction: || (&& (< monoandroid) (< monotouch) (< net46) (< netcoreapp1.0) (>= netstandard1.5) (< netstandard2.0) (< xamarinios) (< xamarinmac) (< xamarintvos) (< xamarinwatchos)) (&& (< monoandroid) (< net46) (>= netstandard1.3) (< netstandard1.5) (< uap10.1)) (&& (< monoandroid) (< netstandard1.3)) (&& (>= netcoreapp1.0) (< netstandard2.0))
    System.Resources.ResourceManager (4.3) - restriction: || (&& (< net45) (>= netstandard1.6) (< netstandard2.0)) (&& (< net45) (>= netstandard2.0)) (&& (>= netcoreapp1.1) (>= netstandard2.0)) (&& (>= netstandard1.6) (< portable-net45+win8+wp8+wpa81)) (&& (>= netstandard2.0) (< portable-net45+win8+wp8+wpa81))
      Microsoft.NETCore.Platforms (>= 1.1) - restriction: || (&& (< monoandroid) (< monotouch) (< net45) (>= netstandard1.0) (< win8) (< wp8) (< wpa81) (< xamarinios) (< xamarinmac) (< xamarintvos) (< xamarinwatchos)) (< portable-net45+win8+wp8+wpa81)
      Microsoft.NETCore.Targets (>= 1.1) - restriction: || (&& (< monoandroid) (< monotouch) (< net45) (>= netstandard1.0) (< win8) (< wp8) (< wpa81) (< xamarinios) (< xamarinmac) (< xamarintvos) (< xamarinwatchos)) (< portable-net45+win8+wp8+wpa81)
      System.Globalization (>= 4.3) - restriction: || (&& (< monoandroid) (< monotouch) (< net45) (>= netstandard1.0) (< win8) (< wp8) (< wpa81) (< xamarinios) (< xamarinmac) (< xamarintvos) (< xamarinwatchos)) (< portable-net45+win8+wp8+wpa81)
      System.Reflection (>= 4.3) - restriction: || (&& (< monoandroid) (< monotouch) (< net45) (>= netstandard1.0) (< win8) (< wp8) (< wpa81) (< xamarinios) (< xamarinmac) (< xamarintvos) (< xamarinwatchos)) (< portable-net45+win8+wp8+wpa81)
      System.Runtime (>= 4.3) - restriction: || (&& (< monoandroid) (< monotouch) (< net45) (>= netstandard1.0) (< win8) (< wp8) (< wpa81) (< xamarinios) (< xamarinmac) (< xamarintvos) (< xamarinwatchos)) (< portable-net45+win8+wp8+wpa81)
    System.Runtime (4.3) - restriction: || (&& (< monoandroid) (< net45) (< netstandard1.3) (>= netstandard1.6) (< win8) (< wpa81)) (&& (< monoandroid) (< net45) (< netstandard1.5) (>= netstandard1.6) (< win8) (< wpa81)) (&& (< net45) (>= netstandard1.6) (< netstandard2.0)) (&& (< net45) (>= netstandard2.0)) (&& (>= netcoreapp1.1) (>= netstandard2.0)) (&& (>= netstandard1.6) (< portable-net45+win8+wp8+wpa81)) (&& (>= netstandard2.0) (< portable-net45+win8+wp8+wpa81))
      Microsoft.NETCore.Platforms (>= 1.1) - restriction: || (&& (< monoandroid) (< monotouch) (< net45) (>= netstandard1.5) (< win8) (< wpa81) (< xamarinios) (< xamarinmac) (< xamarintvos) (< xamarinwatchos)) (&& (< monoandroid) (< net45) (>= netstandard1.0) (< netstandard1.2) (< win8) (< wp8)) (&& (< monoandroid) (< net45) (>= netstandard1.2) (< netstandard1.3) (< win8) (< wpa81)) (&& (< monoandroid) (< net45) (>= netstandard1.3) (< netstandard1.5) (< win8) (< wpa81)) (< portable-net45+win8+wp8+wpa81)
      Microsoft.NETCore.Targets (>= 1.1) - restriction: || (&& (< monoandroid) (< monotouch) (< net45) (>= netstandard1.5) (< win8) (< wpa81) (< xamarinios) (< xamarinmac) (< xamarintvos) (< xamarinwatchos)) (&& (< monoandroid) (< net45) (>= netstandard1.0) (< netstandard1.2) (< win8) (< wp8)) (&& (< monoandroid) (< net45) (>= netstandard1.2) (< netstandard1.3) (< win8) (< wpa81)) (&& (< monoandroid) (< net45) (>= netstandard1.3) (< netstandard1.5) (< win8) (< wpa81)) (< portable-net45+win8+wp8+wpa81)
    System.Runtime.CompilerServices.Unsafe (4.5.1) - restriction: || (&& (< net45) (< netcoreapp2.1) (>= netstandard2.0) (< win8) (< wpa81)) (&& (< netstandard1.0) (>= netstandard2.0) (< win8)) (&& (>= netstandard2.0) (< portable-net45+win8+wp8+wpa81)) (&& (>= netstandard2.0) (>= wp8))
    System.Runtime.Extensions (4.3) - restriction: || (&& (< net45) (>= netstandard1.6) (< netstandard2.0)) (&& (< net45) (>= netstandard2.0)) (&& (>= netstandard1.6) (< portable-net45+win8+wp8+wpa81)) (&& (>= netstandard2.0) (< portable-net45+win8+wp8+wpa81))
      Microsoft.NETCore.Platforms (>= 1.1) - restriction: || (&& (< monoandroid) (< monotouch) (< net45) (>= netstandard1.5) (< win8) (< wpa81) (< xamarinios) (< xamarinmac) (< xamarintvos) (< xamarinwatchos)) (&& (< monoandroid) (< net45) (>= netstandard1.0) (< netstandard1.3) (< win8) (< wp8) (< wpa81)) (&& (< monoandroid) (< net45) (>= netstandard1.3) (< netstandard1.5) (< win8) (< wpa81)) (< portable-net45+win8+wp8+wpa81)
      Microsoft.NETCore.Targets (>= 1.1) - restriction: || (&& (< monoandroid) (< monotouch) (< net45) (>= netstandard1.5) (< win8) (< wpa81) (< xamarinios) (< xamarinmac) (< xamarintvos) (< xamarinwatchos)) (&& (< monoandroid) (< net45) (>= netstandard1.0) (< netstandard1.3) (< win8) (< wp8) (< wpa81)) (&& (< monoandroid) (< net45) (>= netstandard1.3) (< netstandard1.5) (< win8) (< wpa81)) (< portable-net45+win8+wp8+wpa81)
      System.Runtime (>= 4.3) - restriction: || (&& (< monoandroid) (< monotouch) (< net45) (>= netstandard1.5) (< win8) (< wpa81) (< xamarinios) (< xamarinmac) (< xamarintvos) (< xamarinwatchos)) (&& (< monoandroid) (< net45) (>= netstandard1.0) (< netstandard1.3) (< win8) (< wp8) (< wpa81)) (&& (< monoandroid) (< net45) (>= netstandard1.3) (< netstandard1.5) (< win8) (< wpa81)) (< portable-net45+win8+wp8+wpa81)
    System.Runtime.Handles (4.3) - restriction: && (< monoandroid) (< monotouch) (< net45) (>= netstandard1.6) (< netstandard2.0) (< xamarinios) (< xamarinmac) (< xamarintvos) (< xamarinwatchos)
      Microsoft.NETCore.Platforms (>= 1.1) - restriction: && (< monoandroid) (< monotouch) (< net46) (>= netstandard1.3) (< xamarinios) (< xamarinmac) (< xamarintvos) (< xamarinwatchos)
      Microsoft.NETCore.Targets (>= 1.1) - restriction: && (< monoandroid) (< monotouch) (< net46) (>= netstandard1.3) (< xamarinios) (< xamarinmac) (< xamarintvos) (< xamarinwatchos)
      System.Runtime (>= 4.3) - restriction: && (< monoandroid) (< monotouch) (< net46) (>= netstandard1.3) (< xamarinios) (< xamarinmac) (< xamarintvos) (< xamarinwatchos)
    System.Runtime.InteropServices (4.3) - restriction: || (&& (< monoandroid) (< monotouch) (< net45) (>= netstandard1.6) (< netstandard2.0) (< win8) (< wpa81) (< xamarinios) (< xamarinmac) (< xamarintvos) (< xamarinwatchos)) (&& (< net45) (>= netstandard2.0)) (&& (>= netcoreapp1.1) (>= netstandard2.0)) (&& (>= netstandard1.6) (< portable-net45+win8+wp8+wpa81)) (&& (>= netstandard1.6) (< portable-net45+win8+wpa81)) (&& (>= netstandard2.0) (< portable-net45+win8+wp8+wpa81))
      Microsoft.NETCore.Platforms (>= 1.1) - restriction: || (&& (< monoandroid) (< monotouch) (< net45) (>= netstandard1.5) (< win8) (< wpa81) (< xamarinios) (< xamarinmac) (< xamarintvos) (< xamarinwatchos)) (&& (< monoandroid) (< net45) (>= netstandard1.1) (< netstandard1.2) (< win8)) (&& (< monoandroid) (< net45) (>= netstandard1.2) (< netstandard1.3) (< win8) (< wpa81)) (&& (< monoandroid) (< net45) (>= netstandard1.3) (< netstandard1.5) (< win8) (< wpa81)) (>= netcoreapp1.1) (< portable-net45+win8+wpa81)
      Microsoft.NETCore.Targets (>= 1.1) - restriction: || (&& (< monoandroid) (< monotouch) (< net45) (>= netstandard1.5) (< win8) (< wpa81) (< xamarinios) (< xamarinmac) (< xamarintvos) (< xamarinwatchos)) (&& (< monoandroid) (< net45) (>= netstandard1.1) (< netstandard1.2) (< win8)) (&& (< monoandroid) (< net45) (>= netstandard1.2) (< netstandard1.3) (< win8) (< wpa81)) (&& (< monoandroid) (< net45) (>= netstandard1.3) (< netstandard1.5) (< win8) (< wpa81)) (>= netcoreapp1.1) (< portable-net45+win8+wpa81)
      System.Reflection (>= 4.3) - restriction: || (&& (< monoandroid) (< monotouch) (< net45) (>= netstandard1.5) (< win8) (< wpa81) (< xamarinios) (< xamarinmac) (< xamarintvos) (< xamarinwatchos)) (&& (< monoandroid) (< net45) (>= netstandard1.1) (< netstandard1.2) (< win8)) (&& (< monoandroid) (< net45) (>= netstandard1.2) (< netstandard1.3) (< win8) (< wpa81)) (&& (< monoandroid) (< net45) (>= netstandard1.3) (< netstandard1.5) (< win8) (< wpa81)) (>= netcoreapp1.1) (< portable-net45+win8+wpa81)
      System.Reflection.Primitives (>= 4.3) - restriction: || (&& (< monoandroid) (< monotouch) (< net45) (>= netstandard1.5) (< win8) (< wpa81) (< xamarinios) (< xamarinmac) (< xamarintvos) (< xamarinwatchos)) (&& (< monoandroid) (< net45) (>= netstandard1.1) (< netstandard1.2) (< win8)) (&& (< monoandroid) (< net45) (>= netstandard1.2) (< netstandard1.3) (< win8) (< wpa81)) (&& (< monoandroid) (< net45) (>= netstandard1.3) (< netstandard1.5) (< win8) (< wpa81)) (>= netcoreapp1.1) (< portable-net45+win8+wpa81)
      System.Runtime (>= 4.3) - restriction: || (&& (< monoandroid) (< monotouch) (< net45) (>= netstandard1.5) (< win8) (< wpa81) (< xamarinios) (< xamarinmac) (< xamarintvos) (< xamarinwatchos)) (&& (< monoandroid) (< net45) (>= netstandard1.1) (< netstandard1.2) (< win8)) (&& (< monoandroid) (< net45) (>= netstandard1.2) (< netstandard1.3) (< win8) (< wpa81)) (&& (< monoandroid) (< net45) (>= netstandard1.3) (< netstandard1.5) (< win8) (< wpa81)) (>= net462) (>= netcoreapp1.1) (< portable-net45+win8+wpa81)
      System.Runtime.Handles (>= 4.3) - restriction: || (&& (< monoandroid) (< monotouch) (< net45) (>= netstandard1.5) (< win8) (< wpa81) (< xamarinios) (< xamarinmac) (< xamarintvos) (< xamarinwatchos)) (&& (< monoandroid) (< net45) (>= netstandard1.3) (< netstandard1.5) (< win8) (< wpa81)) (>= netcoreapp1.1) (< portable-net45+win8+wpa81)
    System.Runtime.InteropServices.RuntimeInformation (4.3) - restriction: && (>= netcoreapp1.1) (>= netstandard2.0)
      runtime.native.System (>= 4.3) - restriction: && (< monoandroid) (< monotouch) (< net45) (>= netstandard1.1) (< win8) (< wpa81) (< xamarinios) (< xamarinmac) (< xamarintvos) (< xamarinwatchos)
      System.Reflection (>= 4.3) - restriction: || (&& (< monoandroid) (< monotouch) (< net45) (>= netstandard1.1) (< win8) (< wpa81) (< xamarinios) (< xamarinmac) (< xamarintvos) (< xamarinwatchos)) (&& (< monoandroid) (< netstandard1.1) (< win8))
      System.Reflection.Extensions (>= 4.3) - restriction: || (&& (< monoandroid) (< monotouch) (< net45) (>= netstandard1.1) (< win8) (< wpa81) (< xamarinios) (< xamarinmac) (< xamarintvos) (< xamarinwatchos)) (&& (< monoandroid) (< netstandard1.1) (< win8))
      System.Resources.ResourceManager (>= 4.3) - restriction: || (&& (< monoandroid) (< monotouch) (< net45) (>= netstandard1.1) (< win8) (< wpa81) (< xamarinios) (< xamarinmac) (< xamarintvos) (< xamarinwatchos)) (&& (< monoandroid) (< netstandard1.1) (< win8))
      System.Runtime (>= 4.3) - restriction: || (&& (< monoandroid) (< monotouch) (< net45) (>= netstandard1.1) (< win8) (< wpa81) (< xamarinios) (< xamarinmac) (< xamarintvos) (< xamarinwatchos)) (&& (< monoandroid) (< netstandard1.1) (< win8))
      System.Runtime.InteropServices (>= 4.3) - restriction: && (< monoandroid) (< monotouch) (< net45) (>= netstandard1.1) (< win8) (< wpa81) (< xamarinios) (< xamarinmac) (< xamarintvos) (< xamarinwatchos)
      System.Threading (>= 4.3) - restriction: || (&& (< monoandroid) (< monotouch) (< net45) (>= netstandard1.1) (< win8) (< wpa81) (< xamarinios) (< xamarinmac) (< xamarintvos) (< xamarinwatchos)) (&& (< monoandroid) (< netstandard1.1) (< win8))
    System.Runtime.Numerics (4.3) - restriction: || (&& (< net45) (>= netstandard1.6) (< netstandard2.0)) (&& (>= netstandard1.6) (< portable-net45+win8+wp8+wpa81))
      System.Globalization (>= 4.3) - restriction: || (&& (< monoandroid) (< monotouch) (< net45) (>= netstandard1.3) (< win8) (< wpa81) (< xamarinios) (< xamarinmac) (< xamarintvos) (< xamarinwatchos)) (< portable-net45+win8+wpa81)
      System.Resources.ResourceManager (>= 4.3) - restriction: || (&& (< monoandroid) (< monotouch) (< net45) (>= netstandard1.3) (< win8) (< wpa81) (< xamarinios) (< xamarinmac) (< xamarintvos) (< xamarinwatchos)) (< portable-net45+win8+wpa81)
      System.Runtime (>= 4.3) - restriction: || (&& (< monoandroid) (< monotouch) (< net45) (>= netstandard1.3) (< win8) (< wpa81) (< xamarinios) (< xamarinmac) (< xamarintvos) (< xamarinwatchos)) (&& (< monoandroid) (< net45) (>= netstandard1.1) (< netstandard1.3) (< win8) (< wpa81)) (< portable-net45+win8+wpa81)
      System.Runtime.Extensions (>= 4.3) - restriction: || (&& (< monoandroid) (< monotouch) (< net45) (>= netstandard1.3) (< win8) (< wpa81) (< xamarinios) (< xamarinmac) (< xamarintvos) (< xamarinwatchos)) (< portable-net45+win8+wpa81)
    System.Runtime.Serialization.Primitives (4.3) - restriction: || (&& (< net45) (>= net46) (>= netstandard2.0)) (&& (< net45) (>= netstandard2.0) (< win8) (< wpa81)) (&& (>= netstandard2.0) (< portable-net45+win8+wp8+wpa81))
      System.Resources.ResourceManager (>= 4.3) - restriction: || (&& (< monoandroid) (< monotouch) (< net45) (>= netstandard1.3) (< win8) (< wpa81) (< xamarinios) (< xamarinmac) (< xamarintvos) (< xamarinwatchos)) (< portable-net45+win8+wp8+wpa81)
      System.Runtime (>= 4.3) - restriction: || (&& (< monoandroid) (< monotouch) (< net45) (>= netstandard1.3) (< win8) (< wpa81) (< xamarinios) (< xamarinmac) (< xamarintvos) (< xamarinwatchos)) (&& (< monoandroid) (< net45) (>= netstandard1.0) (< netstandard1.3) (< win8) (< wp8) (< wpa81)) (< portable-net45+win8+wp8+wpa81)
    System.Runtime.Serialization.Xml (4.3) - restriction: && (< net45) (>= netstandard2.0)
      System.IO (>= 4.3) - restriction: || (&& (< monoandroid) (< monotouch) (< net45) (>= netstandard1.3) (< win8) (< wpa81) (< xamarinios) (< xamarinmac) (< xamarintvos) (< xamarinwatchos)) (&& (< monoandroid) (< net45) (>= netstandard1.0) (< netstandard1.3) (< win8) (< wp8) (< wpa81)) (< portable-net45+win8+wp8+wpa81)
      System.Private.DataContractSerialization (>= 4.3) - restriction: || (&& (< monoandroid) (< monotouch) (< net45) (>= netstandard1.3) (< win8) (< wpa81) (< xamarinios) (< xamarinmac) (< xamarintvos) (< xamarinwatchos)) (< portable-net45+win8+wp8+wpa81)
      System.Runtime (>= 4.3) - restriction: || (&& (< monoandroid) (< monotouch) (< net45) (>= netstandard1.3) (< win8) (< wpa81) (< xamarinios) (< xamarinmac) (< xamarintvos) (< xamarinwatchos)) (&& (< monoandroid) (< net45) (>= netstandard1.0) (< netstandard1.3) (< win8) (< wp8) (< wpa81)) (< portable-net45+win8+wp8+wpa81)
      System.Runtime.Serialization.Primitives (>= 4.3) - restriction: || (&& (< monoandroid) (< monotouch) (< net45) (>= netstandard1.3) (< win8) (< wpa81) (< xamarinios) (< xamarinmac) (< xamarintvos) (< xamarinwatchos)) (>= net46) (< portable-net45+win8+wp8+wpa81)
      System.Text.Encoding (>= 4.3) - restriction: || (&& (< monoandroid) (< monotouch) (< net45) (>= netstandard1.3) (< win8) (< wpa81) (< xamarinios) (< xamarinmac) (< xamarintvos) (< xamarinwatchos)) (&& (< monoandroid) (< net45) (>= netstandard1.0) (< netstandard1.3) (< win8) (< wp8) (< wpa81)) (< portable-net45+win8+wp8+wpa81)
      System.Xml.ReaderWriter (>= 4.3) - restriction: || (&& (< monoandroid) (< monotouch) (< net45) (>= netstandard1.3) (< win8) (< wpa81) (< xamarinios) (< xamarinmac) (< xamarintvos) (< xamarinwatchos)) (&& (< monoandroid) (< net45) (>= netstandard1.0) (< netstandard1.3) (< win8) (< wp8) (< wpa81)) (< portable-net45+win8+wp8+wpa81)
    System.Security.Cryptography.Algorithms (4.3.1) - restriction: || (&& (< monoandroid) (< monotouch) (< net45) (>= netstandard1.6) (< netstandard2.0) (< win8) (< wpa81) (< xamarinios) (< xamarinmac) (< xamarintvos) (< xamarinwatchos)) (&& (>= netstandard1.6) (< portable-net45+win8+wp8+wpa81))
      Microsoft.NETCore.Platforms (>= 1.1) - restriction: || (&& (< monoandroid) (< monotouch) (< net46) (>= netstandard1.6) (< xamarinios) (< xamarinmac) (< xamarintvos) (< xamarinwatchos)) (&& (< monoandroid) (< netstandard1.3))
      runtime.native.System.Security.Cryptography.Apple (>= 4.3.1) - restriction: && (< monoandroid) (< monotouch) (< net46) (>= netstandard1.6) (< xamarinios) (< xamarinmac) (< xamarintvos) (< xamarinwatchos)
      runtime.native.System.Security.Cryptography.OpenSsl (>= 4.3.2) - restriction: && (< monoandroid) (< monotouch) (< net46) (>= netstandard1.6) (< xamarinios) (< xamarinmac) (< xamarintvos) (< xamarinwatchos)
      System.Collections (>= 4.3) - restriction: && (< monoandroid) (< monotouch) (< net46) (>= netstandard1.6) (< xamarinios) (< xamarinmac) (< xamarintvos) (< xamarinwatchos)
      System.IO (>= 4.3) - restriction: || (&& (< monoandroid) (< monotouch) (< net46) (>= netstandard1.6) (< xamarinios) (< xamarinmac) (< xamarintvos) (< xamarinwatchos)) (&& (< monoandroid) (< net46) (>= netstandard1.3) (< netstandard1.4)) (&& (< monoandroid) (< net46) (>= netstandard1.4) (< netstandard1.6)) (&& (< monoandroid) (< netstandard1.3)) (>= net463)
      System.Resources.ResourceManager (>= 4.3) - restriction: || (&& (< monoandroid) (< monotouch) (< net46) (>= netstandard1.6) (< xamarinios) (< xamarinmac) (< xamarintvos) (< xamarinwatchos)) (&& (< monoandroid) (< netstandard1.3))
      System.Runtime (>= 4.3) - restriction: || (&& (< monoandroid) (< monotouch) (< net46) (>= netstandard1.6) (< xamarinios) (< xamarinmac) (< xamarintvos) (< xamarinwatchos)) (&& (< monoandroid) (< net46) (>= netstandard1.3) (< netstandard1.4)) (&& (< monoandroid) (< net46) (>= netstandard1.4) (< netstandard1.6)) (&& (< monoandroid) (< netstandard1.3)) (>= net463)
      System.Runtime.Extensions (>= 4.3) - restriction: || (&& (< monoandroid) (< monotouch) (< net46) (>= netstandard1.6) (< xamarinios) (< xamarinmac) (< xamarintvos) (< xamarinwatchos)) (&& (< monoandroid) (< netstandard1.3))
      System.Runtime.Handles (>= 4.3) - restriction: || (&& (< monoandroid) (< monotouch) (< net46) (>= netstandard1.6) (< xamarinios) (< xamarinmac) (< xamarintvos) (< xamarinwatchos)) (&& (< monoandroid) (< netstandard1.3))
      System.Runtime.InteropServices (>= 4.3) - restriction: || (&& (< monoandroid) (< monotouch) (< net46) (>= netstandard1.6) (< xamarinios) (< xamarinmac) (< xamarintvos) (< xamarinwatchos)) (&& (< monoandroid) (< netstandard1.3))
      System.Runtime.Numerics (>= 4.3) - restriction: && (< monoandroid) (< monotouch) (< net46) (>= netstandard1.6) (< xamarinios) (< xamarinmac) (< xamarintvos) (< xamarinwatchos)
      System.Security.Cryptography.Encoding (>= 4.3) - restriction: || (&& (< monoandroid) (< monotouch) (< net46) (>= netstandard1.6) (< xamarinios) (< xamarinmac) (< xamarintvos) (< xamarinwatchos)) (&& (< monoandroid) (< netstandard1.3)) (>= net463)
      System.Security.Cryptography.Primitives (>= 4.3) - restriction: || (&& (< monoandroid) (< monotouch) (< net46) (>= netstandard1.6) (< xamarinios) (< xamarinmac) (< xamarintvos) (< xamarinwatchos)) (&& (< monoandroid) (< net46) (>= netstandard1.3) (< netstandard1.4)) (&& (< monoandroid) (< net46) (>= netstandard1.4) (< netstandard1.6)) (&& (< monoandroid) (< netstandard1.3)) (&& (>= net46) (< netstandard1.4)) (&& (>= net461) (< netstandard1.6)) (>= net463)
      System.Text.Encoding (>= 4.3) - restriction: || (&& (< monoandroid) (< monotouch) (< net46) (>= netstandard1.6) (< xamarinios) (< xamarinmac) (< xamarintvos) (< xamarinwatchos)) (&& (< monoandroid) (< netstandard1.3))
    System.Security.Cryptography.Cng (4.5) - restriction: || (&& (< monoandroid) (< monotouch) (< net45) (>= netstandard1.6) (< netstandard2.0) (< win8) (< wpa81) (< xamarinios) (< xamarinmac) (< xamarintvos) (< xamarinwatchos)) (&& (< monoandroid) (< net45) (< netstandard1.3) (>= netstandard1.6) (< win8) (< wpa81)) (&& (< net45) (>= net46) (< netstandard1.3) (>= netstandard1.6)) (&& (< net45) (>= net46) (>= netstandard1.6) (< netstandard2.0)) (&& (>= netstandard1.6) (< portable-net45+win8+wp8+wpa81)) (&& (>= netstandard1.6) (< portable-net45+win8+wpa81))
      System.IO (>= 4.3) - restriction: || (&& (< monoandroid) (< monotouch) (< net46) (>= netstandard1.6) (< netstandard2.0) (< xamarinios) (< xamarinmac) (< xamarintvos) (< xamarinwatchos)) (&& (< monoandroid) (< net46) (>= netstandard1.3) (< netstandard1.4)) (&& (< monoandroid) (< net46) (>= netstandard1.4) (< netstandard1.6) (< uap10.1))
      System.Resources.ResourceManager (>= 4.3) - restriction: || (&& (< monoandroid) (< monotouch) (< net46) (>= netstandard1.6) (< netstandard2.0) (< xamarinios) (< xamarinmac) (< xamarintvos) (< xamarinwatchos)) (&& (< monoandroid) (< net46) (>= netstandard1.3) (< netstandard1.4)) (&& (< monoandroid) (< net46) (>= netstandard1.4) (< netstandard1.6) (< uap10.1))
      System.Runtime (>= 4.3) - restriction: || (&& (< monoandroid) (< monotouch) (< net46) (>= netstandard1.6) (< netstandard2.0) (< xamarinios) (< xamarinmac) (< xamarintvos) (< xamarinwatchos)) (&& (< monoandroid) (< net46) (>= netstandard1.3) (< netstandard1.4)) (&& (< monoandroid) (< net46) (>= netstandard1.4) (< netstandard1.6) (< uap10.1))
      System.Runtime.Extensions (>= 4.3) - restriction: || (&& (< monoandroid) (< monotouch) (< net46) (>= netstandard1.6) (< netstandard2.0) (< xamarinios) (< xamarinmac) (< xamarintvos) (< xamarinwatchos)) (&& (< monoandroid) (< net46) (>= netstandard1.4) (< netstandard1.6) (< uap10.1))
      System.Runtime.Handles (>= 4.3) - restriction: || (&& (< monoandroid) (< monotouch) (< net46) (>= netstandard1.6) (< netstandard2.0) (< xamarinios) (< xamarinmac) (< xamarintvos) (< xamarinwatchos)) (&& (< monoandroid) (< net46) (>= netstandard1.3) (< netstandard1.4)) (&& (< monoandroid) (< net46) (>= netstandard1.4) (< netstandard1.6) (< uap10.1))
      System.Runtime.InteropServices (>= 4.3) - restriction: || (&& (< monoandroid) (< monotouch) (< net46) (>= netstandard1.6) (< netstandard2.0) (< xamarinios) (< xamarinmac) (< xamarintvos) (< xamarinwatchos)) (&& (< monoandroid) (< net46) (>= netstandard1.3) (< netstandard1.4)) (&& (< monoandroid) (< net46) (>= netstandard1.4) (< netstandard1.6) (< uap10.1))
      System.Security.Cryptography.Algorithms (>= 4.3) - restriction: || (&& (< monoandroid) (< monotouch) (< net46) (>= netstandard1.6) (< netstandard2.0) (< xamarinios) (< xamarinmac) (< xamarintvos) (< xamarinwatchos)) (&& (< monoandroid) (< net46) (>= netstandard1.3) (< netstandard1.4)) (&& (< monoandroid) (< net46) (>= netstandard1.4) (< netstandard1.6) (< uap10.1)) (&& (>= net46) (< netstandard1.4))
      System.Security.Cryptography.Encoding (>= 4.3) - restriction: || (&& (< monoandroid) (< monotouch) (< net46) (>= netstandard1.6) (< netstandard2.0) (< xamarinios) (< xamarinmac) (< xamarintvos) (< xamarinwatchos)) (&& (< monoandroid) (< net46) (>= netstandard1.4) (< netstandard1.6) (< uap10.1))
      System.Security.Cryptography.Primitives (>= 4.3) - restriction: || (&& (< monoandroid) (< monotouch) (< net46) (>= netstandard1.6) (< netstandard2.0) (< xamarinios) (< xamarinmac) (< xamarintvos) (< xamarinwatchos)) (&& (< monoandroid) (< net46) (>= netstandard1.3) (< netstandard1.4)) (&& (< monoandroid) (< net46) (>= netstandard1.4) (< netstandard1.6) (< uap10.1)) (&& (>= net46) (< netstandard1.4))
      System.Text.Encoding (>= 4.3) - restriction: || (&& (< monoandroid) (< monotouch) (< net46) (>= netstandard1.6) (< netstandard2.0) (< xamarinios) (< xamarinmac) (< xamarintvos) (< xamarinwatchos)) (&& (< monoandroid) (< net46) (>= netstandard1.4) (< netstandard1.6) (< uap10.1))
    System.Security.Cryptography.Csp (4.3) - restriction: || (&& (< monoandroid) (< monotouch) (< net45) (>= netstandard1.6) (< netstandard2.0) (< win8) (< wpa81) (< xamarinios) (< xamarinmac) (< xamarintvos) (< xamarinwatchos)) (&& (< net45) (>= net46) (>= netstandard1.6) (< netstandard2.0)) (&& (>= netstandard1.6) (< portable-net45+win8+wp8+wpa81)) (&& (>= netstandard1.6) (< portable-net45+win8+wpa81))
      Microsoft.NETCore.Platforms (>= 1.1) - restriction: && (< monoandroid) (< monotouch) (< net46) (>= netstandard1.3) (< xamarinios) (< xamarinmac) (< xamarintvos) (< xamarinwatchos)
      System.IO (>= 4.3) - restriction: && (< monoandroid) (< monotouch) (< net46) (>= netstandard1.3) (< xamarinios) (< xamarinmac) (< xamarintvos) (< xamarinwatchos)
      System.Reflection (>= 4.3) - restriction: && (< monoandroid) (< monotouch) (< net46) (>= netstandard1.3) (< xamarinios) (< xamarinmac) (< xamarintvos) (< xamarinwatchos)
      System.Resources.ResourceManager (>= 4.3) - restriction: && (< monoandroid) (< monotouch) (< net46) (>= netstandard1.3) (< xamarinios) (< xamarinmac) (< xamarintvos) (< xamarinwatchos)
      System.Runtime (>= 4.3) - restriction: && (< monoandroid) (< monotouch) (< net46) (>= netstandard1.3) (< xamarinios) (< xamarinmac) (< xamarintvos) (< xamarinwatchos)
      System.Runtime.Extensions (>= 4.3) - restriction: && (< monoandroid) (< monotouch) (< net46) (>= netstandard1.3) (< xamarinios) (< xamarinmac) (< xamarintvos) (< xamarinwatchos)
      System.Runtime.Handles (>= 4.3) - restriction: && (< monoandroid) (< monotouch) (< net46) (>= netstandard1.3) (< xamarinios) (< xamarinmac) (< xamarintvos) (< xamarinwatchos)
      System.Runtime.InteropServices (>= 4.3) - restriction: && (< monoandroid) (< monotouch) (< net46) (>= netstandard1.3) (< xamarinios) (< xamarinmac) (< xamarintvos) (< xamarinwatchos)
      System.Security.Cryptography.Algorithms (>= 4.3) - restriction: || (&& (< monoandroid) (< monotouch) (>= netstandard1.3) (< xamarinios) (< xamarinmac) (< xamarintvos) (< xamarinwatchos)) (>= net46)
      System.Security.Cryptography.Encoding (>= 4.3) - restriction: && (< monoandroid) (< monotouch) (< net46) (>= netstandard1.3) (< xamarinios) (< xamarinmac) (< xamarintvos) (< xamarinwatchos)
      System.Security.Cryptography.Primitives (>= 4.3) - restriction: || (&& (< monoandroid) (< monotouch) (>= netstandard1.3) (< xamarinios) (< xamarinmac) (< xamarintvos) (< xamarinwatchos)) (>= net46)
      System.Text.Encoding (>= 4.3) - restriction: && (< monoandroid) (< monotouch) (< net46) (>= netstandard1.3) (< xamarinios) (< xamarinmac) (< xamarintvos) (< xamarinwatchos)
      System.Threading (>= 4.3) - restriction: && (< monoandroid) (< monotouch) (< net46) (>= netstandard1.3) (< xamarinios) (< xamarinmac) (< xamarintvos) (< xamarinwatchos)
    System.Security.Cryptography.Encoding (4.3) - restriction: || (&& (< monoandroid) (< monotouch) (< net45) (>= netstandard1.6) (< netstandard2.0) (< win8) (< wpa81) (< xamarinios) (< xamarinmac) (< xamarintvos) (< xamarinwatchos)) (&& (>= netstandard1.6) (< portable-net45+win8+wp8+wpa81))
      Microsoft.NETCore.Platforms (>= 1.1) - restriction: && (< monoandroid) (< monotouch) (< net46) (>= netstandard1.3) (< xamarinios) (< xamarinmac) (< xamarintvos) (< xamarinwatchos)
      runtime.native.System.Security.Cryptography.OpenSsl (>= 4.3) - restriction: && (< monoandroid) (< monotouch) (< net46) (>= netstandard1.3) (< xamarinios) (< xamarinmac) (< xamarintvos) (< xamarinwatchos)
      System.Collections (>= 4.3) - restriction: && (< monoandroid) (< monotouch) (< net46) (>= netstandard1.3) (< xamarinios) (< xamarinmac) (< xamarintvos) (< xamarinwatchos)
      System.Collections.Concurrent (>= 4.3) - restriction: && (< monoandroid) (< monotouch) (< net46) (>= netstandard1.3) (< xamarinios) (< xamarinmac) (< xamarintvos) (< xamarinwatchos)
      System.Linq (>= 4.3) - restriction: && (< monoandroid) (< monotouch) (< net46) (>= netstandard1.3) (< xamarinios) (< xamarinmac) (< xamarintvos) (< xamarinwatchos)
      System.Resources.ResourceManager (>= 4.3) - restriction: && (< monoandroid) (< monotouch) (< net46) (>= netstandard1.3) (< xamarinios) (< xamarinmac) (< xamarintvos) (< xamarinwatchos)
      System.Runtime (>= 4.3) - restriction: && (< monoandroid) (< monotouch) (< net46) (>= netstandard1.3) (< xamarinios) (< xamarinmac) (< xamarintvos) (< xamarinwatchos)
      System.Runtime.Extensions (>= 4.3) - restriction: && (< monoandroid) (< monotouch) (< net46) (>= netstandard1.3) (< xamarinios) (< xamarinmac) (< xamarintvos) (< xamarinwatchos)
      System.Runtime.Handles (>= 4.3) - restriction: && (< monoandroid) (< monotouch) (< net46) (>= netstandard1.3) (< xamarinios) (< xamarinmac) (< xamarintvos) (< xamarinwatchos)
      System.Runtime.InteropServices (>= 4.3) - restriction: && (< monoandroid) (< monotouch) (< net46) (>= netstandard1.3) (< xamarinios) (< xamarinmac) (< xamarintvos) (< xamarinwatchos)
      System.Security.Cryptography.Primitives (>= 4.3) - restriction: && (< monoandroid) (< monotouch) (< net46) (>= netstandard1.3) (< xamarinios) (< xamarinmac) (< xamarintvos) (< xamarinwatchos)
      System.Text.Encoding (>= 4.3) - restriction: && (< monoandroid) (< monotouch) (< net46) (>= netstandard1.3) (< xamarinios) (< xamarinmac) (< xamarintvos) (< xamarinwatchos)
    System.Security.Cryptography.OpenSsl (4.5) - restriction: || (&& (< monoandroid) (< monotouch) (< net45) (>= netstandard1.6) (< netstandard2.0) (< win8) (< wpa81) (< xamarinios) (< xamarinmac) (< xamarintvos) (< xamarinwatchos)) (&& (>= netstandard1.6) (< portable-net45+win8+wp8+wpa81))
      System.Collections (>= 4.3) - restriction: && (>= netstandard1.6) (< netstandard2.0)
      System.IO (>= 4.3) - restriction: && (>= netstandard1.6) (< netstandard2.0)
      System.Resources.ResourceManager (>= 4.3) - restriction: && (>= netstandard1.6) (< netstandard2.0)
      System.Runtime (>= 4.3) - restriction: && (>= netstandard1.6) (< netstandard2.0)
      System.Runtime.Extensions (>= 4.3) - restriction: && (>= netstandard1.6) (< netstandard2.0)
      System.Runtime.Handles (>= 4.3) - restriction: && (>= netstandard1.6) (< netstandard2.0)
      System.Runtime.InteropServices (>= 4.3) - restriction: && (>= netstandard1.6) (< netstandard2.0)
      System.Runtime.Numerics (>= 4.3) - restriction: && (>= netstandard1.6) (< netstandard2.0)
      System.Security.Cryptography.Algorithms (>= 4.3) - restriction: && (>= netstandard1.6) (< netstandard2.0)
      System.Security.Cryptography.Encoding (>= 4.3) - restriction: && (>= netstandard1.6) (< netstandard2.0)
      System.Security.Cryptography.Primitives (>= 4.3) - restriction: && (>= netstandard1.6) (< netstandard2.0)
      System.Text.Encoding (>= 4.3) - restriction: && (>= netstandard1.6) (< netstandard2.0)
    System.Security.Cryptography.Primitives (4.3) - restriction: || (&& (< monoandroid) (< monotouch) (< net45) (>= netstandard1.6) (< netstandard2.0) (< win8) (< wpa81) (< xamarinios) (< xamarinmac) (< xamarintvos) (< xamarinwatchos)) (&& (>= netstandard1.6) (< portable-net45+win8+wp8+wpa81))
      System.Diagnostics.Debug (>= 4.3) - restriction: && (< monoandroid) (< monotouch) (< net46) (>= netstandard1.3) (< xamarinios) (< xamarinmac) (< xamarintvos) (< xamarinwatchos)
      System.Globalization (>= 4.3) - restriction: && (< monoandroid) (< monotouch) (< net46) (>= netstandard1.3) (< xamarinios) (< xamarinmac) (< xamarintvos) (< xamarinwatchos)
      System.IO (>= 4.3) - restriction: && (< monoandroid) (< monotouch) (< net46) (>= netstandard1.3) (< xamarinios) (< xamarinmac) (< xamarintvos) (< xamarinwatchos)
      System.Resources.ResourceManager (>= 4.3) - restriction: && (< monoandroid) (< monotouch) (< net46) (>= netstandard1.3) (< xamarinios) (< xamarinmac) (< xamarintvos) (< xamarinwatchos)
      System.Runtime (>= 4.3) - restriction: && (< monoandroid) (< monotouch) (< net46) (>= netstandard1.3) (< xamarinios) (< xamarinmac) (< xamarintvos) (< xamarinwatchos)
      System.Threading (>= 4.3) - restriction: && (< monoandroid) (< monotouch) (< net46) (>= netstandard1.3) (< xamarinios) (< xamarinmac) (< xamarintvos) (< xamarinwatchos)
      System.Threading.Tasks (>= 4.3) - restriction: && (< monoandroid) (< monotouch) (< net46) (>= netstandard1.3) (< xamarinios) (< xamarinmac) (< xamarintvos) (< xamarinwatchos)
    System.Security.Cryptography.X509Certificates (4.3.2) - restriction: || (&& (< monoandroid) (< monotouch) (< net45) (>= netstandard1.6) (< netstandard2.0) (< win8) (< wpa81) (< xamarinios) (< xamarinmac) (< xamarintvos) (< xamarinwatchos)) (&& (< net45) (>= net46) (>= netstandard1.6) (< netstandard2.0)) (&& (>= netstandard1.6) (< portable-net45+win8+wp8+wpa81)) (&& (>= netstandard1.6) (< portable-net45+win8+wpa81))
      Microsoft.NETCore.Platforms (>= 1.1) - restriction: || (&& (< monoandroid) (< monotouch) (< net46) (>= netstandard1.6) (< xamarinios) (< xamarinmac) (< xamarintvos) (< xamarinwatchos)) (&& (< monoandroid) (< netstandard1.3))
      runtime.native.System (>= 4.3) - restriction: && (< monoandroid) (< monotouch) (< net46) (>= netstandard1.6) (< xamarinios) (< xamarinmac) (< xamarintvos) (< xamarinwatchos)
      runtime.native.System.Net.Http (>= 4.3) - restriction: && (< monoandroid) (< monotouch) (< net46) (>= netstandard1.6) (< xamarinios) (< xamarinmac) (< xamarintvos) (< xamarinwatchos)
      runtime.native.System.Security.Cryptography.OpenSsl (>= 4.3.2) - restriction: && (< monoandroid) (< monotouch) (< net46) (>= netstandard1.6) (< xamarinios) (< xamarinmac) (< xamarintvos) (< xamarinwatchos)
      System.Collections (>= 4.3) - restriction: || (&& (< monoandroid) (< monotouch) (< net46) (>= netstandard1.6) (< xamarinios) (< xamarinmac) (< xamarintvos) (< xamarinwatchos)) (&& (< monoandroid) (< netstandard1.3))
      System.Diagnostics.Debug (>= 4.3) - restriction: && (< monoandroid) (< monotouch) (< net46) (>= netstandard1.6) (< xamarinios) (< xamarinmac) (< xamarintvos) (< xamarinwatchos)
      System.Globalization (>= 4.3) - restriction: || (&& (< monoandroid) (< monotouch) (< net46) (>= netstandard1.6) (< xamarinios) (< xamarinmac) (< xamarintvos) (< xamarinwatchos)) (&& (< monoandroid) (< netstandard1.3))
      System.Globalization.Calendars (>= 4.3) - restriction: || (&& (< monoandroid) (< monotouch) (< net46) (>= netstandard1.6) (< xamarinios) (< xamarinmac) (< xamarintvos) (< xamarinwatchos)) (&& (< monoandroid) (< netstandard1.3))
      System.IO (>= 4.3) - restriction: || (&& (< monoandroid) (< monotouch) (< net46) (>= netstandard1.6) (< xamarinios) (< xamarinmac) (< xamarintvos) (< xamarinwatchos)) (&& (< monoandroid) (< netstandard1.3))
      System.IO.FileSystem (>= 4.3) - restriction: || (&& (< monoandroid) (< monotouch) (< net46) (>= netstandard1.6) (< xamarinios) (< xamarinmac) (< xamarintvos) (< xamarinwatchos)) (&& (< monoandroid) (< netstandard1.3))
      System.IO.FileSystem.Primitives (>= 4.3) - restriction: && (< monoandroid) (< monotouch) (< net46) (>= netstandard1.6) (< xamarinios) (< xamarinmac) (< xamarintvos) (< xamarinwatchos)
      System.Resources.ResourceManager (>= 4.3) - restriction: || (&& (< monoandroid) (< monotouch) (< net46) (>= netstandard1.6) (< xamarinios) (< xamarinmac) (< xamarintvos) (< xamarinwatchos)) (&& (< monoandroid) (< netstandard1.3))
      System.Runtime (>= 4.3) - restriction: || (&& (< monoandroid) (< monotouch) (< net46) (>= netstandard1.6) (< xamarinios) (< xamarinmac) (< xamarintvos) (< xamarinwatchos)) (&& (< monoandroid) (< net46) (>= netstandard1.3) (< netstandard1.4)) (&& (< monoandroid) (< net46) (>= netstandard1.4) (< netstandard1.6)) (&& (< monoandroid) (< netstandard1.3))
      System.Runtime.Extensions (>= 4.3) - restriction: || (&& (< monoandroid) (< monotouch) (< net46) (>= netstandard1.6) (< xamarinios) (< xamarinmac) (< xamarintvos) (< xamarinwatchos)) (&& (< monoandroid) (< netstandard1.3))
      System.Runtime.Handles (>= 4.3) - restriction: || (&& (< monoandroid) (< monotouch) (< net46) (>= netstandard1.6) (< xamarinios) (< xamarinmac) (< xamarintvos) (< xamarinwatchos)) (&& (< monoandroid) (< net46) (>= netstandard1.3) (< netstandard1.4)) (&& (< monoandroid) (< net46) (>= netstandard1.4) (< netstandard1.6)) (&& (< monoandroid) (< netstandard1.3))
      System.Runtime.InteropServices (>= 4.3) - restriction: || (&& (< monoandroid) (< monotouch) (< net46) (>= netstandard1.6) (< xamarinios) (< xamarinmac) (< xamarintvos) (< xamarinwatchos)) (&& (< monoandroid) (< netstandard1.3))
      System.Runtime.Numerics (>= 4.3) - restriction: || (&& (< monoandroid) (< monotouch) (< net46) (>= netstandard1.6) (< xamarinios) (< xamarinmac) (< xamarintvos) (< xamarinwatchos)) (&& (< monoandroid) (< netstandard1.3))
      System.Security.Cryptography.Algorithms (>= 4.3) - restriction: || (&& (< monoandroid) (< monotouch) (< net46) (>= netstandard1.6) (< xamarinios) (< xamarinmac) (< xamarintvos) (< xamarinwatchos)) (&& (< monoandroid) (< net46) (>= netstandard1.3) (< netstandard1.4)) (&& (< monoandroid) (< net46) (>= netstandard1.4) (< netstandard1.6)) (&& (< monoandroid) (< netstandard1.3)) (&& (>= net46) (< netstandard1.4)) (>= net461)
      System.Security.Cryptography.Cng (>= 4.3) - restriction: || (&& (< monoandroid) (< monotouch) (< net46) (>= netstandard1.6) (< xamarinios) (< xamarinmac) (< xamarintvos) (< xamarinwatchos)) (&& (< monoandroid) (< netstandard1.3))
      System.Security.Cryptography.Csp (>= 4.3) - restriction: && (< monoandroid) (< monotouch) (< net46) (>= netstandard1.6) (< xamarinios) (< xamarinmac) (< xamarintvos) (< xamarinwatchos)
      System.Security.Cryptography.Encoding (>= 4.3) - restriction: || (&& (< monoandroid) (< monotouch) (< net46) (>= netstandard1.6) (< xamarinios) (< xamarinmac) (< xamarintvos) (< xamarinwatchos)) (&& (< monoandroid) (< net46) (>= netstandard1.3) (< netstandard1.4)) (&& (< monoandroid) (< net46) (>= netstandard1.4) (< netstandard1.6)) (&& (< monoandroid) (< netstandard1.3)) (&& (>= net46) (< netstandard1.4)) (>= net461)
      System.Security.Cryptography.OpenSsl (>= 4.3) - restriction: && (< monoandroid) (< monotouch) (< net46) (>= netstandard1.6) (< xamarinios) (< xamarinmac) (< xamarintvos) (< xamarinwatchos)
      System.Security.Cryptography.Primitives (>= 4.3) - restriction: || (&& (< monoandroid) (< monotouch) (< net46) (>= netstandard1.6) (< xamarinios) (< xamarinmac) (< xamarintvos) (< xamarinwatchos)) (&& (< monoandroid) (< netstandard1.3))
      System.Text.Encoding (>= 4.3) - restriction: || (&& (< monoandroid) (< monotouch) (< net46) (>= netstandard1.6) (< xamarinios) (< xamarinmac) (< xamarintvos) (< xamarinwatchos)) (&& (< monoandroid) (< netstandard1.3))
      System.Threading (>= 4.3) - restriction: || (&& (< monoandroid) (< monotouch) (< net46) (>= netstandard1.6) (< xamarinios) (< xamarinmac) (< xamarintvos) (< xamarinwatchos)) (&& (< monoandroid) (< netstandard1.3))
    System.Text.Encoding (4.3) - restriction: || (&& (< monoandroid) (< monotouch) (< net45) (>= netstandard1.6) (< netstandard2.0) (< win8) (< wpa81) (< xamarinios) (< xamarinmac) (< xamarintvos) (< xamarinwatchos)) (&& (< monoandroid) (< net45) (< netstandard1.3) (>= netstandard1.6) (< win8) (< wpa81)) (&& (< monoandroid) (< net45) (< netstandard1.5) (>= netstandard1.6) (< win8) (< wpa81)) (&& (< net45) (>= netstandard2.0) (< win8) (< wpa81)) (&& (>= netstandard1.6) (< portable-net45+win8+wp8+wpa81)) (&& (>= netstandard2.0) (< portable-net45+win8+wp8+wpa81))
      Microsoft.NETCore.Platforms (>= 1.1) - restriction: || (&& (< monoandroid) (< monotouch) (< net45) (>= netstandard1.3) (< win8) (< wpa81) (< xamarinios) (< xamarinmac) (< xamarintvos) (< xamarinwatchos)) (&& (< monoandroid) (< net45) (>= netstandard1.0) (< netstandard1.3) (< win8) (< wp8) (< wpa81)) (< portable-net45+win8+wp8+wpa81)
      Microsoft.NETCore.Targets (>= 1.1) - restriction: || (&& (< monoandroid) (< monotouch) (< net45) (>= netstandard1.3) (< win8) (< wpa81) (< xamarinios) (< xamarinmac) (< xamarintvos) (< xamarinwatchos)) (&& (< monoandroid) (< net45) (>= netstandard1.0) (< netstandard1.3) (< win8) (< wp8) (< wpa81)) (< portable-net45+win8+wp8+wpa81)
      System.Runtime (>= 4.3) - restriction: || (&& (< monoandroid) (< monotouch) (< net45) (>= netstandard1.3) (< win8) (< wpa81) (< xamarinios) (< xamarinmac) (< xamarintvos) (< xamarinwatchos)) (&& (< monoandroid) (< net45) (>= netstandard1.0) (< netstandard1.3) (< win8) (< wp8) (< wpa81)) (< portable-net45+win8+wp8+wpa81)
    System.Text.Encoding.Extensions (4.3) - restriction: || (&& (< net45) (>= netstandard2.0)) (&& (>= netstandard2.0) (< portable-net45+win8+wp8+wpa81))
      Microsoft.NETCore.Platforms (>= 1.1) - restriction: || (&& (< monoandroid) (< monotouch) (< net45) (>= netstandard1.3) (< win8) (< wpa81) (< xamarinios) (< xamarinmac) (< xamarintvos) (< xamarinwatchos)) (&& (< monoandroid) (< net45) (>= netstandard1.0) (< netstandard1.3) (< win8) (< wp8) (< wpa81)) (< portable-net45+win8+wp8+wpa81)
      Microsoft.NETCore.Targets (>= 1.1) - restriction: || (&& (< monoandroid) (< monotouch) (< net45) (>= netstandard1.3) (< win8) (< wpa81) (< xamarinios) (< xamarinmac) (< xamarintvos) (< xamarinwatchos)) (&& (< monoandroid) (< net45) (>= netstandard1.0) (< netstandard1.3) (< win8) (< wp8) (< wpa81)) (< portable-net45+win8+wp8+wpa81)
      System.Runtime (>= 4.3) - restriction: || (&& (< monoandroid) (< monotouch) (< net45) (>= netstandard1.3) (< win8) (< wpa81) (< xamarinios) (< xamarinmac) (< xamarintvos) (< xamarinwatchos)) (&& (< monoandroid) (< net45) (>= netstandard1.0) (< netstandard1.3) (< win8) (< wp8) (< wpa81)) (< portable-net45+win8+wp8+wpa81)
      System.Text.Encoding (>= 4.3) - restriction: || (&& (< monoandroid) (< monotouch) (< net45) (>= netstandard1.3) (< win8) (< wpa81) (< xamarinios) (< xamarinmac) (< xamarintvos) (< xamarinwatchos)) (&& (< monoandroid) (< net45) (>= netstandard1.0) (< netstandard1.3) (< win8) (< wp8) (< wpa81)) (< portable-net45+win8+wp8+wpa81)
    System.Text.RegularExpressions (4.3) - restriction: || (&& (< net45) (>= netstandard1.6) (< netstandard2.0)) (&& (< net45) (>= netstandard2.0) (< win8) (< wpa81)) (&& (>= netstandard2.0) (< portable-net45+win8+wp8+wpa81))
      System.Collections (>= 4.3) - restriction: || (&& (< monoandroid) (< monotouch) (< net45) (< netcoreapp1.1) (>= netstandard1.6) (< xamarinios) (< xamarinmac) (< xamarintvos) (< xamarinwatchos)) (< portable-net45+win8+wp8+wpa81)
      System.Globalization (>= 4.3) - restriction: || (&& (< monoandroid) (< monotouch) (< net45) (< netcoreapp1.1) (>= netstandard1.6) (< xamarinios) (< xamarinmac) (< xamarintvos) (< xamarinwatchos)) (< portable-net45+win8+wp8+wpa81)
      System.Resources.ResourceManager (>= 4.3) - restriction: || (&& (< monoandroid) (< monotouch) (< net45) (< netcoreapp1.1) (>= netstandard1.6) (< xamarinios) (< xamarinmac) (< xamarintvos) (< xamarinwatchos)) (< portable-net45+win8+wp8+wpa81)
      System.Runtime (>= 4.3) - restriction: || (&& (< monoandroid) (< monotouch) (< net45) (>= netstandard1.6) (< xamarinios) (< xamarinmac) (< xamarintvos) (< xamarinwatchos)) (&& (< monoandroid) (< net45) (>= netstandard1.0) (< netstandard1.3) (< win8) (< wp8) (< wpa81)) (&& (< monoandroid) (< net45) (>= netstandard1.3) (< netstandard1.6) (< win8) (< wpa81)) (>= netcoreapp1.1) (< portable-net45+win8+wp8+wpa81)
      System.Runtime.Extensions (>= 4.3) - restriction: || (&& (< monoandroid) (< monotouch) (< net45) (< netcoreapp1.1) (>= netstandard1.6) (< xamarinios) (< xamarinmac) (< xamarintvos) (< xamarinwatchos)) (< portable-net45+win8+wp8+wpa81)
      System.Threading (>= 4.3) - restriction: || (&& (< monoandroid) (< monotouch) (< net45) (< netcoreapp1.1) (>= netstandard1.6) (< xamarinios) (< xamarinmac) (< xamarintvos) (< xamarinwatchos)) (< portable-net45+win8+wp8+wpa81)
    System.Threading (4.3) - restriction: || (&& (< net45) (>= netstandard1.6) (< netstandard2.0)) (&& (< net45) (>= netstandard2.0)) (&& (>= netcoreapp1.1) (>= netstandard2.0)) (&& (>= netstandard1.6) (< portable-net45+win8+wp8+wpa81)) (&& (>= netstandard2.0) (< portable-net45+win8+wp8+wpa81))
      System.Runtime (>= 4.3) - restriction: || (&& (< monoandroid) (< monotouch) (< net45) (>= netstandard1.3) (< win8) (< wpa81) (< xamarinios) (< xamarinmac) (< xamarintvos) (< xamarinwatchos)) (&& (< monoandroid) (< net45) (>= netstandard1.0) (< netstandard1.3) (< win8) (< wp8) (< wpa81)) (< portable-net45+win8+wp8+wpa81)
      System.Threading.Tasks (>= 4.3) - restriction: || (&& (< monoandroid) (< monotouch) (< net45) (>= netstandard1.3) (< win8) (< wpa81) (< xamarinios) (< xamarinmac) (< xamarintvos) (< xamarinwatchos)) (&& (< monoandroid) (< net45) (>= netstandard1.0) (< netstandard1.3) (< win8) (< wp8) (< wpa81)) (< portable-net45+win8+wp8+wpa81)
    System.Threading.Tasks (4.3) - restriction: || (&& (< monoandroid) (< net45) (< netstandard1.3) (>= netstandard1.6) (< win8) (< wpa81)) (&& (< monoandroid) (< net45) (< netstandard1.5) (>= netstandard1.6) (< win8) (< wpa81)) (&& (< net45) (>= netstandard1.6) (< netstandard2.0)) (&& (< net45) (>= netstandard2.0) (< win8) (< wpa81)) (&& (>= netstandard1.6) (< portable-net45+win8+wp8+wpa81)) (&& (>= netstandard2.0) (< portable-net45+win8+wp8+wpa81))
      Microsoft.NETCore.Platforms (>= 1.1) - restriction: || (&& (< monoandroid) (< monotouch) (< net45) (>= netstandard1.3) (< win8) (< wpa81) (< xamarinios) (< xamarinmac) (< xamarintvos) (< xamarinwatchos)) (&& (< monoandroid) (< net45) (>= netstandard1.0) (< netstandard1.3) (< win8) (< wp8) (< wpa81)) (< portable-net45+win8+wp8+wpa81)
      Microsoft.NETCore.Targets (>= 1.1) - restriction: || (&& (< monoandroid) (< monotouch) (< net45) (>= netstandard1.3) (< win8) (< wpa81) (< xamarinios) (< xamarinmac) (< xamarintvos) (< xamarinwatchos)) (&& (< monoandroid) (< net45) (>= netstandard1.0) (< netstandard1.3) (< win8) (< wp8) (< wpa81)) (< portable-net45+win8+wp8+wpa81)
      System.Runtime (>= 4.3) - restriction: || (&& (< monoandroid) (< monotouch) (< net45) (>= netstandard1.3) (< win8) (< wpa81) (< xamarinios) (< xamarinmac) (< xamarintvos) (< xamarinwatchos)) (&& (< monoandroid) (< net45) (>= netstandard1.0) (< netstandard1.3) (< win8) (< wp8) (< wpa81)) (< portable-net45+win8+wp8+wpa81)
    System.Threading.Tasks.Extensions (4.5.1) - restriction: || (&& (< net45) (>= netstandard2.0) (< win8) (< wpa81)) (&& (>= netstandard2.0) (< portable-net45+win8+wp8+wpa81))
      System.Runtime.CompilerServices.Unsafe (>= 4.5) - restriction: || (&& (< monoandroid) (< monotouch) (>= netstandard1.0) (< netstandard2.0) (< win8) (< wpa81) (< xamarinios) (< xamarinmac) (< xamarintvos) (< xamarinwatchos)) (&& (< monoandroid) (< netstandard1.0) (>= portable-net45+win8+wp8+wpa81) (< win8)) (>= net45) (&& (< netcoreapp2.1) (>= netstandard2.0)) (&& (< netstandard1.0) (>= win8)) (&& (< netstandard2.0) (>= wpa81)) (>= wp8)
    System.Threading.Tasks.Parallel (4.3) - restriction: && (< net45) (>= netstandard1.6) (< netstandard2.0)
      System.Collections.Concurrent (>= 4.3) - restriction: || (&& (< monoandroid) (< monotouch) (< net45) (>= netstandard1.3) (< win8) (< wpa81) (< xamarinios) (< xamarinmac) (< xamarintvos) (< xamarinwatchos)) (&& (< monoandroid) (< net45) (>= netstandard1.1) (< netstandard1.3) (< win8) (< wpa81)) (< portable-net45+win8+wpa81)
      System.Diagnostics.Debug (>= 4.3) - restriction: || (&& (< monoandroid) (< monotouch) (< net45) (>= netstandard1.3) (< win8) (< wpa81) (< xamarinios) (< xamarinmac) (< xamarintvos) (< xamarinwatchos)) (< portable-net45+win8+wpa81)
      System.Diagnostics.Tracing (>= 4.3) - restriction: || (&& (< monoandroid) (< monotouch) (< net45) (>= netstandard1.3) (< win8) (< wpa81) (< xamarinios) (< xamarinmac) (< xamarintvos) (< xamarinwatchos)) (< portable-net45+win8+wpa81)
      System.Resources.ResourceManager (>= 4.3) - restriction: || (&& (< monoandroid) (< monotouch) (< net45) (>= netstandard1.3) (< win8) (< wpa81) (< xamarinios) (< xamarinmac) (< xamarintvos) (< xamarinwatchos)) (< portable-net45+win8+wpa81)
      System.Runtime (>= 4.3) - restriction: || (&& (< monoandroid) (< monotouch) (< net45) (>= netstandard1.3) (< win8) (< wpa81) (< xamarinios) (< xamarinmac) (< xamarintvos) (< xamarinwatchos)) (&& (< monoandroid) (< net45) (>= netstandard1.1) (< netstandard1.3) (< win8) (< wpa81)) (< portable-net45+win8+wpa81)
      System.Runtime.Extensions (>= 4.3) - restriction: || (&& (< monoandroid) (< monotouch) (< net45) (>= netstandard1.3) (< win8) (< wpa81) (< xamarinios) (< xamarinmac) (< xamarintvos) (< xamarinwatchos)) (< portable-net45+win8+wpa81)
      System.Threading (>= 4.3) - restriction: || (&& (< monoandroid) (< monotouch) (< net45) (>= netstandard1.3) (< win8) (< wpa81) (< xamarinios) (< xamarinmac) (< xamarintvos) (< xamarinwatchos)) (< portable-net45+win8+wpa81)
      System.Threading.Tasks (>= 4.3) - restriction: || (&& (< monoandroid) (< monotouch) (< net45) (>= netstandard1.3) (< win8) (< wpa81) (< xamarinios) (< xamarinmac) (< xamarintvos) (< xamarinwatchos)) (&& (< monoandroid) (< net45) (>= netstandard1.1) (< netstandard1.3) (< win8) (< wpa81)) (< portable-net45+win8+wpa81)
    System.Threading.Thread (4.3) - restriction: && (< net45) (>= netstandard1.6) (< netstandard2.0)
      System.Runtime (>= 4.3) - restriction: && (< monoandroid) (< monotouch) (< net46) (>= netstandard1.3) (< xamarinios) (< xamarinmac) (< xamarintvos) (< xamarinwatchos)
    System.Threading.ThreadPool (4.3) - restriction: && (< net45) (>= netstandard1.6) (< netstandard2.0)
      System.Runtime (>= 4.3) - restriction: && (< monoandroid) (< monotouch) (< net46) (>= netstandard1.3) (< xamarinios) (< xamarinmac) (< xamarintvos) (< xamarinwatchos)
      System.Runtime.Handles (>= 4.3) - restriction: && (< monoandroid) (< monotouch) (< net46) (>= netstandard1.3) (< xamarinios) (< xamarinmac) (< xamarintvos) (< xamarinwatchos)
    System.Threading.Timer (4.3) - restriction: || (&& (< net45) (>= netstandard1.6) (< netstandard2.0)) (&& (< net45) (>= netstandard2.0))
      Microsoft.NETCore.Platforms (>= 1.1) - restriction: || (&& (< monoandroid) (< monotouch) (< net451) (>= netstandard1.2) (< win81) (< wpa81) (< xamarinios) (< xamarinmac) (< xamarintvos) (< xamarinwatchos)) (< portable-net451+win81+wpa81)
      Microsoft.NETCore.Targets (>= 1.1) - restriction: || (&& (< monoandroid) (< monotouch) (< net451) (>= netstandard1.2) (< win81) (< wpa81) (< xamarinios) (< xamarinmac) (< xamarintvos) (< xamarinwatchos)) (< portable-net451+win81+wpa81)
      System.Runtime (>= 4.3) - restriction: || (&& (< monoandroid) (< monotouch) (< net451) (>= netstandard1.2) (< win81) (< wpa81) (< xamarinios) (< xamarinmac) (< xamarintvos) (< xamarinwatchos)) (< portable-net451+win81+wpa81)
    System.ValueTuple (4.5) - restriction: || (&& (>= net45) (< net46) (< netstandard1.6) (>= netstandard2.0)) (&& (< net45) (>= netstandard2.0)) (&& (>= net46) (< netstandard1.6) (>= netstandard2.0)) (&& (>= net47) (>= netstandard2.0))
    System.Xml.ReaderWriter (4.3.1) - restriction: || (&& (< net45) (>= netstandard2.0) (< win8) (< wpa81)) (&& (>= netstandard2.0) (< portable-net45+win8+wp8+wpa81))
      System.Collections (>= 4.3) - restriction: || (&& (< monoandroid) (< monotouch) (< net45) (>= netstandard1.3) (< win8) (< wpa81) (< xamarinios) (< xamarinmac) (< xamarintvos) (< xamarinwatchos)) (< portable-net45+win8+wp8+wpa81)
      System.Diagnostics.Debug (>= 4.3) - restriction: || (&& (< monoandroid) (< monotouch) (< net45) (>= netstandard1.3) (< win8) (< wpa81) (< xamarinios) (< xamarinmac) (< xamarintvos) (< xamarinwatchos)) (< portable-net45+win8+wp8+wpa81)
      System.Globalization (>= 4.3) - restriction: || (&& (< monoandroid) (< monotouch) (< net45) (>= netstandard1.3) (< win8) (< wpa81) (< xamarinios) (< xamarinmac) (< xamarintvos) (< xamarinwatchos)) (< portable-net45+win8+wp8+wpa81)
      System.IO (>= 4.3) - restriction: || (&& (< monoandroid) (< monotouch) (< net45) (>= netstandard1.3) (< win8) (< wpa81) (< xamarinios) (< xamarinmac) (< xamarintvos) (< xamarinwatchos)) (&& (< monoandroid) (< net45) (>= netstandard1.0) (< netstandard1.3) (< win8) (< wp8) (< wpa81)) (< portable-net45+win8+wp8+wpa81)
      System.IO.FileSystem (>= 4.3) - restriction: || (&& (< monoandroid) (< monotouch) (< net45) (>= netstandard1.3) (< win8) (< wpa81) (< xamarinios) (< xamarinmac) (< xamarintvos) (< xamarinwatchos)) (< portable-net45+win8+wp8+wpa81)
      System.IO.FileSystem.Primitives (>= 4.3) - restriction: || (&& (< monoandroid) (< monotouch) (< net45) (>= netstandard1.3) (< win8) (< wpa81) (< xamarinios) (< xamarinmac) (< xamarintvos) (< xamarinwatchos)) (< portable-net45+win8+wp8+wpa81)
      System.Resources.ResourceManager (>= 4.3) - restriction: || (&& (< monoandroid) (< monotouch) (< net45) (>= netstandard1.3) (< win8) (< wpa81) (< xamarinios) (< xamarinmac) (< xamarintvos) (< xamarinwatchos)) (< portable-net45+win8+wp8+wpa81)
      System.Runtime (>= 4.3) - restriction: || (&& (< monoandroid) (< monotouch) (< net45) (>= netstandard1.3) (< win8) (< wpa81) (< xamarinios) (< xamarinmac) (< xamarintvos) (< xamarinwatchos)) (&& (< monoandroid) (< net45) (>= netstandard1.0) (< netstandard1.3) (< win8) (< wp8) (< wpa81)) (< portable-net45+win8+wp8+wpa81)
      System.Runtime.Extensions (>= 4.3) - restriction: || (&& (< monoandroid) (< monotouch) (< net45) (>= netstandard1.3) (< win8) (< wpa81) (< xamarinios) (< xamarinmac) (< xamarintvos) (< xamarinwatchos)) (< portable-net45+win8+wp8+wpa81)
      System.Runtime.InteropServices (>= 4.3) - restriction: || (&& (< monoandroid) (< monotouch) (< net45) (>= netstandard1.3) (< win8) (< wpa81) (< xamarinios) (< xamarinmac) (< xamarintvos) (< xamarinwatchos)) (< portable-net45+win8+wp8+wpa81)
      System.Text.Encoding (>= 4.3) - restriction: || (&& (< monoandroid) (< monotouch) (< net45) (>= netstandard1.3) (< win8) (< wpa81) (< xamarinios) (< xamarinmac) (< xamarintvos) (< xamarinwatchos)) (&& (< monoandroid) (< net45) (>= netstandard1.0) (< netstandard1.3) (< win8) (< wp8) (< wpa81)) (< portable-net45+win8+wp8+wpa81)
      System.Text.Encoding.Extensions (>= 4.3) - restriction: || (&& (< monoandroid) (< monotouch) (< net45) (>= netstandard1.3) (< win8) (< wpa81) (< xamarinios) (< xamarinmac) (< xamarintvos) (< xamarinwatchos)) (< portable-net45+win8+wp8+wpa81)
      System.Text.RegularExpressions (>= 4.3) - restriction: || (&& (< monoandroid) (< monotouch) (< net45) (>= netstandard1.3) (< win8) (< wpa81) (< xamarinios) (< xamarinmac) (< xamarintvos) (< xamarinwatchos)) (< portable-net45+win8+wp8+wpa81)
      System.Threading.Tasks (>= 4.3) - restriction: || (&& (< monoandroid) (< monotouch) (< net45) (>= netstandard1.3) (< win8) (< wpa81) (< xamarinios) (< xamarinmac) (< xamarintvos) (< xamarinwatchos)) (&& (< monoandroid) (< net45) (>= netstandard1.0) (< netstandard1.3) (< win8) (< wp8) (< wpa81)) (< portable-net45+win8+wp8+wpa81)
      System.Threading.Tasks.Extensions (>= 4.3) - restriction: || (&& (< monoandroid) (< monotouch) (< net45) (>= netstandard1.3) (< win8) (< wpa81) (< xamarinios) (< xamarinmac) (< xamarintvos) (< xamarinwatchos)) (< portable-net45+win8+wp8+wpa81)
    System.Xml.XDocument (4.3) - restriction: || (&& (< net45) (>= netstandard2.0) (< win8) (< wpa81)) (&& (>= netstandard2.0) (< portable-net45+win8+wp8+wpa81))
      System.Collections (>= 4.3) - restriction: || (&& (< monoandroid) (< monotouch) (< net45) (>= netstandard1.3) (< win8) (< wpa81) (< xamarinios) (< xamarinmac) (< xamarintvos) (< xamarinwatchos)) (< portable-net45+win8+wp8+wpa81)
      System.Diagnostics.Debug (>= 4.3) - restriction: || (&& (< monoandroid) (< monotouch) (< net45) (>= netstandard1.3) (< win8) (< wpa81) (< xamarinios) (< xamarinmac) (< xamarintvos) (< xamarinwatchos)) (< portable-net45+win8+wp8+wpa81)
      System.Diagnostics.Tools (>= 4.3) - restriction: || (&& (< monoandroid) (< monotouch) (< net45) (>= netstandard1.3) (< win8) (< wpa81) (< xamarinios) (< xamarinmac) (< xamarintvos) (< xamarinwatchos)) (< portable-net45+win8+wp8+wpa81)
      System.Globalization (>= 4.3) - restriction: || (&& (< monoandroid) (< monotouch) (< net45) (>= netstandard1.3) (< win8) (< wpa81) (< xamarinios) (< xamarinmac) (< xamarintvos) (< xamarinwatchos)) (< portable-net45+win8+wp8+wpa81)
      System.IO (>= 4.3) - restriction: || (&& (< monoandroid) (< monotouch) (< net45) (>= netstandard1.3) (< win8) (< wpa81) (< xamarinios) (< xamarinmac) (< xamarintvos) (< xamarinwatchos)) (&& (< monoandroid) (< net45) (>= netstandard1.0) (< netstandard1.3) (< win8) (< wp8) (< wpa81)) (< portable-net45+win8+wp8+wpa81)
      System.Reflection (>= 4.3) - restriction: || (&& (< monoandroid) (< monotouch) (< net45) (>= netstandard1.3) (< win8) (< wpa81) (< xamarinios) (< xamarinmac) (< xamarintvos) (< xamarinwatchos)) (< portable-net45+win8+wp8+wpa81)
      System.Resources.ResourceManager (>= 4.3) - restriction: || (&& (< monoandroid) (< monotouch) (< net45) (>= netstandard1.3) (< win8) (< wpa81) (< xamarinios) (< xamarinmac) (< xamarintvos) (< xamarinwatchos)) (< portable-net45+win8+wp8+wpa81)
      System.Runtime (>= 4.3) - restriction: || (&& (< monoandroid) (< monotouch) (< net45) (>= netstandard1.3) (< win8) (< wpa81) (< xamarinios) (< xamarinmac) (< xamarintvos) (< xamarinwatchos)) (&& (< monoandroid) (< net45) (>= netstandard1.0) (< netstandard1.3) (< win8) (< wp8) (< wpa81)) (< portable-net45+win8+wp8+wpa81)
      System.Runtime.Extensions (>= 4.3) - restriction: || (&& (< monoandroid) (< monotouch) (< net45) (>= netstandard1.3) (< win8) (< wpa81) (< xamarinios) (< xamarinmac) (< xamarintvos) (< xamarinwatchos)) (< portable-net45+win8+wp8+wpa81)
      System.Text.Encoding (>= 4.3) - restriction: || (&& (< monoandroid) (< monotouch) (< net45) (>= netstandard1.3) (< win8) (< wpa81) (< xamarinios) (< xamarinmac) (< xamarintvos) (< xamarinwatchos)) (< portable-net45+win8+wp8+wpa81)
      System.Threading (>= 4.3) - restriction: || (&& (< monoandroid) (< monotouch) (< net45) (>= netstandard1.3) (< win8) (< wpa81) (< xamarinios) (< xamarinmac) (< xamarintvos) (< xamarinwatchos)) (< portable-net45+win8+wp8+wpa81)
      System.Xml.ReaderWriter (>= 4.3) - restriction: || (&& (< monoandroid) (< monotouch) (< net45) (>= netstandard1.3) (< win8) (< wpa81) (< xamarinios) (< xamarinmac) (< xamarintvos) (< xamarinwatchos)) (&& (< monoandroid) (< net45) (>= netstandard1.0) (< netstandard1.3) (< win8) (< wp8) (< wpa81)) (< portable-net45+win8+wp8+wpa81)
    System.Xml.XmlDocument (4.3) - restriction: || (&& (< net45) (>= net46) (>= netstandard2.0)) (&& (< net45) (>= netstandard2.0) (< win8) (< wpa81)) (&& (>= netstandard2.0) (< portable-net45+win8+wp8+wpa81))
      System.Collections (>= 4.3) - restriction: && (< monoandroid) (< monotouch) (< net46) (>= netstandard1.3) (< xamarinios) (< xamarinmac) (< xamarintvos) (< xamarinwatchos)
      System.Diagnostics.Debug (>= 4.3) - restriction: && (< monoandroid) (< monotouch) (< net46) (>= netstandard1.3) (< xamarinios) (< xamarinmac) (< xamarintvos) (< xamarinwatchos)
      System.Globalization (>= 4.3) - restriction: && (< monoandroid) (< monotouch) (< net46) (>= netstandard1.3) (< xamarinios) (< xamarinmac) (< xamarintvos) (< xamarinwatchos)
      System.IO (>= 4.3) - restriction: && (< monoandroid) (< monotouch) (< net46) (>= netstandard1.3) (< xamarinios) (< xamarinmac) (< xamarintvos) (< xamarinwatchos)
      System.Resources.ResourceManager (>= 4.3) - restriction: && (< monoandroid) (< monotouch) (< net46) (>= netstandard1.3) (< xamarinios) (< xamarinmac) (< xamarintvos) (< xamarinwatchos)
      System.Runtime (>= 4.3) - restriction: && (< monoandroid) (< monotouch) (< net46) (>= netstandard1.3) (< xamarinios) (< xamarinmac) (< xamarintvos) (< xamarinwatchos)
      System.Runtime.Extensions (>= 4.3) - restriction: && (< monoandroid) (< monotouch) (< net46) (>= netstandard1.3) (< xamarinios) (< xamarinmac) (< xamarintvos) (< xamarinwatchos)
      System.Text.Encoding (>= 4.3) - restriction: && (< monoandroid) (< monotouch) (< net46) (>= netstandard1.3) (< xamarinios) (< xamarinmac) (< xamarintvos) (< xamarinwatchos)
      System.Threading (>= 4.3) - restriction: && (< monoandroid) (< monotouch) (< net46) (>= netstandard1.3) (< xamarinios) (< xamarinmac) (< xamarintvos) (< xamarinwatchos)
      System.Xml.ReaderWriter (>= 4.3) - restriction: && (< monoandroid) (< monotouch) (< net46) (>= netstandard1.3) (< xamarinios) (< xamarinmac) (< xamarintvos) (< xamarinwatchos)
    System.Xml.XmlSerializer (4.3) - restriction: || (&& (< net45) (>= netstandard2.0) (< win8) (< wpa81)) (&& (>= netstandard2.0) (< portable-net45+win8+wp8+wpa81))
      System.Collections (>= 4.3) - restriction: || (&& (< monoandroid) (< monotouch) (< net45) (>= netstandard1.3) (< win8) (< wpa81) (< xamarinios) (< xamarinmac) (< xamarintvos) (< xamarinwatchos)) (< portable-net45+win8+wp8+wpa81)
      System.Globalization (>= 4.3) - restriction: || (&& (< monoandroid) (< monotouch) (< net45) (>= netstandard1.3) (< win8) (< wpa81) (< xamarinios) (< xamarinmac) (< xamarintvos) (< xamarinwatchos)) (< portable-net45+win8+wp8+wpa81)
      System.IO (>= 4.3) - restriction: || (&& (< monoandroid) (< monotouch) (< net45) (>= netstandard1.3) (< win8) (< wpa81) (< xamarinios) (< xamarinmac) (< xamarintvos) (< xamarinwatchos)) (&& (< monoandroid) (< net45) (>= netstandard1.0) (< netstandard1.3) (< win8) (< wp8) (< wpa81)) (< portable-net45+win8+wp8+wpa81)
      System.Linq (>= 4.3) - restriction: || (&& (< monoandroid) (< monotouch) (< net45) (>= netstandard1.3) (< win8) (< wpa81) (< xamarinios) (< xamarinmac) (< xamarintvos) (< xamarinwatchos)) (< portable-net45+win8+wp8+wpa81)
      System.Reflection (>= 4.3) - restriction: || (&& (< monoandroid) (< monotouch) (< net45) (>= netstandard1.3) (< win8) (< wpa81) (< xamarinios) (< xamarinmac) (< xamarintvos) (< xamarinwatchos)) (< portable-net45+win8+wp8+wpa81)
      System.Reflection.Emit (>= 4.3) - restriction: || (&& (< monoandroid) (< monotouch) (< net45) (>= netstandard1.3) (< win8) (< wpa81) (< xamarinios) (< xamarinmac) (< xamarintvos) (< xamarinwatchos)) (< portable-net45+win8+wp8+wpa81)
      System.Reflection.Emit.ILGeneration (>= 4.3) - restriction: || (&& (< monoandroid) (< monotouch) (< net45) (>= netstandard1.3) (< win8) (< wpa81) (< xamarinios) (< xamarinmac) (< xamarintvos) (< xamarinwatchos)) (< portable-net45+win8+wp8+wpa81)
      System.Reflection.Extensions (>= 4.3) - restriction: || (&& (< monoandroid) (< monotouch) (< net45) (>= netstandard1.3) (< win8) (< wpa81) (< xamarinios) (< xamarinmac) (< xamarintvos) (< xamarinwatchos)) (< portable-net45+win8+wp8+wpa81)
      System.Reflection.Primitives (>= 4.3) - restriction: || (&& (< monoandroid) (< monotouch) (< net45) (>= netstandard1.3) (< win8) (< wpa81) (< xamarinios) (< xamarinmac) (< xamarintvos) (< xamarinwatchos)) (< portable-net45+win8+wp8+wpa81)
      System.Reflection.TypeExtensions (>= 4.3) - restriction: || (&& (< monoandroid) (< monotouch) (< net45) (>= netstandard1.3) (< win8) (< wpa81) (< xamarinios) (< xamarinmac) (< xamarintvos) (< xamarinwatchos)) (< portable-net45+win8+wp8+wpa81)
      System.Resources.ResourceManager (>= 4.3) - restriction: || (&& (< monoandroid) (< monotouch) (< net45) (>= netstandard1.3) (< win8) (< wpa81) (< xamarinios) (< xamarinmac) (< xamarintvos) (< xamarinwatchos)) (< portable-net45+win8+wp8+wpa81)
      System.Runtime (>= 4.3) - restriction: || (&& (< monoandroid) (< monotouch) (< net45) (>= netstandard1.3) (< win8) (< wpa81) (< xamarinios) (< xamarinmac) (< xamarintvos) (< xamarinwatchos)) (&& (< monoandroid) (< net45) (>= netstandard1.0) (< netstandard1.3) (< win8) (< wp8) (< wpa81)) (< portable-net45+win8+wp8+wpa81)
      System.Runtime.Extensions (>= 4.3) - restriction: || (&& (< monoandroid) (< monotouch) (< net45) (>= netstandard1.3) (< win8) (< wpa81) (< xamarinios) (< xamarinmac) (< xamarintvos) (< xamarinwatchos)) (< portable-net45+win8+wp8+wpa81)
      System.Text.RegularExpressions (>= 4.3) - restriction: || (&& (< monoandroid) (< monotouch) (< net45) (>= netstandard1.3) (< win8) (< wpa81) (< xamarinios) (< xamarinmac) (< xamarintvos) (< xamarinwatchos)) (< portable-net45+win8+wp8+wpa81)
      System.Threading (>= 4.3) - restriction: || (&& (< monoandroid) (< monotouch) (< net45) (>= netstandard1.3) (< win8) (< wpa81) (< xamarinios) (< xamarinmac) (< xamarintvos) (< xamarinwatchos)) (< portable-net45+win8+wp8+wpa81)
      System.Xml.ReaderWriter (>= 4.3) - restriction: || (&& (< monoandroid) (< monotouch) (< net45) (>= netstandard1.3) (< win8) (< wpa81) (< xamarinios) (< xamarinmac) (< xamarintvos) (< xamarinwatchos)) (&& (< monoandroid) (< net45) (>= netstandard1.0) (< netstandard1.3) (< win8) (< wp8) (< wpa81)) (< portable-net45+win8+wp8+wpa81)
      System.Xml.XmlDocument (>= 4.3) - restriction: || (&& (< monoandroid) (< monotouch) (< net45) (>= netstandard1.3) (< win8) (< wpa81) (< xamarinios) (< xamarinmac) (< xamarintvos) (< xamarinwatchos)) (< portable-net45+win8+wp8+wpa81)
    TaskBuilder.fs (2.0) - restriction: >= netstandard2.0
      FSharp.Core (>= 4.1.17) - restriction: || (&& (>= net45) (< net46) (< netstandard1.6)) (&& (< net45) (>= netstandard1.6)) (&& (>= net46) (< netstandard1.6)) (>= net47)
      NETStandard.Library (>= 1.6.1) - restriction: && (< net45) (>= netstandard1.6)
      System.ValueTuple (>= 4.3.1) - restriction: || (&& (>= net45) (< net46) (< netstandard1.6)) (&& (< net45) (>= netstandard1.6)) (&& (>= net46) (< netstandard1.6)) (>= net47)
    Thoth.Json.Net (1.1) - restriction: >= netstandard2.0
      FSharp.Core (>= 4.3.4) - restriction: || (>= net46) (>= netstandard2.0)
      Newtonsoft.Json (>= 11.0.1) - restriction: || (>= net46) (>= netstandard2.0)

GROUP Build
STORAGE: NONE
RESTRICTION: == netstandard2.0
NUGET
  remote: https://nuget.yjpark.org/nuget/dap
    Dap.Build (0.6.3)
      Fake.Core.Process (>= 5.1)
      Fake.Core.ReleaseNotes (>= 5.1)
      Fake.Core.String (>= 5.1)
      Fake.Core.Target (>= 5.1)
      Fake.DotNet.Cli (>= 5.1)
      Fake.DotNet.NuGet (>= 5.1)
      Fake.IO.FileSystem (>= 5.1)
      Fake.IO.Zip (>= 5.1)
      Fake.Net.Http (>= 5.1)
      Fake.Tools.Git (>= 5.1)
      FSharp.Core (>= 4.5)
  remote: https://www.nuget.org/api/v2
    dotnet-sourcelink (2.8.3) - clitool: true
    Fake.Core.CommandLineParsing (5.2)
      FParsec (>= 1.0.3)
      FSharp.Core (>= 4.3.4)
    Fake.Core.Context (5.2)
      FSharp.Core (>= 4.3.4)
    Fake.Core.Environment (5.2)
      FSharp.Core (>= 4.3.4)
    Fake.Core.FakeVar (5.2)
      Fake.Core.Context (>= 5.2)
      FSharp.Core (>= 4.3.4)
    Fake.Core.Process (5.2)
      Fake.Core.Environment (>= 5.2)
      Fake.Core.FakeVar (>= 5.2)
      Fake.Core.String (>= 5.2)
      Fake.Core.Trace (>= 5.2)
      Fake.IO.FileSystem (>= 5.2)
      FSharp.Core (>= 4.3.4)
      System.Diagnostics.Process (>= 4.3)
    Fake.Core.ReleaseNotes (5.2)
      Fake.Core.SemVer (>= 5.2)
      Fake.Core.String (>= 5.2)
      FSharp.Core (>= 4.3.4)
    Fake.Core.SemVer (5.2)
      FSharp.Core (>= 4.3.4)
      System.Runtime.Numerics (>= 4.3)
    Fake.Core.String (5.2)
      FSharp.Core (>= 4.3.4)
    Fake.Core.Target (5.2)
      Fake.Core.CommandLineParsing (>= 5.2)
      Fake.Core.Context (>= 5.2)
      Fake.Core.Environment (>= 5.2)
      Fake.Core.FakeVar (>= 5.2)
      Fake.Core.Process (>= 5.2)
      Fake.Core.String (>= 5.2)
      Fake.Core.Trace (>= 5.2)
      FSharp.Control.Reactive (>= 4.1)
      FSharp.Core (>= 4.3.4)
      System.Reactive.Compatibility (>= 4.0)
    Fake.Core.Tasks (5.2)
      Fake.Core.Trace (>= 5.2)
      FSharp.Core (>= 4.3.4)
    Fake.Core.Trace (5.2)
      Fake.Core.Environment (>= 5.2)
      Fake.Core.FakeVar (>= 5.2)
      FSharp.Core (>= 4.3.4)
    Fake.Core.Xml (5.2)
      Fake.Core.String (>= 5.2)
      FSharp.Core (>= 4.3.4)
      System.Xml.ReaderWriter (>= 4.3.1)
      System.Xml.XDocument (>= 4.3)
      System.Xml.XPath (>= 4.3)
      System.Xml.XPath.XDocument (>= 4.3)
      System.Xml.XPath.XmlDocument (>= 4.3)
    Fake.DotNet.Cli (5.2)
      Fake.Core.Environment (>= 5.2)
      Fake.Core.Process (>= 5.2)
      Fake.Core.String (>= 5.2)
      Fake.Core.Trace (>= 5.2)
      Fake.IO.FileSystem (>= 5.2)
      FSharp.Core (>= 4.3.4)
      Newtonsoft.Json (>= 11.0.2)
    Fake.DotNet.NuGet (5.2)
      Fake.Core.Environment (>= 5.2)
      Fake.Core.Process (>= 5.2)
      Fake.Core.SemVer (>= 5.2)
      Fake.Core.String (>= 5.2)
      Fake.Core.Tasks (>= 5.2)
      Fake.Core.Trace (>= 5.2)
      Fake.Core.Xml (>= 5.2)
      Fake.IO.FileSystem (>= 5.2)
      FSharp.Core (>= 4.3.4)
      Newtonsoft.Json (>= 11.0.2)
    Fake.IO.FileSystem (5.2)
      Fake.Core.String (>= 5.2)
      FSharp.Core (>= 4.3.4)
      System.Diagnostics.FileVersionInfo (>= 4.3)
      System.IO.FileSystem.Watcher (>= 4.3)
    Fake.IO.Zip (5.2)
      Fake.Core.String (>= 5.2)
      Fake.IO.FileSystem (>= 5.2)
      FSharp.Core (>= 4.3.4)
      System.IO.Compression (>= 4.3)
      System.IO.Compression.ZipFile (>= 4.3)
    Fake.Net.Http (5.2)
      Fake.Core.Trace (>= 5.2)
      FSharp.Core (>= 4.3.4)
    Fake.Tools.Git (5.2)
      Fake.Core.Environment (>= 5.2)
      Fake.Core.Process (>= 5.2)
      Fake.Core.SemVer (>= 5.2)
      Fake.Core.String (>= 5.2)
      Fake.Core.Trace (>= 5.2)
      Fake.IO.FileSystem (>= 5.2)
      FSharp.Core (>= 4.3.4)
    FParsec (1.0.3)
      FSharp.Core (>= 4.2.3)
      NETStandard.Library (>= 1.6.1)
    FSharp.Control.Reactive (4.1)
      FSharp.Core (>= 4.2.3)
      System.Reactive (>= 4.0)
    FSharp.Core (4.5.1)
    Microsoft.Build.Tasks.Git (1.0.0-beta-62925-02)
    Microsoft.NETCore.Platforms (2.1)
    Microsoft.NETCore.Targets (2.1)
    Microsoft.SourceLink.Common (1.0.0-beta-62925-02)
    Microsoft.SourceLink.GitHub (1.0.0-beta-62925-02)
      Microsoft.Build.Tasks.Git (>= 1.0.0-beta-62925-02)
      Microsoft.SourceLink.Common (>= 1.0.0-beta-62925-02)
    Microsoft.Win32.Primitives (4.3)
      Microsoft.NETCore.Platforms (>= 1.1)
      Microsoft.NETCore.Targets (>= 1.1)
      System.Runtime (>= 4.3)
    Microsoft.Win32.Registry (4.5)
      System.Buffers (>= 4.4)
      System.Memory (>= 4.5)
      System.Security.AccessControl (>= 4.5)
      System.Security.Principal.Windows (>= 4.5)
    NETStandard.Library (2.0.3)
      Microsoft.NETCore.Platforms (>= 1.1)
    Newtonsoft.Json (11.0.2)
    runtime.native.System (4.3.1)
      Microsoft.NETCore.Platforms (>= 1.1.1)
      Microsoft.NETCore.Targets (>= 1.1.3)
    runtime.native.System.IO.Compression (4.3.2)
      Microsoft.NETCore.Platforms (>= 1.1.1)
      Microsoft.NETCore.Targets (>= 1.1.3)
    System.Buffers (4.5)
    System.Collections (4.3)
      Microsoft.NETCore.Platforms (>= 1.1)
      Microsoft.NETCore.Targets (>= 1.1)
      System.Runtime (>= 4.3)
    System.Collections.Immutable (1.5)
    System.Diagnostics.Debug (4.3)
      Microsoft.NETCore.Platforms (>= 1.1)
      Microsoft.NETCore.Targets (>= 1.1)
      System.Runtime (>= 4.3)
    System.Diagnostics.FileVersionInfo (4.3)
      Microsoft.NETCore.Platforms (>= 1.1)
      System.Globalization (>= 4.3)
      System.IO (>= 4.3)
      System.IO.FileSystem (>= 4.3)
      System.IO.FileSystem.Primitives (>= 4.3)
      System.Reflection.Metadata (>= 1.4.1)
      System.Runtime (>= 4.3)
      System.Runtime.Extensions (>= 4.3)
      System.Runtime.InteropServices (>= 4.3)
    System.Diagnostics.Process (4.3)
      Microsoft.NETCore.Platforms (>= 1.1)
      Microsoft.Win32.Primitives (>= 4.3)
      Microsoft.Win32.Registry (>= 4.3)
      runtime.native.System (>= 4.3)
      System.Collections (>= 4.3)
      System.Diagnostics.Debug (>= 4.3)
      System.Globalization (>= 4.3)
      System.IO (>= 4.3)
      System.IO.FileSystem (>= 4.3)
      System.IO.FileSystem.Primitives (>= 4.3)
      System.Resources.ResourceManager (>= 4.3)
      System.Runtime (>= 4.3)
      System.Runtime.Extensions (>= 4.3)
      System.Runtime.Handles (>= 4.3)
      System.Runtime.InteropServices (>= 4.3)
      System.Text.Encoding (>= 4.3)
      System.Text.Encoding.Extensions (>= 4.3)
      System.Threading (>= 4.3)
      System.Threading.Tasks (>= 4.3)
      System.Threading.Thread (>= 4.3)
      System.Threading.ThreadPool (>= 4.3)
    System.Diagnostics.Tools (4.3)
      Microsoft.NETCore.Platforms (>= 1.1)
      Microsoft.NETCore.Targets (>= 1.1)
      System.Runtime (>= 4.3)
    System.Globalization (4.3)
      Microsoft.NETCore.Platforms (>= 1.1)
      Microsoft.NETCore.Targets (>= 1.1)
      System.Runtime (>= 4.3)
    System.IO (4.3)
      Microsoft.NETCore.Platforms (>= 1.1)
      Microsoft.NETCore.Targets (>= 1.1)
      System.Runtime (>= 4.3)
      System.Text.Encoding (>= 4.3)
      System.Threading.Tasks (>= 4.3)
    System.IO.Compression (4.3)
      Microsoft.NETCore.Platforms (>= 1.1)
      runtime.native.System (>= 4.3)
      runtime.native.System.IO.Compression (>= 4.3)
      System.Buffers (>= 4.3)
      System.Collections (>= 4.3)
      System.Diagnostics.Debug (>= 4.3)
      System.IO (>= 4.3)
      System.Resources.ResourceManager (>= 4.3)
      System.Runtime (>= 4.3)
      System.Runtime.Extensions (>= 4.3)
      System.Runtime.Handles (>= 4.3)
      System.Runtime.InteropServices (>= 4.3)
      System.Text.Encoding (>= 4.3)
      System.Threading (>= 4.3)
      System.Threading.Tasks (>= 4.3)
    System.IO.Compression.ZipFile (4.3)
      System.Buffers (>= 4.3)
      System.IO (>= 4.3)
      System.IO.Compression (>= 4.3)
      System.IO.FileSystem (>= 4.3)
      System.IO.FileSystem.Primitives (>= 4.3)
      System.Resources.ResourceManager (>= 4.3)
      System.Runtime (>= 4.3)
      System.Runtime.Extensions (>= 4.3)
      System.Text.Encoding (>= 4.3)
    System.IO.FileSystem (4.3)
      Microsoft.NETCore.Platforms (>= 1.1)
      Microsoft.NETCore.Targets (>= 1.1)
      System.IO (>= 4.3)
      System.IO.FileSystem.Primitives (>= 4.3)
      System.Runtime (>= 4.3)
      System.Runtime.Handles (>= 4.3)
      System.Text.Encoding (>= 4.3)
      System.Threading.Tasks (>= 4.3)
    System.IO.FileSystem.Primitives (4.3)
      System.Runtime (>= 4.3)
    System.IO.FileSystem.Watcher (4.3)
      Microsoft.NETCore.Platforms (>= 1.1)
      Microsoft.Win32.Primitives (>= 4.3)
      runtime.native.System (>= 4.3)
      System.Collections (>= 4.3)
      System.IO.FileSystem (>= 4.3)
      System.IO.FileSystem.Primitives (>= 4.3)
      System.Resources.ResourceManager (>= 4.3)
      System.Runtime (>= 4.3)
      System.Runtime.Extensions (>= 4.3)
      System.Runtime.Handles (>= 4.3)
      System.Runtime.InteropServices (>= 4.3)
      System.Text.Encoding (>= 4.3)
      System.Threading (>= 4.3)
      System.Threading.Overlapped (>= 4.3)
      System.Threading.Tasks (>= 4.3)
      System.Threading.Thread (>= 4.3)
    System.Linq (4.3)
      System.Collections (>= 4.3)
      System.Diagnostics.Debug (>= 4.3)
      System.Resources.ResourceManager (>= 4.3)
      System.Runtime (>= 4.3)
      System.Runtime.Extensions (>= 4.3)
    System.Memory (4.5.1)
      System.Buffers (>= 4.4)
      System.Numerics.Vectors (>= 4.4)
      System.Runtime.CompilerServices.Unsafe (>= 4.5)
    System.Numerics.Vectors (4.5)
    System.Reactive (4.0)
      System.Runtime.InteropServices.WindowsRuntime (>= 4.3)
    System.Reactive.Compatibility (4.0)
      System.Reactive.Core (>= 4.0)
      System.Reactive.Interfaces (>= 4.0)
      System.Reactive.Linq (>= 4.0)
      System.Reactive.PlatformServices (>= 4.0)
      System.Reactive.Providers (>= 4.0)
    System.Reactive.Core (4.0)
      System.Reactive (>= 4.0)
    System.Reactive.Interfaces (4.0)
      System.Reactive (>= 4.0)
    System.Reactive.Linq (4.0)
      System.Reactive (>= 4.0)
    System.Reactive.PlatformServices (4.0)
      System.Reactive (>= 4.0)
    System.Reactive.Providers (4.0)
      System.Reactive (>= 4.0)
    System.Reflection (4.3)
      Microsoft.NETCore.Platforms (>= 1.1)
      Microsoft.NETCore.Targets (>= 1.1)
      System.IO (>= 4.3)
      System.Reflection.Primitives (>= 4.3)
      System.Runtime (>= 4.3)
    System.Reflection.Metadata (1.6)
      System.Collections.Immutable (>= 1.5)
    System.Reflection.Primitives (4.3)
      Microsoft.NETCore.Platforms (>= 1.1)
      Microsoft.NETCore.Targets (>= 1.1)
      System.Runtime (>= 4.3)
    System.Resources.ResourceManager (4.3)
      Microsoft.NETCore.Platforms (>= 1.1)
      Microsoft.NETCore.Targets (>= 1.1)
      System.Globalization (>= 4.3)
      System.Reflection (>= 4.3)
      System.Runtime (>= 4.3)
    System.Runtime (4.3)
      Microsoft.NETCore.Platforms (>= 1.1)
      Microsoft.NETCore.Targets (>= 1.1)
    System.Runtime.CompilerServices.Unsafe (4.5.1)
    System.Runtime.Extensions (4.3)
      Microsoft.NETCore.Platforms (>= 1.1)
      Microsoft.NETCore.Targets (>= 1.1)
      System.Runtime (>= 4.3)
    System.Runtime.Handles (4.3)
      Microsoft.NETCore.Platforms (>= 1.1)
      Microsoft.NETCore.Targets (>= 1.1)
      System.Runtime (>= 4.3)
    System.Runtime.InteropServices (4.3)
      Microsoft.NETCore.Platforms (>= 1.1)
      Microsoft.NETCore.Targets (>= 1.1)
      System.Reflection (>= 4.3)
      System.Reflection.Primitives (>= 4.3)
      System.Runtime (>= 4.3)
      System.Runtime.Handles (>= 4.3)
    System.Runtime.InteropServices.WindowsRuntime (4.3)
      System.Runtime (>= 4.3)
    System.Runtime.Numerics (4.3)
      System.Globalization (>= 4.3)
      System.Resources.ResourceManager (>= 4.3)
      System.Runtime (>= 4.3)
      System.Runtime.Extensions (>= 4.3)
    System.Security.AccessControl (4.5)
      System.Security.Principal.Windows (>= 4.5)
    System.Security.Principal.Windows (4.5)
    System.Text.Encoding (4.3)
      Microsoft.NETCore.Platforms (>= 1.1)
      Microsoft.NETCore.Targets (>= 1.1)
      System.Runtime (>= 4.3)
    System.Text.Encoding.Extensions (4.3)
      Microsoft.NETCore.Platforms (>= 1.1)
      Microsoft.NETCore.Targets (>= 1.1)
      System.Runtime (>= 4.3)
      System.Text.Encoding (>= 4.3)
    System.Text.RegularExpressions (4.3)
      System.Collections (>= 4.3)
      System.Globalization (>= 4.3)
      System.Resources.ResourceManager (>= 4.3)
      System.Runtime (>= 4.3)
      System.Runtime.Extensions (>= 4.3)
      System.Threading (>= 4.3)
    System.Threading (4.3)
      System.Runtime (>= 4.3)
      System.Threading.Tasks (>= 4.3)
    System.Threading.Overlapped (4.3)
      Microsoft.NETCore.Platforms (>= 1.1)
      System.Resources.ResourceManager (>= 4.3)
      System.Runtime (>= 4.3)
      System.Runtime.Handles (>= 4.3)
    System.Threading.Tasks (4.3)
      Microsoft.NETCore.Platforms (>= 1.1)
      Microsoft.NETCore.Targets (>= 1.1)
      System.Runtime (>= 4.3)
    System.Threading.Tasks.Extensions (4.5.1)
      System.Runtime.CompilerServices.Unsafe (>= 4.5)
    System.Threading.Thread (4.3)
      System.Runtime (>= 4.3)
    System.Threading.ThreadPool (4.3)
      System.Runtime (>= 4.3)
      System.Runtime.Handles (>= 4.3)
    System.Xml.ReaderWriter (4.3.1)
      System.Collections (>= 4.3)
      System.Diagnostics.Debug (>= 4.3)
      System.Globalization (>= 4.3)
      System.IO (>= 4.3)
      System.IO.FileSystem (>= 4.3)
      System.IO.FileSystem.Primitives (>= 4.3)
      System.Resources.ResourceManager (>= 4.3)
      System.Runtime (>= 4.3)
      System.Runtime.Extensions (>= 4.3)
      System.Runtime.InteropServices (>= 4.3)
      System.Text.Encoding (>= 4.3)
      System.Text.Encoding.Extensions (>= 4.3)
      System.Text.RegularExpressions (>= 4.3)
      System.Threading.Tasks (>= 4.3)
      System.Threading.Tasks.Extensions (>= 4.3)
    System.Xml.XDocument (4.3)
      System.Collections (>= 4.3)
      System.Diagnostics.Debug (>= 4.3)
      System.Diagnostics.Tools (>= 4.3)
      System.Globalization (>= 4.3)
      System.IO (>= 4.3)
      System.Reflection (>= 4.3)
      System.Resources.ResourceManager (>= 4.3)
      System.Runtime (>= 4.3)
      System.Runtime.Extensions (>= 4.3)
      System.Text.Encoding (>= 4.3)
      System.Threading (>= 4.3)
      System.Xml.ReaderWriter (>= 4.3)
    System.Xml.XmlDocument (4.3)
      System.Collections (>= 4.3)
      System.Diagnostics.Debug (>= 4.3)
      System.Globalization (>= 4.3)
      System.IO (>= 4.3)
      System.Resources.ResourceManager (>= 4.3)
      System.Runtime (>= 4.3)
      System.Runtime.Extensions (>= 4.3)
      System.Text.Encoding (>= 4.3)
      System.Threading (>= 4.3)
      System.Xml.ReaderWriter (>= 4.3)
    System.Xml.XPath (4.3)
      System.Collections (>= 4.3)
      System.Diagnostics.Debug (>= 4.3)
      System.Globalization (>= 4.3)
      System.IO (>= 4.3)
      System.Resources.ResourceManager (>= 4.3)
      System.Runtime (>= 4.3)
      System.Runtime.Extensions (>= 4.3)
      System.Threading (>= 4.3)
      System.Xml.ReaderWriter (>= 4.3)
    System.Xml.XPath.XDocument (4.3)
      System.Diagnostics.Debug (>= 4.3)
      System.Linq (>= 4.3)
      System.Resources.ResourceManager (>= 4.3)
      System.Runtime (>= 4.3)
      System.Runtime.Extensions (>= 4.3)
      System.Threading (>= 4.3)
      System.Xml.ReaderWriter (>= 4.3)
      System.Xml.XDocument (>= 4.3)
      System.Xml.XPath (>= 4.3)
    System.Xml.XPath.XmlDocument (4.3)
      System.Collections (>= 4.3)
      System.Globalization (>= 4.3)
      System.IO (>= 4.3)
      System.Resources.ResourceManager (>= 4.3)
      System.Runtime (>= 4.3)
      System.Runtime.Extensions (>= 4.3)
      System.Threading (>= 4.3)
      System.Xml.ReaderWriter (>= 4.3)
      System.Xml.XmlDocument (>= 4.3)
      System.Xml.XPath (>= 4.3)
