STORAGE: NONE
RESTRICTION: == netstandard2.0
NUGET
  remote: https://www.nuget.org/api/v2
    Fable.Core (1.3.17)
      FSharp.Core (>= 4.2.3)
      NETStandard.Library (>= 1.6.1)
    Fable.Elmish (1.0.3)
      Fable.Core (>= 1.3.8)
      Fable.PowerPack (>= 1.3.4)
      FSharp.Core (>= 4.2.3)
    Fable.Elmish.Browser (1.0)
      Fable.Core (>= 1.2.4)
      Fable.Elmish (>= 1.0)
      Fable.Import.Browser (>= 0.1)
      FSharp.Core (>= 4.2.3)
    Fable.Elmish.Debugger (1.0.1)
      Fable.Core (>= 1.3.1)
      Fable.Elmish (>= 1.0)
      FSharp.Core (>= 4.2.3)
    Fable.Elmish.HMR (1.0)
      Fable.Core (>= 1.2.4)
      Fable.Elmish (>= 0.9.2)
      FSharp.Core (>= 4.2.3)
    Fable.Elmish.React (1.0.3)
      Fable.Core (>= 1.3.8)
      Fable.Elmish (>= 1.0.1)
      Fable.PowerPack (>= 1.3.2)
      Fable.React (>= 2.0)
      FSharp.Core (>= 4.2.3)
    Fable.Import.Browser (1.3)
      Fable.Core (>= 1.3.17)
    Fable.JsonConverter (1.0.8)
      FSharp.Core (>= 4.2.3)
      Newtonsoft.Json (>= 11.0.1)
    Fable.PowerPack (1.5.1)
      Fable.Core (>= 1.3.8)
      Fable.Import.Browser (>= 1.0)
      FSharp.Core (>= 4.2.3)
    Fable.React (3.1.4)
      Fable.Core (>= 1.3.12)
      Fable.Import.Browser (>= 1.1.1)
    Fable.Websockets.Client (0.1.1)
      Fable.Core (>= 1.2.4)
      Fable.Import.Browser (>= 0.1.2)
      FSharp.Core (>= 4.2.3)
    Fable.Websockets.Elmish (0.1.1)
      Fable.Core (>= 1.2.4)
      Fable.Elmish (>= 1.0)
      Fable.Import.Browser (>= 0.1.2)
      Fable.Websockets.Client (>= 0.1.1)
      FSharp.Core (>= 4.2.3)
    FSharp.Core (4.5.2)
    Microsoft.NETCore.Platforms (2.1.1)
    NETStandard.Library (2.0.3)
      Microsoft.NETCore.Platforms (>= 1.1)
    Newtonsoft.Json (11.0.2)
    Thoth.Json (1.1)
      Fable.Core (>= 1.3.17)
      FSharp.Core (>= 4.3.4)
  remote: https://nuget.yjpark.org/nuget/dap
    Fable.Dap.Context (0.6.0)
      Fable.Dap.Prelude (>= 0.6)
      Thoth.Json (>= 1.0)
    Fable.Dap.Local (0.6.0)
      Fable.Dap.Platform (>= 0.6.2)
    Fable.Dap.Platform (0.6.2)
      Fable.Dap.Context (>= 0.6)
      Fable.Elmish (>= 1.0.3)
    Fable.Dap.Prelude (0.6.0)
      Fable.Core (>= 1.3.17)
      Fable.Import.Browser (>= 1.1.3)
      Fable.PowerPack (>= 1.5.1)
    Fable.Dap.Remote (0.6.0)
      Fable.Dap.Platform (>= 0.6.2)
      Fable.Dap.WebSocket (>= 0.6)
      Fable.JsonConverter (>= 1.0.8)
    Fable.Dap.WebSocket (0.6.0)
      Fable.Dap.Platform (>= 0.6.2)
      Fable.Websockets.Elmish (>= 0.1.1)

GROUP Build
STORAGE: NONE
RESTRICTION: == netstandard2.0
NUGET
  remote: https://nuget.yjpark.org/nuget/dap
    Dap.Build (0.6.4)
      Fake.Core.Process (>= 5.4.1)
      Fake.Core.ReleaseNotes (>= 5.4.1)
      Fake.Core.String (>= 5.4.1)
      Fake.Core.Target (>= 5.4.1)
      Fake.DotNet.Cli (>= 5.4.1)
      Fake.DotNet.NuGet (>= 5.4.1)
      Fake.IO.FileSystem (>= 5.4.1)
      Fake.IO.Zip (>= 5.4.1)
      Fake.Net.Http (>= 5.4.1)
      Fake.Tools.Git (>= 5.4.1)
  remote: https://www.nuget.org/api/v2
    dotnet-sourcelink (2.8.3) - clitool: true
    Fake.Core.CommandLineParsing (5.4.1)
      FParsec (>= 1.0.3)
      FSharp.Core (>= 4.3.4)
    Fake.Core.Context (5.4.1)
      FSharp.Core (>= 4.3.4)
    Fake.Core.Environment (5.4.1)
      FSharp.Core (>= 4.3.4)
    Fake.Core.FakeVar (5.4.1)
      Fake.Core.Context (>= 5.4.1)
      FSharp.Core (>= 4.3.4)
    Fake.Core.Process (5.4.1)
      Fake.Core.Environment (>= 5.4.1)
      Fake.Core.FakeVar (>= 5.4.1)
      Fake.Core.String (>= 5.4.1)
      Fake.Core.Trace (>= 5.4.1)
      Fake.IO.FileSystem (>= 5.4.1)
      FSharp.Core (>= 4.3.4)
      System.Diagnostics.Process (>= 4.3)
    Fake.Core.ReleaseNotes (5.4.1)
      Fake.Core.SemVer (>= 5.4.1)
      Fake.Core.String (>= 5.4.1)
      FSharp.Core (>= 4.3.4)
    Fake.Core.SemVer (5.4.1)
      FSharp.Core (>= 4.3.4)
      System.Runtime.Numerics (>= 4.3)
    Fake.Core.String (5.4.1)
      FSharp.Core (>= 4.3.4)
    Fake.Core.Target (5.4.1)
      Fake.Core.CommandLineParsing (>= 5.4.1)
      Fake.Core.Context (>= 5.4.1)
      Fake.Core.Environment (>= 5.4.1)
      Fake.Core.FakeVar (>= 5.4.1)
      Fake.Core.Process (>= 5.4.1)
      Fake.Core.String (>= 5.4.1)
      Fake.Core.Trace (>= 5.4.1)
      FSharp.Control.Reactive (>= 4.1)
      FSharp.Core (>= 4.3.4)
      System.Reactive.Compatibility (>= 4.0)
    Fake.Core.Tasks (5.4.1)
      Fake.Core.Trace (>= 5.4.1)
      FSharp.Core (>= 4.3.4)
    Fake.Core.Trace (5.4.1)
      Fake.Core.Environment (>= 5.4.1)
      Fake.Core.FakeVar (>= 5.4.1)
      FSharp.Core (>= 4.3.4)
    Fake.Core.Xml (5.4.1)
      Fake.Core.String (>= 5.4.1)
      FSharp.Core (>= 4.3.4)
      System.Xml.ReaderWriter (>= 4.3.1)
      System.Xml.XDocument (>= 4.3)
      System.Xml.XPath (>= 4.3)
      System.Xml.XPath.XDocument (>= 4.3)
      System.Xml.XPath.XmlDocument (>= 4.3)
    Fake.DotNet.Cli (5.4.1)
      Fake.Core.Environment (>= 5.4.1)
      Fake.Core.Process (>= 5.4.1)
      Fake.Core.String (>= 5.4.1)
      Fake.Core.Trace (>= 5.4.1)
      Fake.IO.FileSystem (>= 5.4.1)
      FSharp.Core (>= 4.3.4)
      Newtonsoft.Json (>= 11.0.2)
    Fake.DotNet.NuGet (5.4.1)
      Fake.Core.Environment (>= 5.4.1)
      Fake.Core.Process (>= 5.4.1)
      Fake.Core.SemVer (>= 5.4.1)
      Fake.Core.String (>= 5.4.1)
      Fake.Core.Tasks (>= 5.4.1)
      Fake.Core.Trace (>= 5.4.1)
      Fake.Core.Xml (>= 5.4.1)
      Fake.IO.FileSystem (>= 5.4.1)
      FSharp.Core (>= 4.3.4)
      Newtonsoft.Json (>= 11.0.2)
    Fake.IO.FileSystem (5.4.1)
      Fake.Core.String (>= 5.4.1)
      FSharp.Core (>= 4.3.4)
      System.Diagnostics.FileVersionInfo (>= 4.3)
      System.IO.FileSystem.Watcher (>= 4.3)
    Fake.IO.Zip (5.4.1)
      Fake.Core.String (>= 5.4.1)
      Fake.IO.FileSystem (>= 5.4.1)
      FSharp.Core (>= 4.3.4)
      System.IO.Compression (>= 4.3)
      System.IO.Compression.ZipFile (>= 4.3)
    Fake.Net.Http (5.4.1)
      Fake.Core.Trace (>= 5.4.1)
      FSharp.Core (>= 4.3.4)
    Fake.Tools.Git (5.4.1)
      Fake.Core.Environment (>= 5.4.1)
      Fake.Core.Process (>= 5.4.1)
      Fake.Core.SemVer (>= 5.4.1)
      Fake.Core.String (>= 5.4.1)
      Fake.Core.Trace (>= 5.4.1)
      Fake.IO.FileSystem (>= 5.4.1)
      FSharp.Core (>= 4.3.4)
    FParsec (1.0.3)
      FSharp.Core (>= 4.2.3)
      NETStandard.Library (>= 1.6.1)
    FSharp.Control.Reactive (4.1)
      FSharp.Core (>= 4.2.3)
      System.Reactive (>= 4.0)
    FSharp.Core (4.5.2)
    Microsoft.Build.Tasks.Git (1.0.0-beta-62925-02)
    Microsoft.NETCore.Platforms (2.1.1)
    Microsoft.NETCore.Targets (2.1)
    Microsoft.SourceLink.Common (1.0.0-beta-62925-02)
    Microsoft.SourceLink.GitHub (1.0.0-beta-62925-02)
      Microsoft.Build.Tasks.Git (>= 1.0.0-beta-62925-02)
      Microsoft.SourceLink.Common (>= 1.0.0-beta-62925-02)
    Microsoft.Win32.Primitives (4.3)
      Microsoft.NETCore.Platforms (>= 1.1)
      Microsoft.NETCore.Targets (>= 1.1)
      System.Runtime (>= 4.3)
    Microsoft.Win32.Registry (4.5)
      System.Buffers (>= 4.4)
      System.Memory (>= 4.5)
      System.Security.AccessControl (>= 4.5)
      System.Security.Principal.Windows (>= 4.5)
    NETStandard.Library (2.0.3)
      Microsoft.NETCore.Platforms (>= 1.1)
    Newtonsoft.Json (11.0.2)
    runtime.native.System (4.3.1)
      Microsoft.NETCore.Platforms (>= 1.1.1)
      Microsoft.NETCore.Targets (>= 1.1.3)
    runtime.native.System.IO.Compression (4.3.2)
      Microsoft.NETCore.Platforms (>= 1.1.1)
      Microsoft.NETCore.Targets (>= 1.1.3)
    System.Buffers (4.5)
    System.Collections (4.3)
      Microsoft.NETCore.Platforms (>= 1.1)
      Microsoft.NETCore.Targets (>= 1.1)
      System.Runtime (>= 4.3)
    System.Collections.Immutable (1.5)
    System.Diagnostics.Debug (4.3)
      Microsoft.NETCore.Platforms (>= 1.1)
      Microsoft.NETCore.Targets (>= 1.1)
      System.Runtime (>= 4.3)
    System.Diagnostics.FileVersionInfo (4.3)
      Microsoft.NETCore.Platforms (>= 1.1)
      System.Globalization (>= 4.3)
      System.IO (>= 4.3)
      System.IO.FileSystem (>= 4.3)
      System.IO.FileSystem.Primitives (>= 4.3)
      System.Reflection.Metadata (>= 1.4.1)
      System.Runtime (>= 4.3)
      System.Runtime.Extensions (>= 4.3)
      System.Runtime.InteropServices (>= 4.3)
    System.Diagnostics.Process (4.3)
      Microsoft.NETCore.Platforms (>= 1.1)
      Microsoft.Win32.Primitives (>= 4.3)
      Microsoft.Win32.Registry (>= 4.3)
      runtime.native.System (>= 4.3)
      System.Collections (>= 4.3)
      System.Diagnostics.Debug (>= 4.3)
      System.Globalization (>= 4.3)
      System.IO (>= 4.3)
      System.IO.FileSystem (>= 4.3)
      System.IO.FileSystem.Primitives (>= 4.3)
      System.Resources.ResourceManager (>= 4.3)
      System.Runtime (>= 4.3)
      System.Runtime.Extensions (>= 4.3)
      System.Runtime.Handles (>= 4.3)
      System.Runtime.InteropServices (>= 4.3)
      System.Text.Encoding (>= 4.3)
      System.Text.Encoding.Extensions (>= 4.3)
      System.Threading (>= 4.3)
      System.Threading.Tasks (>= 4.3)
      System.Threading.Thread (>= 4.3)
      System.Threading.ThreadPool (>= 4.3)
    System.Diagnostics.Tools (4.3)
      Microsoft.NETCore.Platforms (>= 1.1)
      Microsoft.NETCore.Targets (>= 1.1)
      System.Runtime (>= 4.3)
    System.Globalization (4.3)
      Microsoft.NETCore.Platforms (>= 1.1)
      Microsoft.NETCore.Targets (>= 1.1)
      System.Runtime (>= 4.3)
    System.IO (4.3)
      Microsoft.NETCore.Platforms (>= 1.1)
      Microsoft.NETCore.Targets (>= 1.1)
      System.Runtime (>= 4.3)
      System.Text.Encoding (>= 4.3)
      System.Threading.Tasks (>= 4.3)
    System.IO.Compression (4.3)
      Microsoft.NETCore.Platforms (>= 1.1)
      runtime.native.System (>= 4.3)
      runtime.native.System.IO.Compression (>= 4.3)
      System.Buffers (>= 4.3)
      System.Collections (>= 4.3)
      System.Diagnostics.Debug (>= 4.3)
      System.IO (>= 4.3)
      System.Resources.ResourceManager (>= 4.3)
      System.Runtime (>= 4.3)
      System.Runtime.Extensions (>= 4.3)
      System.Runtime.Handles (>= 4.3)
      System.Runtime.InteropServices (>= 4.3)
      System.Text.Encoding (>= 4.3)
      System.Threading (>= 4.3)
      System.Threading.Tasks (>= 4.3)
    System.IO.Compression.ZipFile (4.3)
      System.Buffers (>= 4.3)
      System.IO (>= 4.3)
      System.IO.Compression (>= 4.3)
      System.IO.FileSystem (>= 4.3)
      System.IO.FileSystem.Primitives (>= 4.3)
      System.Resources.ResourceManager (>= 4.3)
      System.Runtime (>= 4.3)
      System.Runtime.Extensions (>= 4.3)
      System.Text.Encoding (>= 4.3)
    System.IO.FileSystem (4.3)
      Microsoft.NETCore.Platforms (>= 1.1)
      Microsoft.NETCore.Targets (>= 1.1)
      System.IO (>= 4.3)
      System.IO.FileSystem.Primitives (>= 4.3)
      System.Runtime (>= 4.3)
      System.Runtime.Handles (>= 4.3)
      System.Text.Encoding (>= 4.3)
      System.Threading.Tasks (>= 4.3)
    System.IO.FileSystem.Primitives (4.3)
      System.Runtime (>= 4.3)
    System.IO.FileSystem.Watcher (4.3)
      Microsoft.NETCore.Platforms (>= 1.1)
      Microsoft.Win32.Primitives (>= 4.3)
      runtime.native.System (>= 4.3)
      System.Collections (>= 4.3)
      System.IO.FileSystem (>= 4.3)
      System.IO.FileSystem.Primitives (>= 4.3)
      System.Resources.ResourceManager (>= 4.3)
      System.Runtime (>= 4.3)
      System.Runtime.Extensions (>= 4.3)
      System.Runtime.Handles (>= 4.3)
      System.Runtime.InteropServices (>= 4.3)
      System.Text.Encoding (>= 4.3)
      System.Threading (>= 4.3)
      System.Threading.Overlapped (>= 4.3)
      System.Threading.Tasks (>= 4.3)
      System.Threading.Thread (>= 4.3)
    System.Linq (4.3)
      System.Collections (>= 4.3)
      System.Diagnostics.Debug (>= 4.3)
      System.Resources.ResourceManager (>= 4.3)
      System.Runtime (>= 4.3)
      System.Runtime.Extensions (>= 4.3)
    System.Memory (4.5.1)
      System.Buffers (>= 4.4)
      System.Numerics.Vectors (>= 4.4)
      System.Runtime.CompilerServices.Unsafe (>= 4.5)
    System.Numerics.Vectors (4.5)
    System.Reactive (4.1)
      System.Runtime.InteropServices.WindowsRuntime (>= 4.3)
      System.Threading.Tasks.Extensions (>= 4.5.1)
    System.Reactive.Compatibility (4.1)
      System.Reactive.Core (>= 4.1)
      System.Reactive.Interfaces (>= 4.1)
      System.Reactive.Linq (>= 4.1)
      System.Reactive.PlatformServices (>= 4.1)
      System.Reactive.Providers (>= 4.1)
    System.Reactive.Core (4.1)
      System.Reactive (>= 4.1)
      System.Threading.Tasks.Extensions (>= 4.5.1)
    System.Reactive.Interfaces (4.1)
      System.Reactive (>= 4.1)
      System.Threading.Tasks.Extensions (>= 4.5.1)
    System.Reactive.Linq (4.1)
      System.Reactive (>= 4.1)
      System.Threading.Tasks.Extensions (>= 4.5.1)
    System.Reactive.PlatformServices (4.1)
      System.Reactive (>= 4.1)
      System.Threading.Tasks.Extensions (>= 4.5.1)
    System.Reactive.Providers (4.1)
      System.Reactive (>= 4.1)
      System.Threading.Tasks.Extensions (>= 4.5.1)
    System.Reflection (4.3)
      Microsoft.NETCore.Platforms (>= 1.1)
      Microsoft.NETCore.Targets (>= 1.1)
      System.IO (>= 4.3)
      System.Reflection.Primitives (>= 4.3)
      System.Runtime (>= 4.3)
    System.Reflection.Metadata (1.6)
      System.Collections.Immutable (>= 1.5)
    System.Reflection.Primitives (4.3)
      Microsoft.NETCore.Platforms (>= 1.1)
      Microsoft.NETCore.Targets (>= 1.1)
      System.Runtime (>= 4.3)
    System.Resources.ResourceManager (4.3)
      Microsoft.NETCore.Platforms (>= 1.1)
      Microsoft.NETCore.Targets (>= 1.1)
      System.Globalization (>= 4.3)
      System.Reflection (>= 4.3)
      System.Runtime (>= 4.3)
    System.Runtime (4.3)
      Microsoft.NETCore.Platforms (>= 1.1)
      Microsoft.NETCore.Targets (>= 1.1)
    System.Runtime.CompilerServices.Unsafe (4.5.1)
    System.Runtime.Extensions (4.3)
      Microsoft.NETCore.Platforms (>= 1.1)
      Microsoft.NETCore.Targets (>= 1.1)
      System.Runtime (>= 4.3)
    System.Runtime.Handles (4.3)
      Microsoft.NETCore.Platforms (>= 1.1)
      Microsoft.NETCore.Targets (>= 1.1)
      System.Runtime (>= 4.3)
    System.Runtime.InteropServices (4.3)
      Microsoft.NETCore.Platforms (>= 1.1)
      Microsoft.NETCore.Targets (>= 1.1)
      System.Reflection (>= 4.3)
      System.Reflection.Primitives (>= 4.3)
      System.Runtime (>= 4.3)
      System.Runtime.Handles (>= 4.3)
    System.Runtime.InteropServices.WindowsRuntime (4.3)
      System.Runtime (>= 4.3)
    System.Runtime.Numerics (4.3)
      System.Globalization (>= 4.3)
      System.Resources.ResourceManager (>= 4.3)
      System.Runtime (>= 4.3)
      System.Runtime.Extensions (>= 4.3)
    System.Security.AccessControl (4.5)
      System.Security.Principal.Windows (>= 4.5)
    System.Security.Principal.Windows (4.5)
    System.Text.Encoding (4.3)
      Microsoft.NETCore.Platforms (>= 1.1)
      Microsoft.NETCore.Targets (>= 1.1)
      System.Runtime (>= 4.3)
    System.Text.Encoding.Extensions (4.3)
      Microsoft.NETCore.Platforms (>= 1.1)
      Microsoft.NETCore.Targets (>= 1.1)
      System.Runtime (>= 4.3)
      System.Text.Encoding (>= 4.3)
    System.Text.RegularExpressions (4.3)
      System.Collections (>= 4.3)
      System.Globalization (>= 4.3)
      System.Resources.ResourceManager (>= 4.3)
      System.Runtime (>= 4.3)
      System.Runtime.Extensions (>= 4.3)
      System.Threading (>= 4.3)
    System.Threading (4.3)
      System.Runtime (>= 4.3)
      System.Threading.Tasks (>= 4.3)
    System.Threading.Overlapped (4.3)
      Microsoft.NETCore.Platforms (>= 1.1)
      System.Resources.ResourceManager (>= 4.3)
      System.Runtime (>= 4.3)
      System.Runtime.Handles (>= 4.3)
    System.Threading.Tasks (4.3)
      Microsoft.NETCore.Platforms (>= 1.1)
      Microsoft.NETCore.Targets (>= 1.1)
      System.Runtime (>= 4.3)
    System.Threading.Tasks.Extensions (4.5.1)
      System.Runtime.CompilerServices.Unsafe (>= 4.5)
    System.Threading.Thread (4.3)
      System.Runtime (>= 4.3)
    System.Threading.ThreadPool (4.3)
      System.Runtime (>= 4.3)
      System.Runtime.Handles (>= 4.3)
    System.Xml.ReaderWriter (4.3.1)
      System.Collections (>= 4.3)
      System.Diagnostics.Debug (>= 4.3)
      System.Globalization (>= 4.3)
      System.IO (>= 4.3)
      System.IO.FileSystem (>= 4.3)
      System.IO.FileSystem.Primitives (>= 4.3)
      System.Resources.ResourceManager (>= 4.3)
      System.Runtime (>= 4.3)
      System.Runtime.Extensions (>= 4.3)
      System.Runtime.InteropServices (>= 4.3)
      System.Text.Encoding (>= 4.3)
      System.Text.Encoding.Extensions (>= 4.3)
      System.Text.RegularExpressions (>= 4.3)
      System.Threading.Tasks (>= 4.3)
      System.Threading.Tasks.Extensions (>= 4.3)
    System.Xml.XDocument (4.3)
      System.Collections (>= 4.3)
      System.Diagnostics.Debug (>= 4.3)
      System.Diagnostics.Tools (>= 4.3)
      System.Globalization (>= 4.3)
      System.IO (>= 4.3)
      System.Reflection (>= 4.3)
      System.Resources.ResourceManager (>= 4.3)
      System.Runtime (>= 4.3)
      System.Runtime.Extensions (>= 4.3)
      System.Text.Encoding (>= 4.3)
      System.Threading (>= 4.3)
      System.Xml.ReaderWriter (>= 4.3)
    System.Xml.XmlDocument (4.3)
      System.Collections (>= 4.3)
      System.Diagnostics.Debug (>= 4.3)
      System.Globalization (>= 4.3)
      System.IO (>= 4.3)
      System.Resources.ResourceManager (>= 4.3)
      System.Runtime (>= 4.3)
      System.Runtime.Extensions (>= 4.3)
      System.Text.Encoding (>= 4.3)
      System.Threading (>= 4.3)
      System.Xml.ReaderWriter (>= 4.3)
    System.Xml.XPath (4.3)
      System.Collections (>= 4.3)
      System.Diagnostics.Debug (>= 4.3)
      System.Globalization (>= 4.3)
      System.IO (>= 4.3)
      System.Resources.ResourceManager (>= 4.3)
      System.Runtime (>= 4.3)
      System.Runtime.Extensions (>= 4.3)
      System.Threading (>= 4.3)
      System.Xml.ReaderWriter (>= 4.3)
    System.Xml.XPath.XDocument (4.3)
      System.Diagnostics.Debug (>= 4.3)
      System.Linq (>= 4.3)
      System.Resources.ResourceManager (>= 4.3)
      System.Runtime (>= 4.3)
      System.Runtime.Extensions (>= 4.3)
      System.Threading (>= 4.3)
      System.Xml.ReaderWriter (>= 4.3)
      System.Xml.XDocument (>= 4.3)
      System.Xml.XPath (>= 4.3)
    System.Xml.XPath.XmlDocument (4.3)
      System.Collections (>= 4.3)
      System.Globalization (>= 4.3)
      System.IO (>= 4.3)
      System.Resources.ResourceManager (>= 4.3)
      System.Runtime (>= 4.3)
      System.Runtime.Extensions (>= 4.3)
      System.Threading (>= 4.3)
      System.Xml.ReaderWriter (>= 4.3)
      System.Xml.XmlDocument (>= 4.3)
      System.Xml.XPath (>= 4.3)
