STORAGE: NONE
RESTRICTION: || (== net5.0) (== net6.0) (== netcoreapp3.1)
NUGET
  remote: https://www.nuget.org/api/v2
    Argu (6.1.1)
      FSharp.Core (>= 4.3.2)
      System.Configuration.ConfigurationManager (>= 4.4)
    AWSSDK.Core (3.7.8.9)
    AWSSDK.S3 (3.7.8.7)
      AWSSDK.Core (>= 3.7.8.9 < 4.0)
    Dap.Context (0.10)
      Dap.Prelude (>= 0.10) - restriction: || (&& (== net5.0) (>= net6.0)) (== net6.0) (&& (== netcoreapp3.1) (>= net6.0))
      Thoth.Json.Net (>= 8.0) - restriction: || (&& (== net5.0) (>= net6.0)) (== net6.0) (&& (== netcoreapp3.1) (>= net6.0))
    Dap.Platform (0.10.2)
      Dap.Context (>= 0.10) - restriction: || (&& (== net5.0) (>= net6.0)) (== net6.0) (&& (== netcoreapp3.1) (>= net6.0))
      Dap.Platform.Cli (>= 0.10) - restriction: || (&& (== net5.0) (>= net6.0)) (== net6.0) (&& (== netcoreapp3.1) (>= net6.0))
      Elmish (>= 3.1) - restriction: || (&& (== net5.0) (>= net6.0)) (== net6.0) (&& (== netcoreapp3.1) (>= net6.0))
      NodaTime (>= 3.0.9) - restriction: || (&& (== net5.0) (>= net6.0)) (== net6.0) (&& (== netcoreapp3.1) (>= net6.0))
    Dap.Platform.Cli (0.10) - restriction: || (&& (== net5.0) (>= net6.0)) (== net6.0) (&& (== netcoreapp3.1) (>= net6.0))
    Dap.Prelude (0.10)
      FSharp.Core (>= 6.0.3) - restriction: || (&& (== net5.0) (>= net6.0)) (== net6.0) (&& (== netcoreapp3.1) (>= net6.0))
      Serilog (>= 2.10) - restriction: || (&& (== net5.0) (>= net6.0)) (== net6.0) (&& (== netcoreapp3.1) (>= net6.0))
      Serilog.Enrichers.Thread (>= 3.1) - restriction: || (&& (== net5.0) (>= net6.0)) (== net6.0) (&& (== netcoreapp3.1) (>= net6.0))
      Serilog.Formatting.Compact (>= 1.1) - restriction: || (&& (== net5.0) (>= net6.0)) (== net6.0) (&& (== netcoreapp3.1) (>= net6.0))
      Serilog.Sinks.Console (>= 4.0.1) - restriction: || (&& (== net5.0) (>= net6.0)) (== net6.0) (&& (== netcoreapp3.1) (>= net6.0))
      Serilog.Sinks.File (>= 5.0) - restriction: || (&& (== net5.0) (>= net6.0)) (== net6.0) (&& (== netcoreapp3.1) (>= net6.0))
      Serilog.Sinks.Seq (>= 5.1.1) - restriction: || (&& (== net5.0) (>= net6.0)) (== net6.0) (&& (== netcoreapp3.1) (>= net6.0))
    Dap.Remote (0.10)
      Dap.WebSocket (>= 0.10) - restriction: || (&& (== net5.0) (>= net6.0)) (== net6.0) (&& (== netcoreapp3.1) (>= net6.0))
      FSharp.Core (>= 6.0.3) - restriction: || (&& (== net5.0) (>= net6.0)) (== net6.0) (&& (== netcoreapp3.1) (>= net6.0))
    Dap.WebSocket (0.10)
      Dap.Platform (>= 0.10) - restriction: || (&& (== net5.0) (>= net6.0)) (== net6.0) (&& (== netcoreapp3.1) (>= net6.0))
      FSharp.Core (>= 6.0.3) - restriction: || (&& (== net5.0) (>= net6.0)) (== net6.0) (&& (== netcoreapp3.1) (>= net6.0))
    dotnet-sourcelink (2.8.3) - clitool: true
      Microsoft.Extensions.CommandLineUtils (>= 1.1.1)
      Microsoft.NETCore.App (>= 2.0)
      Newtonsoft.Json (>= 10.0.3)
      NuGet.Packaging (>= 4.4)
      System.Reflection.Metadata (>= 1.5)
      System.ValueTuple (>= 4.4)
    Elmish (3.1) - restriction: || (&& (== net5.0) (>= net6.0)) (== net6.0) (&& (== netcoreapp3.1) (>= net6.0))
      FSharp.Core (>= 4.6.2)
    Fable.Browser.Blob (1.1.4) - restriction: || (&& (== net5.0) (>= net6.0)) (== net6.0) (&& (== netcoreapp3.1) (>= net6.0))
      Fable.Core (>= 3.0)
      FSharp.Core (>= 4.7.2)
    Fable.Browser.Dom (2.9)
      Fable.Browser.Blob (>= 1.1.4)
      Fable.Browser.Event (>= 1.4.6)
      Fable.Browser.WebStorage (>= 1.0.4)
      Fable.Core (>= 3.2.8)
      FSharp.Core (>= 4.7.2)
    Fable.Browser.Event (1.4.6) - restriction: || (&& (== net5.0) (>= net6.0)) (== net6.0) (&& (== netcoreapp3.1) (>= net6.0))
      Fable.Browser.Gamepad (>= 1.0.3)
      Fable.Core (>= 3.0)
      FSharp.Core (>= 4.7.2)
    Fable.Browser.Gamepad (1.0.3) - restriction: || (&& (== net5.0) (>= net6.0)) (== net6.0) (&& (== netcoreapp3.1) (>= net6.0))
      Fable.Core (>= 3.0)
      FSharp.Core (>= 4.7.2)
    Fable.Browser.Url (1.0.3) - restriction: || (&& (== net5.0) (>= net6.0)) (== net6.0) (&& (== netcoreapp3.1) (>= net6.0))
      Fable.Core (>= 3.0)
      FSharp.Core (>= 4.7.2)
    Fable.Browser.WebSocket (1.1) - restriction: || (&& (== net5.0) (>= net6.0)) (== net6.0) (&& (== netcoreapp3.1) (>= net6.0))
      Fable.Browser.Event (>= 1.4.5)
      Fable.Core (>= 3.0)
      FSharp.Core (>= 4.7.2)
    Fable.Browser.WebStorage (1.0.4) - restriction: || (&& (== net5.0) (>= net6.0)) (== net6.0) (&& (== netcoreapp3.1) (>= net6.0))
      Fable.Browser.Event (>= 1.4.4)
      Fable.Core (>= 3.0)
      FSharp.Core (>= 4.7.2)
    Fable.Core (3.6.2)
    Fable.Dap.Context (0.10)
      Fable.Dap.Prelude (>= 0.10) - restriction: || (&& (== net5.0) (>= net6.0)) (== net6.0) (&& (== netcoreapp3.1) (>= net6.0))
      Thoth.Json (>= 7.0) - restriction: || (&& (== net5.0) (>= net6.0)) (== net6.0) (&& (== netcoreapp3.1) (>= net6.0))
    Fable.Dap.Platform (0.10)
      Fable.Browser.Url (>= 1.0.3) - restriction: || (&& (== net5.0) (>= net6.0)) (== net6.0) (&& (== netcoreapp3.1) (>= net6.0))
      Fable.Dap.Context (>= 0.10) - restriction: || (&& (== net5.0) (>= net6.0)) (== net6.0) (&& (== netcoreapp3.1) (>= net6.0))
      Fable.Elmish (>= 3.1) - restriction: || (&& (== net5.0) (>= net6.0)) (== net6.0) (&& (== netcoreapp3.1) (>= net6.0))
      Fable.Promise (>= 3.1.3) - restriction: || (&& (== net5.0) (>= net6.0)) (== net6.0) (&& (== netcoreapp3.1) (>= net6.0))
    Fable.Dap.Prelude (0.10)
      Fable.Browser.Dom (>= 2.9) - restriction: || (&& (== net5.0) (>= net6.0)) (== net6.0) (&& (== netcoreapp3.1) (>= net6.0))
      Fable.Core (>= 3.6.2) - restriction: || (&& (== net5.0) (>= net6.0)) (== net6.0) (&& (== netcoreapp3.1) (>= net6.0))
    Fable.Dap.Remote (0.10)
      Fable.Dap.WebSocket (>= 0.10) - restriction: || (&& (== net5.0) (>= net6.0)) (== net6.0) (&& (== netcoreapp3.1) (>= net6.0))
      FSharp.Core (>= 6.0.3) - restriction: || (&& (== net5.0) (>= net6.0)) (== net6.0) (&& (== netcoreapp3.1) (>= net6.0))
    Fable.Dap.WebSocket (0.10)
      Fable.Browser.WebSocket (>= 1.1) - restriction: || (&& (== net5.0) (>= net6.0)) (== net6.0) (&& (== netcoreapp3.1) (>= net6.0))
      Fable.Dap.Platform (>= 0.10) - restriction: || (&& (== net5.0) (>= net6.0)) (== net6.0) (&& (== netcoreapp3.1) (>= net6.0))
    Fable.Elmish (3.1)
      Fable.Core (>= 3.0)
      FSharp.Core (>= 4.6.2)
    Fable.Elmish.Browser (3.0.4)
      Fable.Browser.Dom (>= 1.0)
      Fable.Core (>= 3.0)
      Fable.Elmish (>= 3.0)
      FSharp.Core (>= 4.6.2)
    Fable.Elmish.Debugger (3.3)
      Fable.Core (>= 3.2.8)
      Fable.Elmish (>= 3.0)
      FSharp.Core (>= 4.7.2)
      Thoth.Json (>= 6.0)
    Fable.Elmish.HMR (5.2)
      Fable.Core (>= 3.0)
      Fable.Elmish.Browser (>= 3.0.4)
      Fable.Elmish.React (>= 3.0.1)
      FSharp.Core (>= 4.7.2)
    Fable.Elmish.React (3.0.1)
      Fable.Core (>= 3.0)
      Fable.Elmish (>= 3.0)
      Fable.React (>= 5.1)
      FSharp.Core (>= 4.6.2)
    Fable.FontAwesome (2.0)
      Fable.Core (>= 3.0)
      Fable.React (>= 5.1)
    Fable.FontAwesome.Free (2.1)
      Fable.Core (>= 3.0)
      Fable.FontAwesome (>= 2.0)
      Fable.React (>= 5.1)
    Fable.JsonConverter (1.0.8)
      FSharp.Core (>= 4.2.3)
      Newtonsoft.Json (>= 11.0.1)
    Fable.Promise (3.1.3) - restriction: || (&& (== net5.0) (>= net6.0)) (== net6.0) (&& (== netcoreapp3.1) (>= net6.0))
      Fable.Core (>= 3.1.5)
      FSharp.Core (>= 4.7.2)
    Fable.React (7.4.3)
      Fable.Browser.Dom (>= 2.4.4)
      Fable.Core (>= 3.2.7)
      FSharp.Core (>= 4.7.2)
    FSharp.Control.AsyncSeq (3.2.1)
      FSharp.Core (>= 4.7.2)
      Microsoft.Bcl.AsyncInterfaces (>= 5.0)
    FSharp.Core (6.0.3)
    FSharp.Data (4.2.8)
      FSharp.Core (>= 4.7.2)
    FSharp.Data.TypeProviders (6.0.1)
    Fulma (2.16)
      Fable.Core (>= 3.2.6)
      Fable.React (>= 7.4)
    Giraffe (5.0)
      FSharp.Core (>= 5.0) - restriction: || (== net5.0) (== net6.0) (&& (== netcoreapp3.1) (>= net5.0))
      Giraffe.ViewEngine (>= 1.3) - restriction: || (== net5.0) (== net6.0) (&& (== netcoreapp3.1) (>= net5.0))
      Microsoft.IO.RecyclableMemoryStream (>= 1.3.6) - restriction: || (== net5.0) (== net6.0) (&& (== netcoreapp3.1) (>= net5.0))
      Newtonsoft.Json (>= 12.0.3) - restriction: || (== net5.0) (== net6.0) (&& (== netcoreapp3.1) (>= net5.0))
      Ply (>= 0.3.1) - restriction: || (== net5.0) (== net6.0) (&& (== netcoreapp3.1) (>= net5.0))
      System.Text.Json (>= 5.0.2) - restriction: || (== net5.0) (== net6.0) (&& (== netcoreapp3.1) (>= net5.0))
      Utf8Json (>= 1.3.7) - restriction: || (== net5.0) (== net6.0) (&& (== netcoreapp3.1) (>= net5.0))
    Giraffe.ViewEngine (1.4) - restriction: || (== net5.0) (== net6.0) (&& (== netcoreapp3.1) (>= net5.0))
      FSharp.Core (>= 5.0)
    jose-jwt (3.2)
      System.Security.Cryptography.Algorithms (>= 4.3.1)
      System.Security.Cryptography.Cng (>= 4.7)
      System.Text.Json (>= 5.0.2)
    Microsoft.AspNetCore.Authentication (2.2)
      Microsoft.AspNetCore.Authentication.Core (>= 2.2)
      Microsoft.AspNetCore.DataProtection (>= 2.2)
      Microsoft.AspNetCore.Http (>= 2.2)
      Microsoft.AspNetCore.Http.Extensions (>= 2.2)
      Microsoft.Extensions.Logging.Abstractions (>= 2.2)
      Microsoft.Extensions.Options (>= 2.2)
      Microsoft.Extensions.WebEncoders (>= 2.2)
    Microsoft.AspNetCore.Authentication.Abstractions (2.2)
      Microsoft.AspNetCore.Http.Abstractions (>= 2.2)
      Microsoft.Extensions.Logging.Abstractions (>= 2.2)
      Microsoft.Extensions.Options (>= 2.2)
    Microsoft.AspNetCore.Authentication.Cookies (2.2)
      Microsoft.AspNetCore.Authentication (>= 2.2)
    Microsoft.AspNetCore.Authentication.Core (2.2)
      Microsoft.AspNetCore.Authentication.Abstractions (>= 2.2)
      Microsoft.AspNetCore.Http (>= 2.2)
      Microsoft.AspNetCore.Http.Extensions (>= 2.2)
    Microsoft.AspNetCore.Authentication.OpenIdConnect (6.0.3)
      Microsoft.IdentityModel.Protocols.OpenIdConnect (>= 6.10) - restriction: || (&& (== net5.0) (>= net6.0)) (== net6.0) (&& (== netcoreapp3.1) (>= net6.0))
    Microsoft.AspNetCore.Connections.Abstractions (6.0.3)
      Microsoft.Extensions.Features (>= 6.0.3)
      System.IO.Pipelines (>= 6.0.2)
    Microsoft.AspNetCore.Cors (2.2)
      Microsoft.AspNetCore.Http.Extensions (>= 2.2)
      Microsoft.Extensions.Configuration.Abstractions (>= 2.2)
      Microsoft.Extensions.DependencyInjection.Abstractions (>= 2.2)
      Microsoft.Extensions.Logging.Abstractions (>= 2.2)
      Microsoft.Extensions.Options (>= 2.2)
    Microsoft.AspNetCore.Cryptography.Internal (6.0.3)
    Microsoft.AspNetCore.DataProtection (6.0.3)
      Microsoft.AspNetCore.Cryptography.Internal (>= 6.0.3)
      Microsoft.AspNetCore.DataProtection.Abstractions (>= 6.0.3)
      Microsoft.Extensions.DependencyInjection.Abstractions (>= 6.0)
      Microsoft.Extensions.Hosting.Abstractions (>= 6.0)
      Microsoft.Extensions.Logging.Abstractions (>= 6.0.1)
      Microsoft.Extensions.Options (>= 6.0)
      Microsoft.Win32.Registry (>= 5.0) - restriction: || (== net5.0) (&& (== net6.0) (>= net461)) (== netcoreapp3.1)
      System.Security.Cryptography.Xml (>= 6.0)
      System.Security.Principal.Windows (>= 5.0) - restriction: || (== net5.0) (== netcoreapp3.1)
    Microsoft.AspNetCore.DataProtection.Abstractions (6.0.3)
    Microsoft.AspNetCore.Diagnostics (2.2)
      Microsoft.AspNetCore.Diagnostics.Abstractions (>= 2.2)
      Microsoft.AspNetCore.Hosting.Abstractions (>= 2.2)
      Microsoft.AspNetCore.Http.Extensions (>= 2.2)
      Microsoft.AspNetCore.WebUtilities (>= 2.2)
      Microsoft.Extensions.FileProviders.Physical (>= 2.2)
      Microsoft.Extensions.Logging.Abstractions (>= 2.2)
      Microsoft.Extensions.Options (>= 2.2)
      System.Diagnostics.DiagnosticSource (>= 4.5)
      System.Reflection.Metadata (>= 1.6)
    Microsoft.AspNetCore.Diagnostics.Abstractions (2.2)
    Microsoft.AspNetCore.Diagnostics.Elm (0.2.2)
      Microsoft.AspNetCore.Http.Abstractions (>= 1.1.2)
      Microsoft.Extensions.Logging.Abstractions (>= 1.1.2)
      Microsoft.Extensions.Options (>= 1.1.2)
      NETStandard.Library (>= 1.6.1)
    Microsoft.AspNetCore.Hosting (2.2.7)
      Microsoft.AspNetCore.Hosting.Abstractions (>= 2.2)
      Microsoft.AspNetCore.Http (>= 2.2)
      Microsoft.AspNetCore.Http.Extensions (>= 2.2)
      Microsoft.Extensions.Configuration (>= 2.2)
      Microsoft.Extensions.Configuration.EnvironmentVariables (>= 2.2.4)
      Microsoft.Extensions.Configuration.FileExtensions (>= 2.2)
      Microsoft.Extensions.DependencyInjection (>= 2.2)
      Microsoft.Extensions.FileProviders.Physical (>= 2.2)
      Microsoft.Extensions.Hosting.Abstractions (>= 2.2)
      Microsoft.Extensions.Logging (>= 2.2)
      Microsoft.Extensions.Options (>= 2.2)
      System.Diagnostics.DiagnosticSource (>= 4.5.1)
      System.Reflection.Metadata (>= 1.6)
    Microsoft.AspNetCore.Hosting.Abstractions (2.2)
      Microsoft.AspNetCore.Hosting.Server.Abstractions (>= 2.2)
      Microsoft.AspNetCore.Http.Abstractions (>= 2.2)
      Microsoft.Extensions.Hosting.Abstractions (>= 2.2)
    Microsoft.AspNetCore.Hosting.Server.Abstractions (2.2)
      Microsoft.AspNetCore.Http.Features (>= 2.2)
      Microsoft.Extensions.Configuration.Abstractions (>= 2.2)
    Microsoft.AspNetCore.Http (2.2.2)
      Microsoft.AspNetCore.Http.Abstractions (>= 2.2)
      Microsoft.AspNetCore.WebUtilities (>= 2.2)
      Microsoft.Extensions.ObjectPool (>= 2.2)
      Microsoft.Extensions.Options (>= 2.2)
      Microsoft.Net.Http.Headers (>= 2.2)
    Microsoft.AspNetCore.Http.Abstractions (2.2)
      Microsoft.AspNetCore.Http.Features (>= 2.2)
      System.Text.Encodings.Web (>= 4.5)
    Microsoft.AspNetCore.Http.Extensions (2.2)
      Microsoft.AspNetCore.Http.Abstractions (>= 2.2)
      Microsoft.Extensions.FileProviders.Abstractions (>= 2.2)
      Microsoft.Net.Http.Headers (>= 2.2)
      System.Buffers (>= 4.5)
    Microsoft.AspNetCore.Http.Features (5.0.15)
      Microsoft.Extensions.Primitives (>= 5.0.1)
      System.IO.Pipelines (>= 5.0.2)
    Microsoft.AspNetCore.Server.Kestrel (2.2)
      Microsoft.AspNetCore.Hosting (>= 2.2)
      Microsoft.AspNetCore.Server.Kestrel.Core (>= 2.2)
      Microsoft.AspNetCore.Server.Kestrel.Https (>= 2.2)
      Microsoft.AspNetCore.Server.Kestrel.Transport.Sockets (>= 2.2)
    Microsoft.AspNetCore.Server.Kestrel.Core (2.2)
      Microsoft.AspNetCore.Hosting.Abstractions (>= 2.2)
      Microsoft.AspNetCore.Http (>= 2.2)
      Microsoft.AspNetCore.Server.Kestrel.Transport.Abstractions (>= 2.2)
      Microsoft.AspNetCore.WebUtilities (>= 2.2)
      Microsoft.Extensions.Configuration.Binder (>= 2.2)
      Microsoft.Extensions.Logging.Abstractions (>= 2.2)
      Microsoft.Extensions.Options (>= 2.2)
      Microsoft.Net.Http.Headers (>= 2.2)
      System.Memory (>= 4.5.1)
      System.Numerics.Vectors (>= 4.5)
      System.Runtime.CompilerServices.Unsafe (>= 4.5.1)
      System.Security.Cryptography.Cng (>= 4.5)
      System.Threading.Tasks.Extensions (>= 4.5.1)
    Microsoft.AspNetCore.Server.Kestrel.Https (2.2)
      Microsoft.AspNetCore.Http.Abstractions (>= 2.2)
      Microsoft.AspNetCore.Server.Kestrel.Core (>= 2.2)
    Microsoft.AspNetCore.Server.Kestrel.Transport.Abstractions (2.2)
      Microsoft.AspNetCore.Connections.Abstractions (>= 2.2)
    Microsoft.AspNetCore.Server.Kestrel.Transport.Sockets (2.2.1)
      Microsoft.AspNetCore.Hosting.Abstractions (>= 2.2)
      Microsoft.AspNetCore.Server.Kestrel.Transport.Abstractions (>= 2.2)
      Microsoft.Extensions.Options (>= 2.2)
    Microsoft.AspNetCore.StaticFiles (2.2)
      Microsoft.AspNetCore.Hosting.Abstractions (>= 2.2)
      Microsoft.AspNetCore.Http.Extensions (>= 2.2)
      Microsoft.Extensions.FileProviders.Abstractions (>= 2.2)
      Microsoft.Extensions.Logging.Abstractions (>= 2.2)
      Microsoft.Extensions.WebEncoders (>= 2.2)
    Microsoft.AspNetCore.WebSockets (2.2.1)
      Microsoft.AspNetCore.Http.Extensions (>= 2.2)
      Microsoft.Extensions.Logging.Abstractions (>= 2.2)
      Microsoft.Extensions.Options (>= 2.2)
      System.Net.WebSockets.WebSocketProtocol (>= 4.5.3)
    Microsoft.AspNetCore.WebUtilities (2.2)
      Microsoft.Net.Http.Headers (>= 2.2)
      System.Text.Encodings.Web (>= 4.5)
    Microsoft.Bcl.AsyncInterfaces (6.0)
    Microsoft.Build.Tasks.Git (1.1.1)
    Microsoft.CSharp (4.7) - restriction: || (&& (== net5.0) (>= net6.0)) (== net6.0) (&& (== netcoreapp3.1) (>= net6.0))
    Microsoft.Extensions.CommandLineUtils (1.1.1)
      NETStandard.Library (>= 1.6.1)
    Microsoft.Extensions.Configuration (6.0.1)
      Microsoft.Extensions.Configuration.Abstractions (>= 6.0)
      Microsoft.Extensions.Primitives (>= 6.0)
    Microsoft.Extensions.Configuration.Abstractions (6.0)
      Microsoft.Extensions.Primitives (>= 6.0)
    Microsoft.Extensions.Configuration.Binder (6.0)
      Microsoft.Extensions.Configuration.Abstractions (>= 6.0)
    Microsoft.Extensions.Configuration.EnvironmentVariables (6.0.1)
      Microsoft.Extensions.Configuration (>= 6.0)
      Microsoft.Extensions.Configuration.Abstractions (>= 6.0)
    Microsoft.Extensions.Configuration.FileExtensions (6.0)
      Microsoft.Extensions.Configuration (>= 6.0)
      Microsoft.Extensions.Configuration.Abstractions (>= 6.0)
      Microsoft.Extensions.FileProviders.Abstractions (>= 6.0)
      Microsoft.Extensions.FileProviders.Physical (>= 6.0)
      Microsoft.Extensions.Primitives (>= 6.0)
    Microsoft.Extensions.DependencyInjection (6.0)
      Microsoft.Extensions.DependencyInjection.Abstractions (>= 6.0)
      System.Runtime.CompilerServices.Unsafe (>= 6.0)
    Microsoft.Extensions.DependencyInjection.Abstractions (6.0)
    Microsoft.Extensions.Features (6.0.3)
    Microsoft.Extensions.FileProviders.Abstractions (6.0)
      Microsoft.Extensions.Primitives (>= 6.0)
    Microsoft.Extensions.FileProviders.Physical (6.0)
      Microsoft.Extensions.FileProviders.Abstractions (>= 6.0)
      Microsoft.Extensions.FileSystemGlobbing (>= 6.0)
      Microsoft.Extensions.Primitives (>= 6.0)
    Microsoft.Extensions.FileSystemGlobbing (6.0)
    Microsoft.Extensions.Hosting.Abstractions (6.0)
      Microsoft.Extensions.Configuration.Abstractions (>= 6.0)
      Microsoft.Extensions.DependencyInjection.Abstractions (>= 6.0)
      Microsoft.Extensions.FileProviders.Abstractions (>= 6.0)
    Microsoft.Extensions.Logging (6.0)
      Microsoft.Extensions.DependencyInjection (>= 6.0)
      Microsoft.Extensions.DependencyInjection.Abstractions (>= 6.0)
      Microsoft.Extensions.Logging.Abstractions (>= 6.0)
      Microsoft.Extensions.Options (>= 6.0)
      System.Diagnostics.DiagnosticSource (>= 6.0)
    Microsoft.Extensions.Logging.Abstractions (6.0.1)
      System.Buffers (>= 4.5.1) - restriction: || (== net5.0) (&& (== net6.0) (>= net461)) (== netcoreapp3.1)
      System.Memory (>= 4.5.4) - restriction: || (== net5.0) (&& (== net6.0) (>= net461)) (== netcoreapp3.1)
    Microsoft.Extensions.ObjectPool (6.0.3)
    Microsoft.Extensions.Options (6.0)
      Microsoft.Extensions.DependencyInjection.Abstractions (>= 6.0)
      Microsoft.Extensions.Primitives (>= 6.0)
    Microsoft.Extensions.Primitives (6.0)
      System.Runtime.CompilerServices.Unsafe (>= 6.0)
    Microsoft.Extensions.WebEncoders (6.0.3)
      Microsoft.Extensions.DependencyInjection.Abstractions (>= 6.0)
      Microsoft.Extensions.Options (>= 6.0)
      System.Text.Encodings.Web (>= 6.0) - restriction: || (== net5.0) (&& (== net6.0) (>= net461)) (== netcoreapp3.1)
    Microsoft.IdentityModel.JsonWebTokens (6.16) - restriction: || (&& (== net5.0) (>= net6.0)) (== net6.0) (&& (== netcoreapp3.1) (>= net6.0))
      Microsoft.IdentityModel.Tokens (>= 6.16)
    Microsoft.IdentityModel.Logging (6.16) - restriction: || (&& (== net5.0) (>= net6.0)) (== net6.0) (&& (== netcoreapp3.1) (>= net6.0))
    Microsoft.IdentityModel.Protocols (6.16) - restriction: || (&& (== net5.0) (>= net6.0)) (== net6.0) (&& (== netcoreapp3.1) (>= net6.0))
      Microsoft.IdentityModel.Logging (>= 6.16)
      Microsoft.IdentityModel.Tokens (>= 6.16)
    Microsoft.IdentityModel.Protocols.OpenIdConnect (6.16) - restriction: || (&& (== net5.0) (>= net6.0)) (== net6.0) (&& (== netcoreapp3.1) (>= net6.0))
      Microsoft.IdentityModel.Protocols (>= 6.16)
      System.IdentityModel.Tokens.Jwt (>= 6.16)
    Microsoft.IdentityModel.Tokens (6.16) - restriction: || (&& (== net5.0) (>= net6.0)) (== net6.0) (&& (== netcoreapp3.1) (>= net6.0))
      Microsoft.CSharp (>= 4.5)
      Microsoft.IdentityModel.Logging (>= 6.16)
      System.Security.Cryptography.Cng (>= 4.5)
    Microsoft.IO.RecyclableMemoryStream (2.2) - restriction: || (== net5.0) (== net6.0) (&& (== netcoreapp3.1) (>= net5.0))
    Microsoft.Net.Http.Headers (2.2.8)
      Microsoft.Extensions.Primitives (>= 2.2)
      System.Buffers (>= 4.5)
    Microsoft.NETCore.App (2.2.8)
      Microsoft.NETCore.DotNetHostPolicy (>= 2.2.8)
      Microsoft.NETCore.Platforms (>= 2.2.4)
      Microsoft.NETCore.Targets (>= 2.0)
      NETStandard.Library (>= 2.0.3)
    Microsoft.NETCore.DotNetAppHost (6.0.3)
    Microsoft.NETCore.DotNetHostPolicy (6.0.3)
      Microsoft.NETCore.DotNetHostResolver (>= 6.0.3)
    Microsoft.NETCore.DotNetHostResolver (6.0.3)
      Microsoft.NETCore.DotNetAppHost (>= 6.0.3)
    Microsoft.NETCore.Platforms (6.0.2)
    Microsoft.NETCore.Targets (5.0)
    Microsoft.SourceLink.Common (1.1.1)
    Microsoft.SourceLink.GitHub (1.1.1)
      Microsoft.Build.Tasks.Git (>= 1.1.1)
      Microsoft.SourceLink.Common (>= 1.1.1)
    Microsoft.Win32.Registry (5.0) - restriction: || (== net5.0) (&& (== net6.0) (>= net461)) (== netcoreapp3.1)
      System.Security.AccessControl (>= 5.0)
      System.Security.Principal.Windows (>= 5.0)
    Microsoft.Win32.SystemEvents (6.0)
    NETStandard.Library (2.0.3)
      Microsoft.NETCore.Platforms (>= 1.1)
    Newtonsoft.Json (13.0.1)
    NodaTime (3.0.9) - restriction: || (&& (== net5.0) (>= net6.0)) (== net6.0) (&& (== netcoreapp3.1) (>= net6.0))
      System.Runtime.CompilerServices.Unsafe (>= 4.7.1)
    NuGet.Common (6.1)
      NuGet.Frameworks (>= 6.1)
    NuGet.Configuration (6.1)
      NuGet.Common (>= 6.1)
      System.Security.Cryptography.ProtectedData (>= 4.4)
    NuGet.Frameworks (6.1)
    NuGet.Packaging (6.1)
      Newtonsoft.Json (>= 13.0.1)
      NuGet.Configuration (>= 6.1)
      NuGet.Versioning (>= 6.1)
      System.Security.Cryptography.Cng (>= 5.0)
      System.Security.Cryptography.Pkcs (>= 5.0)
    NuGet.Versioning (6.1)
    Ply (0.3.1) - restriction: || (== net5.0) (== net6.0) (&& (== netcoreapp3.1) (>= net5.0))
      FSharp.Core (>= 4.6.2)
      System.Threading.Tasks.Extensions (>= 4.5.4)
    runtime.debian.8-x64.runtime.native.System.Security.Cryptography.OpenSsl (4.3.3)
    runtime.debian.9-x64.runtime.native.System.Security.Cryptography.OpenSsl (4.3.3)
    runtime.fedora.23-x64.runtime.native.System.Security.Cryptography.OpenSsl (4.3.3)
    runtime.fedora.24-x64.runtime.native.System.Security.Cryptography.OpenSsl (4.3.3)
    runtime.fedora.27-x64.runtime.native.System.Security.Cryptography.OpenSsl (4.3.3)
    runtime.fedora.28-x64.runtime.native.System.Security.Cryptography.OpenSsl (4.3.3)
    runtime.native.System.Security.Cryptography.Apple (4.3.1)
      runtime.osx.10.10-x64.runtime.native.System.Security.Cryptography.Apple (>= 4.3.1)
    runtime.native.System.Security.Cryptography.OpenSsl (4.3.3)
      runtime.debian.8-x64.runtime.native.System.Security.Cryptography.OpenSsl (>= 4.3.3)
      runtime.debian.9-x64.runtime.native.System.Security.Cryptography.OpenSsl (>= 4.3.3)
      runtime.fedora.23-x64.runtime.native.System.Security.Cryptography.OpenSsl (>= 4.3.3)
      runtime.fedora.24-x64.runtime.native.System.Security.Cryptography.OpenSsl (>= 4.3.3)
      runtime.fedora.27-x64.runtime.native.System.Security.Cryptography.OpenSsl (>= 4.3.3)
      runtime.fedora.28-x64.runtime.native.System.Security.Cryptography.OpenSsl (>= 4.3.3)
      runtime.opensuse.13.2-x64.runtime.native.System.Security.Cryptography.OpenSsl (>= 4.3.3)
      runtime.opensuse.42.1-x64.runtime.native.System.Security.Cryptography.OpenSsl (>= 4.3.3)
      runtime.opensuse.42.3-x64.runtime.native.System.Security.Cryptography.OpenSsl (>= 4.3.3)
      runtime.osx.10.10-x64.runtime.native.System.Security.Cryptography.OpenSsl (>= 4.3.3)
      runtime.rhel.7-x64.runtime.native.System.Security.Cryptography.OpenSsl (>= 4.3.3)
      runtime.ubuntu.14.04-x64.runtime.native.System.Security.Cryptography.OpenSsl (>= 4.3.3)
      runtime.ubuntu.16.04-x64.runtime.native.System.Security.Cryptography.OpenSsl (>= 4.3.3)
      runtime.ubuntu.16.10-x64.runtime.native.System.Security.Cryptography.OpenSsl (>= 4.3.3)
      runtime.ubuntu.18.04-x64.runtime.native.System.Security.Cryptography.OpenSsl (>= 4.3.3)
    runtime.opensuse.13.2-x64.runtime.native.System.Security.Cryptography.OpenSsl (4.3.3)
    runtime.opensuse.42.1-x64.runtime.native.System.Security.Cryptography.OpenSsl (4.3.3)
    runtime.opensuse.42.3-x64.runtime.native.System.Security.Cryptography.OpenSsl (4.3.3)
    runtime.osx.10.10-x64.runtime.native.System.Security.Cryptography.Apple (4.3.1)
    runtime.osx.10.10-x64.runtime.native.System.Security.Cryptography.OpenSsl (4.3.3)
    runtime.rhel.7-x64.runtime.native.System.Security.Cryptography.OpenSsl (4.3.3)
    runtime.ubuntu.14.04-x64.runtime.native.System.Security.Cryptography.OpenSsl (4.3.3)
    runtime.ubuntu.16.04-x64.runtime.native.System.Security.Cryptography.OpenSsl (4.3.3)
    runtime.ubuntu.16.10-x64.runtime.native.System.Security.Cryptography.OpenSsl (4.3.3)
    runtime.ubuntu.18.04-x64.runtime.native.System.Security.Cryptography.OpenSsl (4.3.3)
    Serilog (2.10) - restriction: || (&& (== net5.0) (>= net6.0)) (== net6.0) (&& (== netcoreapp3.1) (>= net6.0))
    Serilog.Enrichers.Thread (3.1) - restriction: || (&& (== net5.0) (>= net6.0)) (== net6.0) (&& (== netcoreapp3.1) (>= net6.0))
      Serilog (>= 2.3)
    Serilog.Formatting.Compact (1.1) - restriction: || (&& (== net5.0) (>= net6.0)) (== net6.0) (&& (== netcoreapp3.1) (>= net6.0))
      Serilog (>= 2.8)
    Serilog.Sinks.Console (4.0.1) - restriction: || (&& (== net5.0) (>= net6.0)) (== net6.0) (&& (== netcoreapp3.1) (>= net6.0))
      Serilog (>= 2.10)
    Serilog.Sinks.File (5.0) - restriction: || (&& (== net5.0) (>= net6.0)) (== net6.0) (&& (== netcoreapp3.1) (>= net6.0))
      Serilog (>= 2.10)
    Serilog.Sinks.PeriodicBatching (2.3.1) - restriction: || (&& (== net5.0) (>= net6.0)) (== net6.0) (&& (== netcoreapp3.1) (>= net6.0))
      Serilog (>= 2.0)
    Serilog.Sinks.Seq (5.1.1) - restriction: || (&& (== net5.0) (>= net6.0)) (== net6.0) (&& (== netcoreapp3.1) (>= net6.0))
      Serilog (>= 2.10)
      Serilog.Formatting.Compact (>= 1.1)
      Serilog.Sinks.File (>= 4.0)
      Serilog.Sinks.PeriodicBatching (>= 2.3)
    System.Buffers (4.5.1)
    System.Collections (4.3)
      Microsoft.NETCore.Platforms (>= 1.1)
      Microsoft.NETCore.Targets (>= 1.1)
      System.Runtime (>= 4.3)
    System.Collections.Concurrent (4.3)
      System.Collections (>= 4.3)
      System.Diagnostics.Debug (>= 4.3)
      System.Diagnostics.Tracing (>= 4.3)
      System.Globalization (>= 4.3)
      System.Reflection (>= 4.3)
      System.Resources.ResourceManager (>= 4.3)
      System.Runtime (>= 4.3)
      System.Runtime.Extensions (>= 4.3)
      System.Threading (>= 4.3)
      System.Threading.Tasks (>= 4.3)
    System.Collections.Immutable (6.0)
      System.Memory (>= 4.5.4) - restriction: || (== net5.0) (&& (== net6.0) (>= net461)) (== netcoreapp3.1)
      System.Runtime.CompilerServices.Unsafe (>= 6.0)
    System.Configuration.ConfigurationManager (6.0)
      System.Security.Cryptography.ProtectedData (>= 6.0)
      System.Security.Permissions (>= 6.0)
    System.Diagnostics.Debug (4.3)
      Microsoft.NETCore.Platforms (>= 1.1)
      Microsoft.NETCore.Targets (>= 1.1)
      System.Runtime (>= 4.3)
    System.Diagnostics.DiagnosticSource (6.0)
      System.Memory (>= 4.5.4) - restriction: || (&& (== net5.0) (>= net461)) (&& (== net6.0) (>= net461)) (&& (== net6.0) (< net5.0)) (== netcoreapp3.1)
      System.Runtime.CompilerServices.Unsafe (>= 6.0)
    System.Diagnostics.Tracing (4.3)
      Microsoft.NETCore.Platforms (>= 1.1)
      Microsoft.NETCore.Targets (>= 1.1)
      System.Runtime (>= 4.3)
    System.Drawing.Common (6.0)
      Microsoft.Win32.SystemEvents (>= 6.0)
    System.Formats.Asn1 (6.0)
      System.Buffers (>= 4.5.1) - restriction: || (== net5.0) (&& (== net6.0) (>= net461)) (== netcoreapp3.1)
      System.Memory (>= 4.5.4) - restriction: || (== net5.0) (&& (== net6.0) (>= net461)) (== netcoreapp3.1)
    System.Globalization (4.3)
      Microsoft.NETCore.Platforms (>= 1.1)
      Microsoft.NETCore.Targets (>= 1.1)
      System.Runtime (>= 4.3)
    System.IdentityModel.Tokens.Jwt (6.16) - restriction: || (&& (== net5.0) (>= net6.0)) (== net6.0) (&& (== netcoreapp3.1) (>= net6.0))
      Microsoft.IdentityModel.JsonWebTokens (>= 6.16)
      Microsoft.IdentityModel.Tokens (>= 6.16)
    System.IO (4.3)
      Microsoft.NETCore.Platforms (>= 1.1)
      Microsoft.NETCore.Targets (>= 1.1)
      System.Runtime (>= 4.3)
      System.Text.Encoding (>= 4.3)
      System.Threading.Tasks (>= 4.3)
    System.IO.Pipelines (6.0.2)
    System.Linq (4.3)
      System.Collections (>= 4.3)
      System.Diagnostics.Debug (>= 4.3)
      System.Resources.ResourceManager (>= 4.3)
      System.Runtime (>= 4.3)
      System.Runtime.Extensions (>= 4.3)
    System.Memory (4.5.4)
    System.Net.WebSockets.WebSocketProtocol (5.0)
    System.Numerics.Vectors (4.5)
    System.Reflection (4.3)
      Microsoft.NETCore.Platforms (>= 1.1)
      Microsoft.NETCore.Targets (>= 1.1)
      System.IO (>= 4.3)
      System.Reflection.Primitives (>= 4.3)
      System.Runtime (>= 4.3)
    System.Reflection.Emit (4.7) - restriction: || (== net5.0) (== net6.0) (&& (== netcoreapp3.1) (>= net5.0))
    System.Reflection.Emit.Lightweight (4.7) - restriction: || (== net5.0) (== net6.0) (&& (== netcoreapp3.1) (>= net5.0))
    System.Reflection.Metadata (6.0.1)
      System.Collections.Immutable (>= 6.0)
    System.Reflection.Primitives (4.3)
      Microsoft.NETCore.Platforms (>= 1.1)
      Microsoft.NETCore.Targets (>= 1.1)
      System.Runtime (>= 4.3)
    System.Resources.ResourceManager (4.3)
      Microsoft.NETCore.Platforms (>= 1.1)
      Microsoft.NETCore.Targets (>= 1.1)
      System.Globalization (>= 4.3)
      System.Reflection (>= 4.3)
      System.Runtime (>= 4.3)
    System.Runtime (4.3.1)
      Microsoft.NETCore.Platforms (>= 1.1.1)
      Microsoft.NETCore.Targets (>= 1.1.3)
    System.Runtime.CompilerServices.Unsafe (6.0)
    System.Runtime.Extensions (4.3.1)
      Microsoft.NETCore.Platforms (>= 1.1.1)
      Microsoft.NETCore.Targets (>= 1.1.3)
      System.Runtime (>= 4.3.1)
    System.Runtime.Handles (4.3)
      Microsoft.NETCore.Platforms (>= 1.1)
      Microsoft.NETCore.Targets (>= 1.1)
      System.Runtime (>= 4.3)
    System.Runtime.InteropServices (4.3)
      Microsoft.NETCore.Platforms (>= 1.1)
      Microsoft.NETCore.Targets (>= 1.1)
      System.Reflection (>= 4.3)
      System.Reflection.Primitives (>= 4.3)
      System.Runtime (>= 4.3)
      System.Runtime.Handles (>= 4.3)
    System.Runtime.Numerics (4.3)
      System.Globalization (>= 4.3)
      System.Resources.ResourceManager (>= 4.3)
      System.Runtime (>= 4.3)
      System.Runtime.Extensions (>= 4.3)
    System.Security.AccessControl (6.0)
      System.Security.Principal.Windows (>= 5.0) - restriction: || (== net5.0) (&& (== net6.0) (>= net461)) (== netcoreapp3.1)
    System.Security.Cryptography.Algorithms (4.3.1)
      Microsoft.NETCore.Platforms (>= 1.1)
      runtime.native.System.Security.Cryptography.Apple (>= 4.3.1)
      runtime.native.System.Security.Cryptography.OpenSsl (>= 4.3.2)
      System.Collections (>= 4.3)
      System.IO (>= 4.3)
      System.Resources.ResourceManager (>= 4.3)
      System.Runtime (>= 4.3)
      System.Runtime.Extensions (>= 4.3)
      System.Runtime.Handles (>= 4.3)
      System.Runtime.InteropServices (>= 4.3)
      System.Runtime.Numerics (>= 4.3)
      System.Security.Cryptography.Encoding (>= 4.3)
      System.Security.Cryptography.Primitives (>= 4.3)
      System.Text.Encoding (>= 4.3)
    System.Security.Cryptography.Cng (5.0)
      System.Formats.Asn1 (>= 5.0)
    System.Security.Cryptography.Encoding (4.3)
      Microsoft.NETCore.Platforms (>= 1.1)
      runtime.native.System.Security.Cryptography.OpenSsl (>= 4.3)
      System.Collections (>= 4.3)
      System.Collections.Concurrent (>= 4.3)
      System.Linq (>= 4.3)
      System.Resources.ResourceManager (>= 4.3)
      System.Runtime (>= 4.3)
      System.Runtime.Extensions (>= 4.3)
      System.Runtime.Handles (>= 4.3)
      System.Runtime.InteropServices (>= 4.3)
      System.Security.Cryptography.Primitives (>= 4.3)
      System.Text.Encoding (>= 4.3)
    System.Security.Cryptography.Pkcs (6.0)
      System.Formats.Asn1 (>= 6.0)
      System.Security.Cryptography.Cng (>= 5.0) - restriction: || (== net5.0) (&& (== net6.0) (< netcoreapp3.1)) (&& (== net6.0) (< netstandard2.1)) (== netcoreapp3.1)
    System.Security.Cryptography.Primitives (4.3)
      System.Diagnostics.Debug (>= 4.3)
      System.Globalization (>= 4.3)
      System.IO (>= 4.3)
      System.Resources.ResourceManager (>= 4.3)
      System.Runtime (>= 4.3)
      System.Threading (>= 4.3)
      System.Threading.Tasks (>= 4.3)
    System.Security.Cryptography.ProtectedData (6.0)
      System.Memory (>= 4.5.4) - restriction: || (== net5.0) (== netcoreapp3.1)
    System.Security.Cryptography.Xml (6.0)
      System.Memory (>= 4.5.4) - restriction: || (== net5.0) (== netcoreapp3.1)
      System.Security.AccessControl (>= 6.0)
      System.Security.Cryptography.Pkcs (>= 6.0)
    System.Security.Permissions (6.0)
      System.Security.AccessControl (>= 6.0)
      System.Windows.Extensions (>= 6.0)
    System.Security.Principal.Windows (5.0) - restriction: || (== net5.0) (== netcoreapp3.1)
    System.Text.Encoding (4.3)
      Microsoft.NETCore.Platforms (>= 1.1)
      Microsoft.NETCore.Targets (>= 1.1)
      System.Runtime (>= 4.3)
    System.Text.Encodings.Web (6.0)
      System.Runtime.CompilerServices.Unsafe (>= 6.0)
    System.Text.Json (6.0.2)
      System.Runtime.CompilerServices.Unsafe (>= 6.0)
      System.Text.Encodings.Web (>= 6.0)
    System.Threading (4.3)
      System.Runtime (>= 4.3)
      System.Threading.Tasks (>= 4.3)
    System.Threading.Tasks (4.3)
      Microsoft.NETCore.Platforms (>= 1.1)
      Microsoft.NETCore.Targets (>= 1.1)
      System.Runtime (>= 4.3)
    System.Threading.Tasks.Extensions (4.5.4)
    System.ValueTuple (4.5)
    System.Windows.Extensions (6.0)
      System.Drawing.Common (>= 6.0)
    Thoth.Json (7.0)
      Fable.Core (>= 3.1.6)
      FSharp.Core (>= 4.7.2)
    Thoth.Json.Net (8.0) - restriction: || (&& (== net5.0) (>= net6.0)) (== net6.0) (&& (== netcoreapp3.1) (>= net6.0))
      Fable.Core (>= 3.0 < 4.0)
      FSharp.Core (>= 4.7.2)
      Newtonsoft.Json (>= 11.0.2)
    Utf8Json (1.3.7) - restriction: || (== net5.0) (== net6.0) (&& (== netcoreapp3.1) (>= net5.0))
      System.Reflection.Emit (>= 4.3)
      System.Reflection.Emit.Lightweight (>= 4.3)
      System.Threading.Tasks.Extensions (>= 4.4)
      System.ValueTuple (>= 4.4)

GROUP Build
STORAGE: NONE
RESTRICTION: == net6.0
NUGET
  remote: https://www.nuget.org/api/v2
    BlackFox.VsWhere (1.1)
      FSharp.Core (>= 4.2.3)
      Microsoft.Win32.Registry (>= 4.7)
    Dap.Build (0.8.1)
      Fake.Core.Process (>= 5.22)
      Fake.Core.ReleaseNotes (>= 5.22)
      Fake.Core.String (>= 5.22)
      Fake.Core.Target (>= 5.22)
      Fake.DotNet.Cli (>= 5.22)
      Fake.DotNet.NuGet (>= 5.22)
      Fake.IO.FileSystem (>= 5.22)
      Fake.IO.Zip (>= 5.22)
      Fake.JavaScript.Yarn (>= 5.22)
      Fake.Net.Http (>= 5.22)
      Fake.Tools.Git (>= 5.22)
      FSharp.Core (>= 6.0.3)
    Dap.Context (0.10)
      Dap.Prelude (>= 0.10)
      Thoth.Json.Net (>= 8.0)
    Dap.Platform (0.10.2)
      Dap.Context (>= 0.10)
      Dap.Platform.Cli (>= 0.10)
      Elmish (>= 3.1)
      NodaTime (>= 3.0.9)
    Dap.Platform.Cli (0.10)
    Dap.Prelude (0.10)
      FSharp.Core (>= 6.0.3)
      Serilog (>= 2.10)
      Serilog.Enrichers.Thread (>= 3.1)
      Serilog.Formatting.Compact (>= 1.1)
      Serilog.Sinks.Console (>= 4.0.1)
      Serilog.Sinks.File (>= 5.0)
      Serilog.Sinks.Seq (>= 5.1.1)
    Dap.Remote (0.10)
      Dap.WebSocket (>= 0.10)
      FSharp.Core (>= 6.0.3)
    Dap.WebSocket (0.10)
      Dap.Platform (>= 0.10)
      FSharp.Core (>= 6.0.3)
    Elmish (3.1)
      FSharp.Core (>= 4.6.2)
    Fable.Core (3.6.2)
    Fake.Core.CommandLineParsing (5.22)
      FParsec (>= 1.1.1)
      FSharp.Core (>= 6.0)
    Fake.Core.Context (5.22)
      FSharp.Core (>= 6.0)
    Fake.Core.Environment (5.22)
      FSharp.Core (>= 6.0)
    Fake.Core.FakeVar (5.22)
      Fake.Core.Context (>= 5.22)
      FSharp.Core (>= 6.0)
    Fake.Core.Process (5.22)
      Fake.Core.Environment (>= 5.22)
      Fake.Core.FakeVar (>= 5.22)
      Fake.Core.String (>= 5.22)
      Fake.Core.Trace (>= 5.22)
      Fake.IO.FileSystem (>= 5.22)
      FSharp.Core (>= 6.0)
      System.Collections.Immutable (>= 5.0)
    Fake.Core.ReleaseNotes (5.22)
      Fake.Core.SemVer (>= 5.22)
      Fake.Core.String (>= 5.22)
      FSharp.Core (>= 6.0)
    Fake.Core.SemVer (5.22)
      FSharp.Core (>= 6.0)
    Fake.Core.String (5.22)
      FSharp.Core (>= 6.0)
    Fake.Core.Target (5.22)
      Fake.Core.CommandLineParsing (>= 5.22)
      Fake.Core.Context (>= 5.22)
      Fake.Core.Environment (>= 5.22)
      Fake.Core.FakeVar (>= 5.22)
      Fake.Core.Process (>= 5.22)
      Fake.Core.String (>= 5.22)
      Fake.Core.Trace (>= 5.22)
      FSharp.Control.Reactive (>= 5.0.2)
      FSharp.Core (>= 6.0)
    Fake.Core.Tasks (5.22)
      Fake.Core.Trace (>= 5.22)
      FSharp.Core (>= 6.0)
    Fake.Core.Trace (5.22)
      Fake.Core.Environment (>= 5.22)
      Fake.Core.FakeVar (>= 5.22)
      FSharp.Core (>= 6.0)
    Fake.Core.Xml (5.22)
      Fake.Core.String (>= 5.22)
      FSharp.Core (>= 6.0)
    Fake.DotNet.Cli (5.22)
      Fake.Core.Environment (>= 5.22)
      Fake.Core.Process (>= 5.22)
      Fake.Core.String (>= 5.22)
      Fake.Core.Trace (>= 5.22)
      Fake.DotNet.MSBuild (>= 5.22)
      Fake.DotNet.NuGet (>= 5.22)
      Fake.IO.FileSystem (>= 5.22)
      FSharp.Core (>= 6.0)
      Mono.Posix.NETStandard (>= 1.0)
      Newtonsoft.Json (>= 13.0.1)
    Fake.DotNet.MSBuild (5.22)
      BlackFox.VsWhere (>= 1.1)
      Fake.Core.Environment (>= 5.22)
      Fake.Core.Process (>= 5.22)
      Fake.Core.String (>= 5.22)
      Fake.Core.Trace (>= 5.22)
      Fake.IO.FileSystem (>= 5.22)
      FSharp.Core (>= 6.0)
      MSBuild.StructuredLogger (>= 2.1.545)
    Fake.DotNet.NuGet (5.22)
      Fake.Core.Environment (>= 5.22)
      Fake.Core.Process (>= 5.22)
      Fake.Core.SemVer (>= 5.22)
      Fake.Core.String (>= 5.22)
      Fake.Core.Tasks (>= 5.22)
      Fake.Core.Trace (>= 5.22)
      Fake.Core.Xml (>= 5.22)
      Fake.IO.FileSystem (>= 5.22)
      Fake.Net.Http (>= 5.22)
      FSharp.Core (>= 6.0)
      Newtonsoft.Json (>= 13.0.1)
      NuGet.Protocol (>= 5.11)
    Fake.IO.FileSystem (5.22)
      Fake.Core.String (>= 5.22)
      FSharp.Core (>= 6.0)
    Fake.IO.Zip (5.22)
      Fake.Core.String (>= 5.22)
      Fake.IO.FileSystem (>= 5.22)
      FSharp.Core (>= 6.0)
    Fake.JavaScript.Yarn (5.22)
      Fake.Core.Environment (>= 5.22)
      Fake.Core.Process (>= 5.22)
      FSharp.Core (>= 6.0)
    Fake.Net.Http (5.22)
      Fake.Core.Trace (>= 5.22)
      FSharp.Core (>= 6.0)
    Fake.Tools.Git (5.22)
      Fake.Core.Environment (>= 5.22)
      Fake.Core.Process (>= 5.22)
      Fake.Core.SemVer (>= 5.22)
      Fake.Core.String (>= 5.22)
      Fake.Core.Trace (>= 5.22)
      Fake.IO.FileSystem (>= 5.22)
      FSharp.Core (>= 6.0)
    FParsec (1.1.1)
      FSharp.Core (>= 4.3.4)
    FSharp.Control.Reactive (5.0.2)
      FSharp.Core (>= 4.7.2)
      System.Reactive (>= 5.0)
    FSharp.Core (6.0.3)
    Microsoft.Build (17.1)
      Microsoft.Build.Framework (>= 17.1)
      Microsoft.NET.StringTools (>= 1.0)
      Microsoft.Win32.Registry (>= 4.3)
      System.Collections.Immutable (>= 5.0)
      System.Configuration.ConfigurationManager (>= 4.7)
      System.Reflection.Metadata (>= 1.6)
      System.Security.Principal.Windows (>= 4.7)
      System.Text.Encoding.CodePages (>= 4.0.1)
      System.Text.Json (>= 6.0)
      System.Threading.Tasks.Dataflow (>= 6.0)
    Microsoft.Build.Framework (17.1)
      Microsoft.Win32.Registry (>= 4.3)
      System.Security.Permissions (>= 4.7)
    Microsoft.Build.Tasks.Core (17.1)
      Microsoft.Build.Framework (>= 17.1)
      Microsoft.Build.Utilities.Core (>= 17.1)
      Microsoft.NET.StringTools (>= 1.0)
      Microsoft.Win32.Registry (>= 4.3)
      System.CodeDom (>= 4.4)
      System.Collections.Immutable (>= 5.0)
      System.Reflection.Metadata (>= 1.6)
      System.Resources.Extensions (>= 4.6)
      System.Security.Cryptography.Pkcs (>= 4.7)
      System.Security.Cryptography.Xml (>= 4.7)
      System.Security.Permissions (>= 4.7)
      System.Threading.Tasks.Dataflow (>= 6.0)
    Microsoft.Build.Utilities.Core (17.1)
      Microsoft.Build.Framework (>= 17.1)
      Microsoft.NET.StringTools (>= 1.0)
      Microsoft.Win32.Registry (>= 4.3)
      System.Collections.Immutable (>= 5.0)
      System.Configuration.ConfigurationManager (>= 4.7)
      System.Security.Permissions (>= 4.7)
      System.Text.Encoding.CodePages (>= 4.0.1)
    Microsoft.NET.StringTools (1.0)
      System.Memory (>= 4.5.4)
      System.Runtime.CompilerServices.Unsafe (>= 5.0)
    Microsoft.Win32.Registry (5.0)
      System.Security.AccessControl (>= 5.0)
      System.Security.Principal.Windows (>= 5.0)
    Microsoft.Win32.SystemEvents (6.0)
    Mono.Posix.NETStandard (1.0)
    MSBuild.StructuredLogger (2.1.630)
      Microsoft.Build (>= 16.10)
      Microsoft.Build.Framework (>= 16.10)
      Microsoft.Build.Tasks.Core (>= 16.10)
      Microsoft.Build.Utilities.Core (>= 16.10)
    Newtonsoft.Json (13.0.1)
    NodaTime (3.0.9)
      System.Runtime.CompilerServices.Unsafe (>= 4.7.1)
    NuGet.Common (6.1)
      NuGet.Frameworks (>= 6.1)
    NuGet.Configuration (6.1)
      NuGet.Common (>= 6.1)
      System.Security.Cryptography.ProtectedData (>= 4.4)
    NuGet.Frameworks (6.1)
    NuGet.Packaging (6.1)
      Newtonsoft.Json (>= 13.0.1)
      NuGet.Configuration (>= 6.1)
      NuGet.Versioning (>= 6.1)
      System.Security.Cryptography.Cng (>= 5.0)
      System.Security.Cryptography.Pkcs (>= 5.0)
    NuGet.Protocol (6.1)
      NuGet.Packaging (>= 6.1)
    NuGet.Versioning (6.1)
    Serilog (2.10)
    Serilog.Enrichers.Thread (3.1)
      Serilog (>= 2.3)
    Serilog.Formatting.Compact (1.1)
      Serilog (>= 2.8)
    Serilog.Sinks.Console (4.0.1)
      Serilog (>= 2.10)
    Serilog.Sinks.File (5.0)
      Serilog (>= 2.10)
    Serilog.Sinks.PeriodicBatching (2.3.1)
      Serilog (>= 2.0)
    Serilog.Sinks.Seq (5.1.1)
      Serilog (>= 2.10)
      Serilog.Formatting.Compact (>= 1.1)
      Serilog.Sinks.File (>= 4.0)
      Serilog.Sinks.PeriodicBatching (>= 2.3)
    System.CodeDom (6.0)
    System.Collections.Immutable (6.0)
      System.Runtime.CompilerServices.Unsafe (>= 6.0)
    System.Configuration.ConfigurationManager (6.0)
      System.Security.Cryptography.ProtectedData (>= 6.0)
      System.Security.Permissions (>= 6.0)
    System.Drawing.Common (6.0)
      Microsoft.Win32.SystemEvents (>= 6.0)
    System.Formats.Asn1 (6.0)
    System.Memory (4.5.4)
    System.Reactive (5.0)
    System.Reflection.Metadata (6.0.1)
      System.Collections.Immutable (>= 6.0)
    System.Resources.Extensions (6.0)
    System.Runtime.CompilerServices.Unsafe (6.0)
    System.Security.AccessControl (6.0)
    System.Security.Cryptography.Cng (5.0)
      System.Formats.Asn1 (>= 5.0)
    System.Security.Cryptography.Pkcs (6.0)
      System.Formats.Asn1 (>= 6.0)
    System.Security.Cryptography.ProtectedData (6.0)
    System.Security.Cryptography.Xml (6.0)
      System.Security.AccessControl (>= 6.0)
      System.Security.Cryptography.Pkcs (>= 6.0)
    System.Security.Permissions (6.0)
      System.Security.AccessControl (>= 6.0)
      System.Windows.Extensions (>= 6.0)
    System.Security.Principal.Windows (5.0)
    System.Text.Encoding.CodePages (6.0)
      System.Runtime.CompilerServices.Unsafe (>= 6.0)
    System.Text.Encodings.Web (6.0)
      System.Runtime.CompilerServices.Unsafe (>= 6.0)
    System.Text.Json (6.0.2)
      System.Runtime.CompilerServices.Unsafe (>= 6.0)
      System.Text.Encodings.Web (>= 6.0)
    System.Threading.Tasks.Dataflow (6.0)
    System.Windows.Extensions (6.0)
      System.Drawing.Common (>= 6.0)
    Thoth.Json.Net (8.0)
      Fable.Core (>= 3.0 < 4.0)
      FSharp.Core (>= 4.7.2)
      Newtonsoft.Json (>= 11.0.2)
