STORAGE: NONE
RESTRICTION: || (== net5.0) (== net7.0)
NUGET
  remote: https://www.nuget.org/api/v2
    Argu (6.1.1)
      FSharp.Core (>= 4.3.2)
      System.Configuration.ConfigurationManager (>= 4.4)
    AWSSDK.Core (3.7.100.20)
    AWSSDK.S3 (3.7.101.20)
      AWSSDK.Core (>= 3.7.100.20 < 4.0)
    BlackFox.VsWhere (1.1) - restriction: || (&& (== net5.0) (>= net7.0)) (== net7.0)
      FSharp.Core (>= 4.2.3)
      Microsoft.Win32.Registry (>= 4.7)
    Dap.Build (0.9)
      Fake.Core.Process (>= 5.23.1) - restriction: || (&& (== net5.0) (>= net7.0)) (== net7.0)
      Fake.Core.ReleaseNotes (>= 5.23.1) - restriction: || (&& (== net5.0) (>= net7.0)) (== net7.0)
      Fake.Core.String (>= 5.23.1) - restriction: || (&& (== net5.0) (>= net7.0)) (== net7.0)
      Fake.Core.Target (>= 5.23.1) - restriction: || (&& (== net5.0) (>= net7.0)) (== net7.0)
      Fake.DotNet.Cli (>= 5.23.1) - restriction: || (&& (== net5.0) (>= net7.0)) (== net7.0)
      Fake.DotNet.NuGet (>= 5.23.1) - restriction: || (&& (== net5.0) (>= net7.0)) (== net7.0)
      Fake.IO.FileSystem (>= 5.23.1) - restriction: || (&& (== net5.0) (>= net7.0)) (== net7.0)
      Fake.IO.Zip (>= 5.23.1) - restriction: || (&& (== net5.0) (>= net7.0)) (== net7.0)
      Fake.JavaScript.Yarn (>= 5.23.1) - restriction: || (&& (== net5.0) (>= net7.0)) (== net7.0)
      Fake.Net.Http (>= 5.23.1) - restriction: || (&& (== net5.0) (>= net7.0)) (== net7.0)
      Fake.Tools.Git (>= 5.23.1) - restriction: || (&& (== net5.0) (>= net7.0)) (== net7.0)
      FSharp.Core (>= 7.0) - restriction: || (&& (== net5.0) (>= net7.0)) (== net7.0)
    Dap.Context (0.11)
      Dap.Prelude (>= 0.11) - restriction: || (&& (== net5.0) (>= net7.0)) (== net7.0)
      Thoth.Json.Net (>= 9.0) - restriction: || (&& (== net5.0) (>= net7.0)) (== net7.0)
    Dap.Platform (0.11)
      Dap.Context (>= 0.11) - restriction: || (&& (== net5.0) (>= net7.0)) (== net7.0)
      Dap.Platform.Cli (>= 0.11) - restriction: || (&& (== net5.0) (>= net7.0)) (== net7.0)
      Elmish (>= 3.1) - restriction: || (&& (== net5.0) (>= net7.0)) (== net7.0)
      NodaTime (>= 3.1.5) - restriction: || (&& (== net5.0) (>= net7.0)) (== net7.0)
    Dap.Platform.Cli (0.11) - restriction: || (&& (== net5.0) (>= net7.0)) (== net7.0)
    Dap.Prelude (0.11)
      FSharp.Core (>= 7.0) - restriction: || (&& (== net5.0) (>= net7.0)) (== net7.0)
      Serilog (>= 2.12) - restriction: || (&& (== net5.0) (>= net7.0)) (== net7.0)
      Serilog.Enrichers.Thread (>= 3.1) - restriction: || (&& (== net5.0) (>= net7.0)) (== net7.0)
      Serilog.Formatting.Compact (>= 1.1) - restriction: || (&& (== net5.0) (>= net7.0)) (== net7.0)
      Serilog.Sinks.Console (>= 4.1) - restriction: || (&& (== net5.0) (>= net7.0)) (== net7.0)
      Serilog.Sinks.File (>= 5.0) - restriction: || (&& (== net5.0) (>= net7.0)) (== net7.0)
      Serilog.Sinks.Seq (>= 5.2.2) - restriction: || (&& (== net5.0) (>= net7.0)) (== net7.0)
    Dap.Remote (0.11)
      Dap.WebSocket (>= 0.11) - restriction: || (&& (== net5.0) (>= net7.0)) (== net7.0)
      FSharp.Core (>= 7.0) - restriction: || (&& (== net5.0) (>= net7.0)) (== net7.0)
    Dap.WebSocket (0.11)
      Dap.Platform (>= 0.11) - restriction: || (&& (== net5.0) (>= net7.0)) (== net7.0)
      FSharp.Core (>= 7.0) - restriction: || (&& (== net5.0) (>= net7.0)) (== net7.0)
    Elmish (3.1) - restriction: || (&& (== net5.0) (>= net7.0)) (== net7.0)
      FSharp.Core (>= 4.6.2)
    Fable.Browser.Blob (1.2) - restriction: || (&& (== net5.0) (>= net7.0)) (== net7.0)
      Fable.Core (>= 3.0)
      FSharp.Core (>= 4.7.2)
    Fable.Browser.Dom (2.10.1)
      Fable.Browser.Blob (>= 1.2)
      Fable.Browser.Event (>= 1.5)
      Fable.Browser.WebStorage (>= 1.1)
      Fable.Core (>= 3.2.8)
      FSharp.Core (>= 4.7.2)
    Fable.Browser.Event (1.5) - restriction: || (&& (== net5.0) (>= net7.0)) (== net7.0)
      Fable.Browser.Gamepad (>= 1.1)
      Fable.Core (>= 3.0)
      FSharp.Core (>= 4.7.2)
    Fable.Browser.Gamepad (1.1) - restriction: || (&& (== net5.0) (>= net7.0)) (== net7.0)
      Fable.Core (>= 3.0)
      FSharp.Core (>= 4.7.2)
    Fable.Browser.Url (1.1) - restriction: || (&& (== net5.0) (>= net7.0)) (== net7.0)
      Fable.Core (>= 3.0)
      FSharp.Core (>= 4.7.2)
    Fable.Browser.WebSocket (1.2) - restriction: || (&& (== net5.0) (>= net7.0)) (== net7.0)
      Fable.Browser.Event (>= 1.5)
      Fable.Core (>= 3.0)
      FSharp.Core (>= 4.7.2)
    Fable.Browser.WebStorage (1.1) - restriction: || (&& (== net5.0) (>= net7.0)) (== net7.0)
      Fable.Browser.Event (>= 1.5)
      Fable.Core (>= 3.0)
      FSharp.Core (>= 4.7.2)
    Fable.Core (3.7.1)
    Fable.Dap.Context (0.11)
      Fable.Dap.Prelude (>= 0.11) - restriction: || (&& (== net5.0) (>= net7.0)) (== net7.0)
      Thoth.Json (>= 8.0) - restriction: || (&& (== net5.0) (>= net7.0)) (== net7.0)
    Fable.Dap.Platform (0.11)
      Fable.Browser.Url (>= 1.1) - restriction: || (&& (== net5.0) (>= net7.0)) (== net7.0)
      Fable.Dap.Context (>= 0.11) - restriction: || (&& (== net5.0) (>= net7.0)) (== net7.0)
      Fable.Elmish (>= 3.1) - restriction: || (&& (== net5.0) (>= net7.0)) (== net7.0)
      Fable.Promise (>= 3.2) - restriction: || (&& (== net5.0) (>= net7.0)) (== net7.0)
    Fable.Dap.Prelude (0.11)
      Fable.Browser.Dom (>= 2.10.1) - restriction: || (&& (== net5.0) (>= net7.0)) (== net7.0)
      Fable.Core (>= 3.7.1) - restriction: || (&& (== net5.0) (>= net7.0)) (== net7.0)
    Fable.Dap.Remote (0.11)
      Fable.Dap.WebSocket (>= 0.11) - restriction: || (&& (== net5.0) (>= net7.0)) (== net7.0)
      FSharp.Core (>= 7.0) - restriction: || (&& (== net5.0) (>= net7.0)) (== net7.0)
    Fable.Dap.WebSocket (0.11)
      Fable.Browser.WebSocket (>= 1.2) - restriction: || (&& (== net5.0) (>= net7.0)) (== net7.0)
      Fable.Dap.Platform (>= 0.11) - restriction: || (&& (== net5.0) (>= net7.0)) (== net7.0)
    Fable.Elmish (3.1)
      Fable.Core (>= 3.0)
      FSharp.Core (>= 4.6.2)
    Fable.Elmish.Browser (3.0.5)
      Fable.Browser.Dom (>= 1.0)
      Fable.Core (>= 3.0)
      Fable.Elmish (>= 3.0)
      FSharp.Core (>= 4.6.2)
    Fable.Elmish.Debugger (3.3)
      Fable.Core (>= 3.2.8)
      Fable.Elmish (>= 3.0)
      FSharp.Core (>= 4.7.2)
      Thoth.Json (>= 6.0)
    Fable.Elmish.HMR (5.2)
      Fable.Core (>= 3.0)
      Fable.Elmish.Browser (>= 3.0.4)
      Fable.Elmish.React (>= 3.0.1)
      FSharp.Core (>= 4.7.2)
    Fable.Elmish.React (3.0.1)
      Fable.Core (>= 3.0)
      Fable.Elmish (>= 3.0)
      Fable.React (>= 5.1)
      FSharp.Core (>= 4.6.2)
    Fable.FontAwesome (2.0)
      Fable.Core (>= 3.0)
      Fable.React (>= 5.1)
    Fable.FontAwesome.Free (2.1)
      Fable.Core (>= 3.0)
      Fable.FontAwesome (>= 2.0)
      Fable.React (>= 5.1)
    Fable.JsonConverter (1.0.8)
      FSharp.Core (>= 4.2.3)
      Newtonsoft.Json (>= 11.0.1)
    Fable.Promise (3.2) - restriction: || (&& (== net5.0) (>= net7.0)) (== net7.0)
      Fable.Core (>= 3.7.1)
      FSharp.Core (>= 4.7.2)
    Fable.React (9.1)
      Fable.React.Types (>= 18.1)
      Fable.ReactDom.Types (>= 18.0)
      FSharp.Core (>= 4.7.2)
    Fable.React.Types (18.1)
      Fable.Browser.Dom (>= 2.4.4)
      Fable.Core (>= 3.2.7)
      FSharp.Core (>= 4.7.2)
    Fable.ReactDom.Types (18.0)
      Fable.React.Types (>= 18.1)
      FSharp.Core (>= 4.7.2)
    Fake.Core.CommandLineParsing (5.23.1) - restriction: || (&& (== net5.0) (>= net7.0)) (== net7.0)
      FParsec (>= 1.1.1)
      FSharp.Core (>= 6.0)
    Fake.Core.Context (5.23.1) - restriction: || (&& (== net5.0) (>= net7.0)) (== net7.0)
      FSharp.Core (>= 6.0)
    Fake.Core.Environment (5.23.1) - restriction: || (&& (== net5.0) (>= net7.0)) (== net7.0)
      FSharp.Core (>= 6.0)
    Fake.Core.FakeVar (5.23.1) - restriction: || (&& (== net5.0) (>= net7.0)) (== net7.0)
      Fake.Core.Context (>= 5.23.1)
      FSharp.Core (>= 6.0)
    Fake.Core.Process (5.23.1) - restriction: || (&& (== net5.0) (>= net7.0)) (== net7.0)
      Fake.Core.Environment (>= 5.23.1)
      Fake.Core.FakeVar (>= 5.23.1)
      Fake.Core.String (>= 5.23.1)
      Fake.Core.Trace (>= 5.23.1)
      Fake.IO.FileSystem (>= 5.23.1)
      FSharp.Core (>= 6.0)
      System.Collections.Immutable (>= 5.0)
    Fake.Core.ReleaseNotes (5.23.1) - restriction: || (&& (== net5.0) (>= net7.0)) (== net7.0)
      Fake.Core.SemVer (>= 5.23.1)
      Fake.Core.String (>= 5.23.1)
      FSharp.Core (>= 6.0)
    Fake.Core.SemVer (5.23.1) - restriction: || (&& (== net5.0) (>= net7.0)) (== net7.0)
      FSharp.Core (>= 6.0)
    Fake.Core.String (5.23.1) - restriction: || (&& (== net5.0) (>= net7.0)) (== net7.0)
      FSharp.Core (>= 6.0)
    Fake.Core.Target (5.23.1) - restriction: || (&& (== net5.0) (>= net7.0)) (== net7.0)
      Fake.Core.CommandLineParsing (>= 5.23.1)
      Fake.Core.Context (>= 5.23.1)
      Fake.Core.Environment (>= 5.23.1)
      Fake.Core.FakeVar (>= 5.23.1)
      Fake.Core.Process (>= 5.23.1)
      Fake.Core.String (>= 5.23.1)
      Fake.Core.Trace (>= 5.23.1)
      FSharp.Control.Reactive (>= 5.0.2)
      FSharp.Core (>= 6.0)
    Fake.Core.Tasks (5.23.1) - restriction: || (&& (== net5.0) (>= net7.0)) (== net7.0)
      Fake.Core.Trace (>= 5.23.1)
      FSharp.Core (>= 6.0)
    Fake.Core.Trace (5.23.1) - restriction: || (&& (== net5.0) (>= net7.0)) (== net7.0)
      Fake.Core.Environment (>= 5.23.1)
      Fake.Core.FakeVar (>= 5.23.1)
      FSharp.Core (>= 6.0)
    Fake.Core.Xml (5.23.1) - restriction: || (&& (== net5.0) (>= net7.0)) (== net7.0)
      Fake.Core.String (>= 5.23.1)
      FSharp.Core (>= 6.0)
    Fake.DotNet.Cli (5.23.1) - restriction: || (&& (== net5.0) (>= net7.0)) (== net7.0)
      Fake.Core.Environment (>= 5.23.1)
      Fake.Core.Process (>= 5.23.1)
      Fake.Core.String (>= 5.23.1)
      Fake.Core.Trace (>= 5.23.1)
      Fake.DotNet.MSBuild (>= 5.23.1)
      Fake.DotNet.NuGet (>= 5.23.1)
      Fake.IO.FileSystem (>= 5.23.1)
      FSharp.Core (>= 6.0)
      Mono.Posix.NETStandard (>= 1.0)
      Newtonsoft.Json (>= 13.0.1)
    Fake.DotNet.MSBuild (5.23.1) - restriction: || (&& (== net5.0) (>= net7.0)) (== net7.0)
      BlackFox.VsWhere (>= 1.1)
      Fake.Core.Environment (>= 5.23.1)
      Fake.Core.Process (>= 5.23.1)
      Fake.Core.String (>= 5.23.1)
      Fake.Core.Trace (>= 5.23.1)
      Fake.IO.FileSystem (>= 5.23.1)
      FSharp.Core (>= 6.0)
      MSBuild.StructuredLogger (>= 2.1.545)
    Fake.DotNet.NuGet (5.23.1) - restriction: || (&& (== net5.0) (>= net7.0)) (== net7.0)
      Fake.Core.Environment (>= 5.23.1)
      Fake.Core.Process (>= 5.23.1)
      Fake.Core.SemVer (>= 5.23.1)
      Fake.Core.String (>= 5.23.1)
      Fake.Core.Tasks (>= 5.23.1)
      Fake.Core.Trace (>= 5.23.1)
      Fake.Core.Xml (>= 5.23.1)
      Fake.IO.FileSystem (>= 5.23.1)
      Fake.Net.Http (>= 5.23.1)
      FSharp.Core (>= 6.0)
      Newtonsoft.Json (>= 13.0.1)
      NuGet.Protocol (>= 5.11)
    Fake.IO.FileSystem (5.23.1) - restriction: || (&& (== net5.0) (>= net7.0)) (== net7.0)
      Fake.Core.String (>= 5.23.1)
      FSharp.Core (>= 6.0)
    Fake.IO.Zip (5.23.1) - restriction: || (&& (== net5.0) (>= net7.0)) (== net7.0)
      Fake.Core.String (>= 5.23.1)
      Fake.IO.FileSystem (>= 5.23.1)
      FSharp.Core (>= 6.0)
    Fake.JavaScript.Yarn (5.23.1) - restriction: || (&& (== net5.0) (>= net7.0)) (== net7.0)
      Fake.Core.Environment (>= 5.23.1)
      Fake.Core.Process (>= 5.23.1)
      FSharp.Core (>= 6.0)
    Fake.Net.Http (5.23.1) - restriction: || (&& (== net5.0) (>= net7.0)) (== net7.0)
      Fake.Core.Trace (>= 5.23.1)
      FSharp.Core (>= 6.0)
    Fake.Tools.Git (5.23.1) - restriction: || (&& (== net5.0) (>= net7.0)) (== net7.0)
      Fake.Core.Environment (>= 5.23.1)
      Fake.Core.Process (>= 5.23.1)
      Fake.Core.SemVer (>= 5.23.1)
      Fake.Core.String (>= 5.23.1)
      Fake.Core.Trace (>= 5.23.1)
      Fake.IO.FileSystem (>= 5.23.1)
      FSharp.Core (>= 6.0)
    FParsec (1.1.1) - restriction: || (&& (== net5.0) (>= net7.0)) (== net7.0)
      FSharp.Core (>= 4.3.4)
    FSharp.Control.AsyncSeq (3.2.1)
      FSharp.Core (>= 4.7.2)
      Microsoft.Bcl.AsyncInterfaces (>= 5.0)
    FSharp.Control.Reactive (5.0.5) - restriction: || (&& (== net5.0) (>= net7.0)) (== net7.0)
      FSharp.Core (>= 4.7.2)
      System.Reactive (>= 5.0 < 6.0)
    FSharp.Core (7.0)
    FSharp.Data (5.0.2)
      FSharp.Core (>= 5.0.1)
    FSharp.Data.TypeProviders (6.0.1)
    Fulma (2.16)
      Fable.Core (>= 3.2.6)
      Fable.React (>= 7.4)
    Giraffe (6.0)
      FSharp.Core (>= 6.0.1) - restriction: || (&& (== net5.0) (>= net6.0)) (== net7.0)
      Giraffe.ViewEngine (>= 1.3) - restriction: || (&& (== net5.0) (>= net6.0)) (== net7.0)
      Microsoft.IO.RecyclableMemoryStream (>= 2.2) - restriction: || (&& (== net5.0) (>= net6.0)) (== net7.0)
      Newtonsoft.Json (>= 13.0.1) - restriction: || (&& (== net5.0) (>= net6.0)) (== net7.0)
      System.Text.Json (>= 6.0.2) - restriction: || (&& (== net5.0) (>= net6.0)) (== net7.0)
      Utf8Json (>= 1.3.7) - restriction: || (&& (== net5.0) (>= net6.0)) (== net7.0)
    Giraffe.ViewEngine (1.4) - restriction: || (&& (== net5.0) (>= net6.0)) (== net7.0)
      FSharp.Core (>= 5.0)
    jose-jwt (4.0.1)
      System.Security.Cryptography.Algorithms (>= 4.3.1)
      System.Security.Cryptography.Cng (>= 4.7)
      System.Text.Json (>= 5.0.2)
    Microsoft.AspNetCore.Authentication (2.2)
      Microsoft.AspNetCore.Authentication.Core (>= 2.2)
      Microsoft.AspNetCore.DataProtection (>= 2.2)
      Microsoft.AspNetCore.Http (>= 2.2)
      Microsoft.AspNetCore.Http.Extensions (>= 2.2)
      Microsoft.Extensions.Logging.Abstractions (>= 2.2)
      Microsoft.Extensions.Options (>= 2.2)
      Microsoft.Extensions.WebEncoders (>= 2.2)
    Microsoft.AspNetCore.Authentication.Abstractions (2.2)
      Microsoft.AspNetCore.Http.Abstractions (>= 2.2)
      Microsoft.Extensions.Logging.Abstractions (>= 2.2)
      Microsoft.Extensions.Options (>= 2.2)
    Microsoft.AspNetCore.Authentication.Cookies (2.2)
      Microsoft.AspNetCore.Authentication (>= 2.2)
    Microsoft.AspNetCore.Authentication.Core (2.2)
      Microsoft.AspNetCore.Authentication.Abstractions (>= 2.2)
      Microsoft.AspNetCore.Http (>= 2.2)
      Microsoft.AspNetCore.Http.Extensions (>= 2.2)
    Microsoft.AspNetCore.Authentication.OpenIdConnect (7.0)
      Microsoft.IdentityModel.Protocols.OpenIdConnect (>= 6.15.1) - restriction: || (&& (== net5.0) (>= net7.0)) (== net7.0)
    Microsoft.AspNetCore.Connections.Abstractions (7.0)
      Microsoft.Extensions.Features (>= 7.0)
      System.IO.Pipelines (>= 7.0)
    Microsoft.AspNetCore.Cors (2.2)
      Microsoft.AspNetCore.Http.Extensions (>= 2.2)
      Microsoft.Extensions.Configuration.Abstractions (>= 2.2)
      Microsoft.Extensions.DependencyInjection.Abstractions (>= 2.2)
      Microsoft.Extensions.Logging.Abstractions (>= 2.2)
      Microsoft.Extensions.Options (>= 2.2)
    Microsoft.AspNetCore.Cryptography.Internal (7.0)
    Microsoft.AspNetCore.DataProtection (7.0)
      Microsoft.AspNetCore.Cryptography.Internal (>= 7.0)
      Microsoft.AspNetCore.DataProtection.Abstractions (>= 7.0)
      Microsoft.Extensions.DependencyInjection.Abstractions (>= 7.0)
      Microsoft.Extensions.Hosting.Abstractions (>= 7.0)
      Microsoft.Extensions.Logging.Abstractions (>= 7.0)
      Microsoft.Extensions.Options (>= 7.0)
      Microsoft.Win32.Registry (>= 5.0) - restriction: || (== net5.0) (&& (== net7.0) (>= net462))
      System.Security.Cryptography.Xml (>= 7.0)
      System.Security.Principal.Windows (>= 5.0) - restriction: == net5.0
    Microsoft.AspNetCore.DataProtection.Abstractions (7.0)
    Microsoft.AspNetCore.Diagnostics (2.2)
      Microsoft.AspNetCore.Diagnostics.Abstractions (>= 2.2)
      Microsoft.AspNetCore.Hosting.Abstractions (>= 2.2)
      Microsoft.AspNetCore.Http.Extensions (>= 2.2)
      Microsoft.AspNetCore.WebUtilities (>= 2.2)
      Microsoft.Extensions.FileProviders.Physical (>= 2.2)
      Microsoft.Extensions.Logging.Abstractions (>= 2.2)
      Microsoft.Extensions.Options (>= 2.2)
      System.Diagnostics.DiagnosticSource (>= 4.5)
      System.Reflection.Metadata (>= 1.6)
    Microsoft.AspNetCore.Diagnostics.Abstractions (2.2)
    Microsoft.AspNetCore.Diagnostics.Elm (0.2.2)
      Microsoft.AspNetCore.Http.Abstractions (>= 1.1.2)
      Microsoft.Extensions.Logging.Abstractions (>= 1.1.2)
      Microsoft.Extensions.Options (>= 1.1.2)
      NETStandard.Library (>= 1.6.1)
    Microsoft.AspNetCore.Hosting (2.2.7)
      Microsoft.AspNetCore.Hosting.Abstractions (>= 2.2)
      Microsoft.AspNetCore.Http (>= 2.2)
      Microsoft.AspNetCore.Http.Extensions (>= 2.2)
      Microsoft.Extensions.Configuration (>= 2.2)
      Microsoft.Extensions.Configuration.EnvironmentVariables (>= 2.2.4)
      Microsoft.Extensions.Configuration.FileExtensions (>= 2.2)
      Microsoft.Extensions.DependencyInjection (>= 2.2)
      Microsoft.Extensions.FileProviders.Physical (>= 2.2)
      Microsoft.Extensions.Hosting.Abstractions (>= 2.2)
      Microsoft.Extensions.Logging (>= 2.2)
      Microsoft.Extensions.Options (>= 2.2)
      System.Diagnostics.DiagnosticSource (>= 4.5.1)
      System.Reflection.Metadata (>= 1.6)
    Microsoft.AspNetCore.Hosting.Abstractions (2.2)
      Microsoft.AspNetCore.Hosting.Server.Abstractions (>= 2.2)
      Microsoft.AspNetCore.Http.Abstractions (>= 2.2)
      Microsoft.Extensions.Hosting.Abstractions (>= 2.2)
    Microsoft.AspNetCore.Hosting.Server.Abstractions (2.2)
      Microsoft.AspNetCore.Http.Features (>= 2.2)
      Microsoft.Extensions.Configuration.Abstractions (>= 2.2)
    Microsoft.AspNetCore.Http (2.2.2)
      Microsoft.AspNetCore.Http.Abstractions (>= 2.2)
      Microsoft.AspNetCore.WebUtilities (>= 2.2)
      Microsoft.Extensions.ObjectPool (>= 2.2)
      Microsoft.Extensions.Options (>= 2.2)
      Microsoft.Net.Http.Headers (>= 2.2)
    Microsoft.AspNetCore.Http.Abstractions (2.2)
      Microsoft.AspNetCore.Http.Features (>= 2.2)
      System.Text.Encodings.Web (>= 4.5)
    Microsoft.AspNetCore.Http.Extensions (2.2)
      Microsoft.AspNetCore.Http.Abstractions (>= 2.2)
      Microsoft.Extensions.FileProviders.Abstractions (>= 2.2)
      Microsoft.Net.Http.Headers (>= 2.2)
      System.Buffers (>= 4.5)
    Microsoft.AspNetCore.Http.Features (5.0.17)
      Microsoft.Extensions.Primitives (>= 5.0.1)
      System.IO.Pipelines (>= 5.0.2)
    Microsoft.AspNetCore.Server.Kestrel (2.2)
      Microsoft.AspNetCore.Hosting (>= 2.2)
      Microsoft.AspNetCore.Server.Kestrel.Core (>= 2.2)
      Microsoft.AspNetCore.Server.Kestrel.Https (>= 2.2)
      Microsoft.AspNetCore.Server.Kestrel.Transport.Sockets (>= 2.2)
    Microsoft.AspNetCore.Server.Kestrel.Core (2.2)
      Microsoft.AspNetCore.Hosting.Abstractions (>= 2.2)
      Microsoft.AspNetCore.Http (>= 2.2)
      Microsoft.AspNetCore.Server.Kestrel.Transport.Abstractions (>= 2.2)
      Microsoft.AspNetCore.WebUtilities (>= 2.2)
      Microsoft.Extensions.Configuration.Binder (>= 2.2)
      Microsoft.Extensions.Logging.Abstractions (>= 2.2)
      Microsoft.Extensions.Options (>= 2.2)
      Microsoft.Net.Http.Headers (>= 2.2)
      System.Memory (>= 4.5.1)
      System.Numerics.Vectors (>= 4.5)
      System.Runtime.CompilerServices.Unsafe (>= 4.5.1)
      System.Security.Cryptography.Cng (>= 4.5)
      System.Threading.Tasks.Extensions (>= 4.5.1)
    Microsoft.AspNetCore.Server.Kestrel.Https (2.2)
      Microsoft.AspNetCore.Http.Abstractions (>= 2.2)
      Microsoft.AspNetCore.Server.Kestrel.Core (>= 2.2)
    Microsoft.AspNetCore.Server.Kestrel.Transport.Abstractions (2.2)
      Microsoft.AspNetCore.Connections.Abstractions (>= 2.2)
    Microsoft.AspNetCore.Server.Kestrel.Transport.Sockets (2.2.1)
      Microsoft.AspNetCore.Hosting.Abstractions (>= 2.2)
      Microsoft.AspNetCore.Server.Kestrel.Transport.Abstractions (>= 2.2)
      Microsoft.Extensions.Options (>= 2.2)
    Microsoft.AspNetCore.StaticFiles (2.2)
      Microsoft.AspNetCore.Hosting.Abstractions (>= 2.2)
      Microsoft.AspNetCore.Http.Extensions (>= 2.2)
      Microsoft.Extensions.FileProviders.Abstractions (>= 2.2)
      Microsoft.Extensions.Logging.Abstractions (>= 2.2)
      Microsoft.Extensions.WebEncoders (>= 2.2)
    Microsoft.AspNetCore.WebSockets (2.2.1)
      Microsoft.AspNetCore.Http.Extensions (>= 2.2)
      Microsoft.Extensions.Logging.Abstractions (>= 2.2)
      Microsoft.Extensions.Options (>= 2.2)
      System.Net.WebSockets.WebSocketProtocol (>= 4.5.3)
    Microsoft.AspNetCore.WebUtilities (2.2)
      Microsoft.Net.Http.Headers (>= 2.2)
      System.Text.Encodings.Web (>= 4.5)
    Microsoft.Bcl.AsyncInterfaces (7.0)
    Microsoft.Build (17.4) - restriction: || (&& (== net5.0) (>= net7.0)) (== net7.0)
      Microsoft.Build.Framework (>= 17.4) - restriction: || (&& (== net5.0) (>= net472)) (&& (== net5.0) (>= net7.0)) (== net7.0)
      Microsoft.NET.StringTools (>= 17.4) - restriction: || (&& (== net5.0) (>= net472)) (&& (== net5.0) (>= net7.0)) (== net7.0)
      System.Collections.Immutable (>= 6.0) - restriction: || (&& (== net5.0) (>= net472)) (&& (== net5.0) (>= net7.0)) (== net7.0)
      System.Configuration.ConfigurationManager (>= 6.0) - restriction: || (&& (== net5.0) (>= net472)) (&& (== net5.0) (>= net7.0)) (== net7.0)
      System.Reflection.Metadata (>= 6.0) - restriction: || (&& (== net5.0) (>= net7.0)) (== net7.0)
      System.Reflection.MetadataLoadContext (>= 6.0) - restriction: || (&& (== net5.0) (>= net472)) (&& (== net5.0) (>= net7.0)) (== net7.0)
      System.Security.Principal.Windows (>= 5.0) - restriction: || (&& (== net5.0) (>= net7.0)) (== net7.0)
      System.Text.Encoding.CodePages (>= 6.0) - restriction: || (&& (== net5.0) (>= net7.0)) (== net7.0)
      System.Text.Json (>= 6.0) - restriction: || (&& (== net5.0) (>= net472)) (&& (== net5.0) (>= net7.0)) (== net7.0)
      System.Threading.Tasks.Dataflow (>= 6.0) - restriction: || (&& (== net5.0) (>= net472)) (&& (== net5.0) (>= net7.0)) (== net7.0)
    Microsoft.Build.Framework (17.4) - restriction: || (&& (== net5.0) (>= net7.0)) (== net7.0)
      System.Security.Permissions (>= 6.0)
    Microsoft.Build.Tasks.Core (17.4) - restriction: || (&& (== net5.0) (>= net7.0)) (== net7.0)
      Microsoft.Build.Framework (>= 17.4)
      Microsoft.Build.Utilities.Core (>= 17.4)
      Microsoft.NET.StringTools (>= 17.4)
      System.CodeDom (>= 6.0)
      System.Collections.Immutable (>= 6.0)
      System.Reflection.Metadata (>= 6.0)
      System.Resources.Extensions (>= 6.0)
      System.Security.Cryptography.Pkcs (>= 6.0.1)
      System.Security.Cryptography.Xml (>= 6.0)
      System.Security.Permissions (>= 6.0)
      System.Threading.Tasks.Dataflow (>= 6.0)
    Microsoft.Build.Tasks.Git (1.1.1)
    Microsoft.Build.Utilities.Core (17.4) - restriction: || (&& (== net5.0) (>= net7.0)) (== net7.0)
      Microsoft.Build.Framework (>= 17.4)
      Microsoft.NET.StringTools (>= 17.4)
      System.Collections.Immutable (>= 6.0)
      System.Configuration.ConfigurationManager (>= 6.0)
    Microsoft.CSharp (4.7) - restriction: || (&& (== net5.0) (>= net7.0)) (== net7.0)
    Microsoft.Extensions.Configuration (7.0)
      Microsoft.Extensions.Configuration.Abstractions (>= 7.0)
      Microsoft.Extensions.Primitives (>= 7.0)
    Microsoft.Extensions.Configuration.Abstractions (7.0)
      Microsoft.Extensions.Primitives (>= 7.0)
    Microsoft.Extensions.Configuration.Binder (7.0)
      Microsoft.Extensions.Configuration.Abstractions (>= 7.0)
    Microsoft.Extensions.Configuration.EnvironmentVariables (7.0)
      Microsoft.Extensions.Configuration (>= 7.0)
      Microsoft.Extensions.Configuration.Abstractions (>= 7.0)
    Microsoft.Extensions.Configuration.FileExtensions (7.0)
      Microsoft.Extensions.Configuration (>= 7.0)
      Microsoft.Extensions.Configuration.Abstractions (>= 7.0)
      Microsoft.Extensions.FileProviders.Abstractions (>= 7.0)
      Microsoft.Extensions.FileProviders.Physical (>= 7.0)
      Microsoft.Extensions.Primitives (>= 7.0)
    Microsoft.Extensions.DependencyInjection (7.0)
      Microsoft.Extensions.DependencyInjection.Abstractions (>= 7.0)
    Microsoft.Extensions.DependencyInjection.Abstractions (7.0)
    Microsoft.Extensions.Features (7.0)
    Microsoft.Extensions.FileProviders.Abstractions (7.0)
      Microsoft.Extensions.Primitives (>= 7.0)
    Microsoft.Extensions.FileProviders.Physical (7.0)
      Microsoft.Extensions.FileProviders.Abstractions (>= 7.0)
      Microsoft.Extensions.FileSystemGlobbing (>= 7.0)
      Microsoft.Extensions.Primitives (>= 7.0)
    Microsoft.Extensions.FileSystemGlobbing (7.0)
    Microsoft.Extensions.Hosting.Abstractions (7.0)
      Microsoft.Extensions.Configuration.Abstractions (>= 7.0)
      Microsoft.Extensions.DependencyInjection.Abstractions (>= 7.0)
      Microsoft.Extensions.FileProviders.Abstractions (>= 7.0)
    Microsoft.Extensions.Logging (7.0)
      Microsoft.Extensions.DependencyInjection (>= 7.0)
      Microsoft.Extensions.DependencyInjection.Abstractions (>= 7.0)
      Microsoft.Extensions.Logging.Abstractions (>= 7.0)
      Microsoft.Extensions.Options (>= 7.0)
      System.Diagnostics.DiagnosticSource (>= 7.0) - restriction: || (== net5.0) (&& (== net7.0) (>= net462)) (&& (== net7.0) (< net6.0)) (&& (== net7.0) (< netstandard2.1))
    Microsoft.Extensions.Logging.Abstractions (7.0)
      System.Buffers (>= 4.5.1) - restriction: || (== net5.0) (&& (== net7.0) (>= net462)) (&& (== net7.0) (< net6.0))
      System.Memory (>= 4.5.5) - restriction: || (== net5.0) (&& (== net7.0) (>= net462)) (&& (== net7.0) (< net6.0))
    Microsoft.Extensions.ObjectPool (7.0)
    Microsoft.Extensions.Options (7.0)
      Microsoft.Extensions.DependencyInjection.Abstractions (>= 7.0)
      Microsoft.Extensions.Primitives (>= 7.0)
    Microsoft.Extensions.Primitives (7.0)
      System.Memory (>= 4.5.5) - restriction: || (== net5.0) (&& (== net7.0) (>= net462)) (&& (== net7.0) (< net6.0))
      System.Runtime.CompilerServices.Unsafe (>= 6.0) - restriction: || (== net5.0) (&& (== net7.0) (>= net462)) (&& (== net7.0) (< net6.0))
    Microsoft.Extensions.WebEncoders (7.0)
      Microsoft.Extensions.DependencyInjection.Abstractions (>= 7.0)
      Microsoft.Extensions.Options (>= 7.0)
      System.Text.Encodings.Web (>= 7.0) - restriction: || (== net5.0) (&& (== net7.0) (>= net462))
    Microsoft.IdentityModel.Abstractions (6.25) - restriction: || (&& (== net5.0) (>= net7.0)) (== net7.0)
    Microsoft.IdentityModel.JsonWebTokens (6.25) - restriction: || (&& (== net5.0) (>= net7.0)) (== net7.0)
      Microsoft.IdentityModel.Tokens (>= 6.25)
      System.Text.Encoding (>= 4.3)
      System.Text.Json (>= 4.7.2)
    Microsoft.IdentityModel.Logging (6.25) - restriction: || (&& (== net5.0) (>= net7.0)) (== net7.0)
      Microsoft.IdentityModel.Abstractions (>= 6.25)
    Microsoft.IdentityModel.Protocols (6.25) - restriction: || (&& (== net5.0) (>= net7.0)) (== net7.0)
      Microsoft.IdentityModel.Logging (>= 6.25)
      Microsoft.IdentityModel.Tokens (>= 6.25)
    Microsoft.IdentityModel.Protocols.OpenIdConnect (6.25) - restriction: || (&& (== net5.0) (>= net7.0)) (== net7.0)
      Microsoft.IdentityModel.Protocols (>= 6.25)
      System.IdentityModel.Tokens.Jwt (>= 6.25)
    Microsoft.IdentityModel.Tokens (6.25) - restriction: || (&& (== net5.0) (>= net7.0)) (== net7.0)
      Microsoft.CSharp (>= 4.5)
      Microsoft.IdentityModel.Logging (>= 6.25)
      System.Security.Cryptography.Cng (>= 4.5)
    Microsoft.IO.RecyclableMemoryStream (2.2.1) - restriction: || (&& (== net5.0) (>= net6.0)) (== net7.0)
    Microsoft.Net.Http.Headers (2.2.8)
      Microsoft.Extensions.Primitives (>= 2.2)
      System.Buffers (>= 4.5)
    Microsoft.NET.StringTools (17.4) - restriction: || (&& (== net5.0) (>= net7.0)) (== net7.0)
      System.Memory (>= 4.5.5)
      System.Runtime.CompilerServices.Unsafe (>= 6.0)
    Microsoft.NETCore.Platforms (7.0)
    Microsoft.NETCore.Targets (5.0)
    Microsoft.SourceLink.Common (1.1.1)
    Microsoft.SourceLink.GitHub (1.1.1)
      Microsoft.Build.Tasks.Git (>= 1.1.1)
      Microsoft.SourceLink.Common (>= 1.1.1)
    Microsoft.Win32.Registry (5.0)
      System.Security.AccessControl (>= 5.0)
      System.Security.Principal.Windows (>= 5.0)
    Microsoft.Win32.SystemEvents (7.0) - restriction: || (&& (== net5.0) (>= net6.0)) (== net7.0)
    Mono.Posix.NETStandard (1.0) - restriction: || (&& (== net5.0) (>= net7.0)) (== net7.0)
    MSBuild.StructuredLogger (2.1.669) - restriction: || (&& (== net5.0) (>= net7.0)) (== net7.0)
      Microsoft.Build (>= 16.10)
      Microsoft.Build.Framework (>= 16.10)
      Microsoft.Build.Tasks.Core (>= 16.10)
      Microsoft.Build.Utilities.Core (>= 16.10)
    NETStandard.Library (2.0.3)
      Microsoft.NETCore.Platforms (>= 1.1)
    Newtonsoft.Json (13.0.1)
    NodaTime (3.1.5) - restriction: || (&& (== net5.0) (>= net7.0)) (== net7.0)
      System.Runtime.CompilerServices.Unsafe (>= 4.7.1)
    NuGet.Common (6.4) - restriction: || (&& (== net5.0) (>= net7.0)) (== net7.0)
      NuGet.Frameworks (>= 6.4)
    NuGet.Configuration (6.4) - restriction: || (&& (== net5.0) (>= net7.0)) (== net7.0)
      NuGet.Common (>= 6.4)
      System.Security.Cryptography.ProtectedData (>= 4.4)
    NuGet.Frameworks (6.4) - restriction: || (&& (== net5.0) (>= net7.0)) (== net7.0)
    NuGet.Packaging (6.4) - restriction: || (&& (== net5.0) (>= net7.0)) (== net7.0)
      Newtonsoft.Json (>= 13.0.1)
      NuGet.Configuration (>= 6.4)
      NuGet.Versioning (>= 6.4)
      System.Security.Cryptography.Cng (>= 5.0)
      System.Security.Cryptography.Pkcs (>= 5.0)
    NuGet.Protocol (6.4) - restriction: || (&& (== net5.0) (>= net7.0)) (== net7.0)
      NuGet.Packaging (>= 6.4)
    NuGet.Versioning (6.4) - restriction: || (&& (== net5.0) (>= net7.0)) (== net7.0)
    runtime.debian.8-x64.runtime.native.System.Security.Cryptography.OpenSsl (4.3.3)
    runtime.debian.9-x64.runtime.native.System.Security.Cryptography.OpenSsl (4.3.3)
    runtime.fedora.23-x64.runtime.native.System.Security.Cryptography.OpenSsl (4.3.3)
    runtime.fedora.24-x64.runtime.native.System.Security.Cryptography.OpenSsl (4.3.3)
    runtime.fedora.27-x64.runtime.native.System.Security.Cryptography.OpenSsl (4.3.3)
    runtime.fedora.28-x64.runtime.native.System.Security.Cryptography.OpenSsl (4.3.3)
    runtime.native.System.Security.Cryptography.Apple (4.3.1)
      runtime.osx.10.10-x64.runtime.native.System.Security.Cryptography.Apple (>= 4.3.1)
    runtime.native.System.Security.Cryptography.OpenSsl (4.3.3)
      runtime.debian.8-x64.runtime.native.System.Security.Cryptography.OpenSsl (>= 4.3.3)
      runtime.debian.9-x64.runtime.native.System.Security.Cryptography.OpenSsl (>= 4.3.3)
      runtime.fedora.23-x64.runtime.native.System.Security.Cryptography.OpenSsl (>= 4.3.3)
      runtime.fedora.24-x64.runtime.native.System.Security.Cryptography.OpenSsl (>= 4.3.3)
      runtime.fedora.27-x64.runtime.native.System.Security.Cryptography.OpenSsl (>= 4.3.3)
      runtime.fedora.28-x64.runtime.native.System.Security.Cryptography.OpenSsl (>= 4.3.3)
      runtime.opensuse.13.2-x64.runtime.native.System.Security.Cryptography.OpenSsl (>= 4.3.3)
      runtime.opensuse.42.1-x64.runtime.native.System.Security.Cryptography.OpenSsl (>= 4.3.3)
      runtime.opensuse.42.3-x64.runtime.native.System.Security.Cryptography.OpenSsl (>= 4.3.3)
      runtime.osx.10.10-x64.runtime.native.System.Security.Cryptography.OpenSsl (>= 4.3.3)
      runtime.rhel.7-x64.runtime.native.System.Security.Cryptography.OpenSsl (>= 4.3.3)
      runtime.ubuntu.14.04-x64.runtime.native.System.Security.Cryptography.OpenSsl (>= 4.3.3)
      runtime.ubuntu.16.04-x64.runtime.native.System.Security.Cryptography.OpenSsl (>= 4.3.3)
      runtime.ubuntu.16.10-x64.runtime.native.System.Security.Cryptography.OpenSsl (>= 4.3.3)
      runtime.ubuntu.18.04-x64.runtime.native.System.Security.Cryptography.OpenSsl (>= 4.3.3)
    runtime.opensuse.13.2-x64.runtime.native.System.Security.Cryptography.OpenSsl (4.3.3)
    runtime.opensuse.42.1-x64.runtime.native.System.Security.Cryptography.OpenSsl (4.3.3)
    runtime.opensuse.42.3-x64.runtime.native.System.Security.Cryptography.OpenSsl (4.3.3)
    runtime.osx.10.10-x64.runtime.native.System.Security.Cryptography.Apple (4.3.1)
    runtime.osx.10.10-x64.runtime.native.System.Security.Cryptography.OpenSsl (4.3.3)
    runtime.rhel.7-x64.runtime.native.System.Security.Cryptography.OpenSsl (4.3.3)
    runtime.ubuntu.14.04-x64.runtime.native.System.Security.Cryptography.OpenSsl (4.3.3)
    runtime.ubuntu.16.04-x64.runtime.native.System.Security.Cryptography.OpenSsl (4.3.3)
    runtime.ubuntu.16.10-x64.runtime.native.System.Security.Cryptography.OpenSsl (4.3.3)
    runtime.ubuntu.18.04-x64.runtime.native.System.Security.Cryptography.OpenSsl (4.3.3)
    Serilog (2.12) - restriction: || (&& (== net5.0) (>= net7.0)) (== net7.0)
    Serilog.Enrichers.Thread (3.1) - restriction: || (&& (== net5.0) (>= net7.0)) (== net7.0)
      Serilog (>= 2.3)
    Serilog.Formatting.Compact (1.1) - restriction: || (&& (== net5.0) (>= net7.0)) (== net7.0)
      Serilog (>= 2.8)
    Serilog.Sinks.Console (4.1) - restriction: || (&& (== net5.0) (>= net7.0)) (== net7.0)
      Serilog (>= 2.10)
    Serilog.Sinks.File (5.0) - restriction: || (&& (== net5.0) (>= net7.0)) (== net7.0)
      Serilog (>= 2.10)
    Serilog.Sinks.PeriodicBatching (3.1) - restriction: || (&& (== net5.0) (>= net7.0)) (== net7.0)
      Serilog (>= 2.0)
    Serilog.Sinks.Seq (5.2.2) - restriction: || (&& (== net5.0) (>= net7.0)) (== net7.0)
      Serilog (>= 2.12)
      Serilog.Formatting.Compact (>= 1.1)
      Serilog.Sinks.File (>= 5.0)
      Serilog.Sinks.PeriodicBatching (>= 3.1)
    System.Buffers (4.5.1)
    System.CodeDom (7.0) - restriction: || (&& (== net5.0) (>= net7.0)) (== net7.0)
    System.Collections (4.3)
      Microsoft.NETCore.Platforms (>= 1.1)
      Microsoft.NETCore.Targets (>= 1.1)
      System.Runtime (>= 4.3)
    System.Collections.Concurrent (4.3)
      System.Collections (>= 4.3)
      System.Diagnostics.Debug (>= 4.3)
      System.Diagnostics.Tracing (>= 4.3)
      System.Globalization (>= 4.3)
      System.Reflection (>= 4.3)
      System.Resources.ResourceManager (>= 4.3)
      System.Runtime (>= 4.3)
      System.Runtime.Extensions (>= 4.3)
      System.Threading (>= 4.3)
      System.Threading.Tasks (>= 4.3)
    System.Collections.Immutable (7.0)
      System.Memory (>= 4.5.5) - restriction: || (== net5.0) (&& (== net7.0) (>= net462)) (&& (== net7.0) (< net6.0))
      System.Runtime.CompilerServices.Unsafe (>= 6.0) - restriction: || (== net5.0) (&& (== net7.0) (>= net462)) (&& (== net7.0) (< net6.0))
    System.Configuration.ConfigurationManager (7.0)
      System.Diagnostics.EventLog (>= 7.0) - restriction: || (&& (== net5.0) (>= net7.0)) (== net7.0)
      System.Security.Cryptography.ProtectedData (>= 7.0)
      System.Security.Permissions (>= 7.0)
    System.Diagnostics.Debug (4.3)
      Microsoft.NETCore.Platforms (>= 1.1)
      Microsoft.NETCore.Targets (>= 1.1)
      System.Runtime (>= 4.3)
    System.Diagnostics.DiagnosticSource (7.0)
      System.Memory (>= 4.5.5) - restriction: || (== net5.0) (&& (== net7.0) (>= net462)) (&& (== net7.0) (< net6.0))
      System.Runtime.CompilerServices.Unsafe (>= 6.0) - restriction: || (== net5.0) (&& (== net7.0) (>= net462)) (&& (== net7.0) (< net6.0))
    System.Diagnostics.EventLog (7.0) - restriction: || (&& (== net5.0) (>= net7.0)) (== net7.0)
    System.Diagnostics.Tracing (4.3)
      Microsoft.NETCore.Platforms (>= 1.1)
      Microsoft.NETCore.Targets (>= 1.1)
      System.Runtime (>= 4.3)
    System.Drawing.Common (7.0) - restriction: || (&& (== net5.0) (>= net6.0)) (== net7.0)
      Microsoft.Win32.SystemEvents (>= 7.0) - restriction: || (&& (== net5.0) (>= net6.0)) (== net7.0)
    System.Formats.Asn1 (7.0)
      System.Buffers (>= 4.5.1) - restriction: || (== net5.0) (&& (== net7.0) (>= net462)) (&& (== net7.0) (< net6.0))
      System.Memory (>= 4.5.5) - restriction: || (== net5.0) (&& (== net7.0) (>= net462)) (&& (== net7.0) (< net6.0))
    System.Globalization (4.3)
      Microsoft.NETCore.Platforms (>= 1.1)
      Microsoft.NETCore.Targets (>= 1.1)
      System.Runtime (>= 4.3)
    System.IdentityModel.Tokens.Jwt (6.25) - restriction: || (&& (== net5.0) (>= net7.0)) (== net7.0)
      Microsoft.IdentityModel.JsonWebTokens (>= 6.25)
      Microsoft.IdentityModel.Tokens (>= 6.25)
    System.IO (4.3)
      Microsoft.NETCore.Platforms (>= 1.1)
      Microsoft.NETCore.Targets (>= 1.1)
      System.Runtime (>= 4.3)
      System.Text.Encoding (>= 4.3)
      System.Threading.Tasks (>= 4.3)
    System.IO.Pipelines (7.0)
      System.Buffers (>= 4.5.1) - restriction: || (== net5.0) (&& (== net7.0) (>= net462)) (&& (== net7.0) (< net6.0))
      System.Memory (>= 4.5.5) - restriction: || (== net5.0) (&& (== net7.0) (>= net462)) (&& (== net7.0) (< net6.0))
      System.Threading.Tasks.Extensions (>= 4.5.4) - restriction: || (== net5.0) (&& (== net7.0) (>= net462)) (&& (== net7.0) (< net6.0))
    System.Linq (4.3)
      System.Collections (>= 4.3)
      System.Diagnostics.Debug (>= 4.3)
      System.Resources.ResourceManager (>= 4.3)
      System.Runtime (>= 4.3)
      System.Runtime.Extensions (>= 4.3)
    System.Memory (4.5.5)
    System.Net.WebSockets.WebSocketProtocol (5.0)
    System.Numerics.Vectors (4.5)
    System.Reactive (5.0) - restriction: || (&& (== net5.0) (>= net7.0)) (== net7.0)
    System.Reflection (4.3)
      Microsoft.NETCore.Platforms (>= 1.1)
      Microsoft.NETCore.Targets (>= 1.1)
      System.IO (>= 4.3)
      System.Reflection.Primitives (>= 4.3)
      System.Runtime (>= 4.3)
    System.Reflection.Emit (4.7) - restriction: || (&& (== net5.0) (>= net6.0)) (== net7.0)
    System.Reflection.Emit.Lightweight (4.7) - restriction: || (&& (== net5.0) (>= net6.0)) (== net7.0)
    System.Reflection.Metadata (7.0)
      System.Collections.Immutable (>= 7.0)
      System.Memory (>= 4.5.5) - restriction: || (== net5.0) (&& (== net7.0) (>= net462)) (&& (== net7.0) (< net6.0))
    System.Reflection.MetadataLoadContext (7.0) - restriction: || (&& (== net5.0) (>= net7.0)) (== net7.0)
      System.Collections.Immutable (>= 7.0)
      System.Reflection.Metadata (>= 7.0)
    System.Reflection.Primitives (4.3)
      Microsoft.NETCore.Platforms (>= 1.1)
      Microsoft.NETCore.Targets (>= 1.1)
      System.Runtime (>= 4.3)
    System.Resources.Extensions (7.0) - restriction: || (&& (== net5.0) (>= net7.0)) (== net7.0)
    System.Resources.ResourceManager (4.3)
      Microsoft.NETCore.Platforms (>= 1.1)
      Microsoft.NETCore.Targets (>= 1.1)
      System.Globalization (>= 4.3)
      System.Reflection (>= 4.3)
      System.Runtime (>= 4.3)
    System.Runtime (4.3.1)
      Microsoft.NETCore.Platforms (>= 1.1.1)
      Microsoft.NETCore.Targets (>= 1.1.3)
    System.Runtime.CompilerServices.Unsafe (6.0)
    System.Runtime.Extensions (4.3.1)
      Microsoft.NETCore.Platforms (>= 1.1.1)
      Microsoft.NETCore.Targets (>= 1.1.3)
      System.Runtime (>= 4.3.1)
    System.Runtime.Handles (4.3)
      Microsoft.NETCore.Platforms (>= 1.1)
      Microsoft.NETCore.Targets (>= 1.1)
      System.Runtime (>= 4.3)
    System.Runtime.InteropServices (4.3)
      Microsoft.NETCore.Platforms (>= 1.1)
      Microsoft.NETCore.Targets (>= 1.1)
      System.Reflection (>= 4.3)
      System.Reflection.Primitives (>= 4.3)
      System.Runtime (>= 4.3)
      System.Runtime.Handles (>= 4.3)
    System.Runtime.Numerics (4.3)
      System.Globalization (>= 4.3)
      System.Resources.ResourceManager (>= 4.3)
      System.Runtime (>= 4.3)
      System.Runtime.Extensions (>= 4.3)
    System.Security.AccessControl (6.0) - restriction: || (== net5.0) (&& (== net7.0) (>= net462)) (&& (== net7.0) (< net6.0))
      System.Security.Principal.Windows (>= 5.0) - restriction: || (== net5.0) (&& (== net7.0) (>= net461)) (&& (== net7.0) (< net6.0))
    System.Security.Cryptography.Algorithms (4.3.1)
      Microsoft.NETCore.Platforms (>= 1.1)
      runtime.native.System.Security.Cryptography.Apple (>= 4.3.1)
      runtime.native.System.Security.Cryptography.OpenSsl (>= 4.3.2)
      System.Collections (>= 4.3)
      System.IO (>= 4.3)
      System.Resources.ResourceManager (>= 4.3)
      System.Runtime (>= 4.3)
      System.Runtime.Extensions (>= 4.3)
      System.Runtime.Handles (>= 4.3)
      System.Runtime.InteropServices (>= 4.3)
      System.Runtime.Numerics (>= 4.3)
      System.Security.Cryptography.Encoding (>= 4.3)
      System.Security.Cryptography.Primitives (>= 4.3)
      System.Text.Encoding (>= 4.3)
    System.Security.Cryptography.Cng (5.0)
      System.Formats.Asn1 (>= 5.0)
    System.Security.Cryptography.Encoding (4.3)
      Microsoft.NETCore.Platforms (>= 1.1)
      runtime.native.System.Security.Cryptography.OpenSsl (>= 4.3)
      System.Collections (>= 4.3)
      System.Collections.Concurrent (>= 4.3)
      System.Linq (>= 4.3)
      System.Resources.ResourceManager (>= 4.3)
      System.Runtime (>= 4.3)
      System.Runtime.Extensions (>= 4.3)
      System.Runtime.Handles (>= 4.3)
      System.Runtime.InteropServices (>= 4.3)
      System.Security.Cryptography.Primitives (>= 4.3)
      System.Text.Encoding (>= 4.3)
    System.Security.Cryptography.Pkcs (7.0)
      System.Formats.Asn1 (>= 7.0)
      System.Security.Cryptography.Cng (>= 5.0) - restriction: || (== net5.0) (&& (== net7.0) (< net6.0)) (&& (== net7.0) (< netstandard2.1))
    System.Security.Cryptography.Primitives (4.3)
      System.Diagnostics.Debug (>= 4.3)
      System.Globalization (>= 4.3)
      System.IO (>= 4.3)
      System.Resources.ResourceManager (>= 4.3)
      System.Runtime (>= 4.3)
      System.Threading (>= 4.3)
      System.Threading.Tasks (>= 4.3)
    System.Security.Cryptography.ProtectedData (7.0)
    System.Security.Cryptography.Xml (7.0)
      System.Memory (>= 4.5.5) - restriction: || (== net5.0) (&& (== net7.0) (< net6.0))
      System.Security.AccessControl (>= 6.0) - restriction: || (== net5.0) (&& (== net7.0) (< net6.0))
      System.Security.Cryptography.Pkcs (>= 7.0)
    System.Security.Permissions (7.0)
      System.Security.AccessControl (>= 6.0) - restriction: || (== net5.0) (&& (== net7.0) (>= net462)) (&& (== net7.0) (< net6.0))
      System.Windows.Extensions (>= 7.0) - restriction: || (&& (== net5.0) (>= net6.0)) (== net7.0)
    System.Security.Principal.Windows (5.0)
    System.Text.Encoding (4.3)
      Microsoft.NETCore.Platforms (>= 1.1)
      Microsoft.NETCore.Targets (>= 1.1)
      System.Runtime (>= 4.3)
    System.Text.Encoding.CodePages (7.0) - restriction: || (&& (== net5.0) (>= net7.0)) (== net7.0)
    System.Text.Encodings.Web (7.0)
      System.Buffers (>= 4.5.1) - restriction: || (== net5.0) (&& (== net7.0) (>= net462)) (&& (== net7.0) (< net6.0))
      System.Memory (>= 4.5.5) - restriction: || (== net5.0) (&& (== net7.0) (>= net462)) (&& (== net7.0) (< net6.0))
      System.Runtime.CompilerServices.Unsafe (>= 6.0) - restriction: || (== net5.0) (&& (== net7.0) (>= net462)) (&& (== net7.0) (< net6.0))
    System.Text.Json (7.0)
      System.Text.Encodings.Web (>= 7.0)
    System.Threading (4.3)
      System.Runtime (>= 4.3)
      System.Threading.Tasks (>= 4.3)
    System.Threading.Tasks (4.3)
      Microsoft.NETCore.Platforms (>= 1.1)
      Microsoft.NETCore.Targets (>= 1.1)
      System.Runtime (>= 4.3)
    System.Threading.Tasks.Dataflow (7.0) - restriction: || (&& (== net5.0) (>= net7.0)) (== net7.0)
    System.Threading.Tasks.Extensions (4.5.4)
    System.ValueTuple (4.5) - restriction: || (&& (== net5.0) (>= net6.0)) (== net7.0)
    System.Windows.Extensions (7.0) - restriction: || (&& (== net5.0) (>= net6.0)) (== net7.0)
      System.Drawing.Common (>= 7.0) - restriction: || (&& (== net5.0) (>= net6.0)) (== net7.0)
    Thoth.Json (8.0)
      Fable.Core (>= 3.1.6)
      FSharp.Core (>= 4.7.2)
    Thoth.Json.Net (9.0) - restriction: || (&& (== net5.0) (>= net7.0)) (== net7.0)
      Fable.Core (>= 3.1.6 < 4.0)
      FSharp.Core (>= 4.7.2)
      Newtonsoft.Json (>= 11.0.2)
    Utf8Json (1.3.7) - restriction: || (&& (== net5.0) (>= net6.0)) (== net7.0)
      System.Reflection.Emit (>= 4.3)
      System.Reflection.Emit.Lightweight (>= 4.3)
      System.Threading.Tasks.Extensions (>= 4.4)
      System.ValueTuple (>= 4.4)
